##TITLE=Parameter List, ParaVision 6.0.1
##JCAMPDX=4.24
##DATATYPE=Parameter Values
##ORIGIN=Bruker BioSpin MRI GmbH
##OWNER=gilnavon
$$ 2018-09-06 14:46:22.576 +0200  gilnavon@CZC7238NT5
$$ /opt/PV6.0.1/data/gilnavon/20180906_113137_EW_Cup_Treat_07_3NN_EW_Cup_Treat_07_3NN_1_1/15/acqp
$$ process /opt/PV6.0.1/prog/mod/acq_out
##$PULPROG=( 32 )
<MSME.ppg>
##$GRDPROG=( 16 )
<>
##$ACQ_experiment_mode=ParallelExperiment
##$ACQ_ReceiverSelect=( 4 )
Yes Yes Yes Yes
##$ACQ_PexSelect=0
##$ACQ_load_shim_set_list=No
$$ @vis= PULPROG GRDPROG ACQ_experiment_mode ACQ_ReceiverSelect
##$ACQ_user_filter=No
##$ACQ_DS_enabled=Yes
##$ACQ_switch_pll_enabled=No
$$ @vis= ACQ_load_shim_set_list ACQ_user_filter ACQ_DS_enabled
##$ACQ_preload=0
##$ACQ_branch_preload=( 10, 2 )
1000000 1000000 1000000 1000000 1000000 1000000 1000000 1000000 1000000 
1000000 1000000 1000000 1000000 1000000 1000000 1000000 1000000 1000000 500 
500
##$ACQ_jobs_size=0
##$ACQ_jobs=( 1 )
(0, 1, 0, 1, 64, 100, 0, 0)
##$ACQ_dim=2
$$ @vis= ACQ_switch_pll_enabled ACQ_preload ACQ_branch_preload ACQ_jobs_size
##$ACQ_dim_desc=( 2 )
Spatial Spatial
##$ACQ_size=( 2 )
256 128
##$ACQ_ns_list_size=50
##$ACQ_ns_list=( 50 )
1 1 1 1 1 1 1 1 1 1 1 1 1 1 1 1 1 1 1 1 1 1 1 1 1 1 1 1 1 1 1 1 1 1 1 1 1 1 1 
1 1 1 1 1 1 1 1 1 1 1
##$ACQ_phase_factor=1
$$ @vis= ACQ_dim ACQ_dim_desc ACQ_size ACQ_ns_list_size ACQ_ns_list
##$ACQ_scan_size=One_scan
##$NI=800
##$NA=1
##$NAE=1
##$NR=1
##$DS=2
##$D=( 64 )
1e-05 0.00012 0.000285197506083492 0.000141 0 0.000270309372667064 
0.000204888133416428 0 2.5e-05 0.000705 1e-05 0.000285197506083492 0 0 0 0 0 
0 0 0 0 0 0 0 0 0 0 0 0 0 0 0 0 0 0 0 0 0 0 0 0 0 0 0 0 0 0 0 0 0 0 0 0 0 0 0 
0 0 0 0 0 0 0 0
##$P=( 64 )
2700 1710 0 0 0 0 0 0 0 0 0 0 0 0 0 0 0 0 0 0 0 0 0 0 0 0 0 0 0 0 0 0 0 0 0 0 
0 0 0 0 0 0 0 0 0 0 0 0 0 0 0 0 0 0 0 0 0 0 0 0 0 0 0 0
##$PLW=( 64 )
0 0 0 0 0 0 0 0 0 0 0 0 0 0 0 0 0 0 0 0 0 0 0 0 0 0 0 0 0 0 0 0 0 0 0 0 0 0 0 
0 0 0 0 0 0 0 0 0 0 0 0 0 0 0 0 0 0 0 0 0 0 0 0 0
##$SPPEX=( 64 )
0 0 0 0 0 0 0 0 0 0 0 0 0 0 0 0 0 0 0 0 0 0 0 0 0 0 0 0 0 0 0 0 0 0 0 0 0 0 0 
0 0 0 0 0 0 0 0 0 0 0 0 0 0 0 0 0 0 0 0 0 0 0 0 0
##$ACQ_RfShapes=( 64 )
(<hermite.exc>, 9.14346345103182, 0, 0.5, 0, 100 100 100 100 100 100 100 100, 
0 0 0 0 0 0 0 0) (<hermite.rfc>, 91.1813529742785, 0, 0, 0, 100 100 100 100 
100 100 100 100, 0 0 0 0 0 0 0 0) (<>, 0, 0, 0.5, 0, 0 0 0 0 0 0 0 0, 0 0 0 0 
0 0 0 0) (<>, 0, 0, 0.5, 0, 0 0 0 0 0 0 0 0, 0 0 0 0 0 0 0 0) (<>, 0, 0, 0.5, 
0, 0 0 0 0 0 0 0 0, 0 0 0 0 0 0 0 0) (<>, 0, 0, 0.5, 0, 0 0 0 0 0 0 0 0, 0 0 
0 0 0 0 0 0) (<>, 0, 0, 0.5, 0, 0 0 0 0 0 0 0 0, 0 0 0 0 0 0 0 0) (<>, 0, 0, 
0.5, 0, 0 0 0 0 0 0 0 0, 0 0 0 0 0 0 0 0) (<>, 0, 0, 0.5, 0, 0 0 0 0 0 0 0 0, 
0 0 0 0 0 0 0 0) (<>, 0, 0, 0.5, 0, 0 0 0 0 0 0 0 0, 0 0 0 0 0 0 0 0) (<>, 0, 
0, 0.5, 0, 0 0 0 0 0 0 0 0, 0 0 0 0 0 0 0 0) (<>, 0, 0, 0.5, 0, 0 0 0 0 0 0 0 
0, 0 0 0 0 0 0 0 0) (<>, 0, 0, 0.5, 0, 0 0 0 0 0 0 0 0, 0 0 0 0 0 0 0 0) (<>, 
0, 0, 0.5, 0, 0 0 0 0 0 0 0 0, 0 0 0 0 0 0 0 0) (<>, 0, 0, 0.5, 0, 0 0 0 0 0 
0 0 0, 0 0 0 0 0 0 0 0) (<>, 0, 0, 0.5, 0, 0 0 0 0 0 0 0 0, 0 0 0 0 0 0 0 0) 
(<>, 0, 0, 0.5, 0, 0 0 0 0 0 0 0 0, 0 0 0 0 0 0 0 0) (<>, 0, 0, 0.5, 0, 0 0 0 
0 0 0 0 0, 0 0 0 0 0 0 0 0) (<>, 0, 0, 0.5, 0, 0 0 0 0 0 0 0 0, 0 0 0 0 0 0 0 
0) (<>, 0, 0, 0.5, 0, 0 0 0 0 0 0 0 0, 0 0 0 0 0 0 0 0) (<>, 0, 0, 0.5, 0, 0 
0 0 0 0 0 0 0, 0 0 0 0 0 0 0 0) (<>, 0, 0, 0.5, 0, 0 0 0 0 0 0 0 0, 0 0 0 0 0 
0 0 0) (<>, 0, 0, 0.5, 0, 0 0 0 0 0 0 0 0, 0 0 0 0 0 0 0 0) (<>, 0, 0, 0.5, 0,
 0 0 0 0 0 0 0 0, 0 0 0 0 0 0 0 0) (<>, 0, 0, 0.5, 0, 0 0 0 0 0 0 0 0, 0 0 0 
0 0 0 0 0) (<>, 0, 0, 0.5, 0, 0 0 0 0 0 0 0 0, 0 0 0 0 0 0 0 0) (<>, 0, 0, 
0.5, 0, 0 0 0 0 0 0 0 0, 0 0 0 0 0 0 0 0) (<>, 0, 0, 0.5, 0, 0 0 0 0 0 0 0 0, 
0 0 0 0 0 0 0 0) (<>, 0, 0, 0.5, 0, 0 0 0 0 0 0 0 0, 0 0 0 0 0 0 0 0) (<>, 0, 
0, 0.5, 0, 0 0 0 0 0 0 0 0, 0 0 0 0 0 0 0 0) (<>, 0, 0, 0.5, 0, 0 0 0 0 0 0 0 
0, 0 0 0 0 0 0 0 0) (<>, 0, 0, 0.5, 0, 0 0 0 0 0 0 0 0, 0 0 0 0 0 0 0 0) (<>, 
0, 0, 0.5, 0, 0 0 0 0 0 0 0 0, 0 0 0 0 0 0 0 0) (<>, 0, 0, 0.5, 0, 0 0 0 0 0 
0 0 0, 0 0 0 0 0 0 0 0) (<>, 0, 0, 0.5, 0, 0 0 0 0 0 0 0 0, 0 0 0 0 0 0 0 0) 
(<>, 0, 0, 0.5, 0, 0 0 0 0 0 0 0 0, 0 0 0 0 0 0 0 0) (<>, 0, 0, 0.5, 0, 0 0 0 
0 0 0 0 0, 0 0 0 0 0 0 0 0) (<>, 0, 0, 0.5, 0, 0 0 0 0 0 0 0 0, 0 0 0 0 0 0 0 
0) (<>, 0, 0, 0.5, 0, 0 0 0 0 0 0 0 0, 0 0 0 0 0 0 0 0) (<>, 0, 0, 0.5, 0, 0 
0 0 0 0 0 0 0, 0 0 0 0 0 0 0 0) (<$PVM_FatSupPulShape>, 2.40962864714768, 0, 
0.5, 0, 100 100 100 100 100 100 100 100, 0 0 0 0 0 0 0 0) (<sech.exc>, 
11.5468340150761, 0, 0.5, 0, 100 100 100 100 100 100 100 100, 0 0 0 0 0 0 0 0)
 (<$PVM_SelIrPulShape>, 101.783182108359, 0, 0, 0, 100 100 100 100 100 100 
100 100, 0 0 0 0 0 0 0 0) (<>, 0, 0, 0.5, 0, 0 0 0 0 0 0 0 0, 0 0 0 0 0 0 0 0)
 (<$PVM_FlowSatPulShape>, 19.6266029248501, 0, 0.5, 0, 100 100 100 100 100 
100 100 100, 0 0 0 0 0 0 0 0) (<>, 0, 0, 0.5, 0, 0 0 0 0 0 0 0 0, 0 0 0 0 0 0 
0 0) (<>, 0, 0, 0.5, 0, 0 0 0 0 0 0 0 0, 0 0 0 0 0 0 0 0) (<>, 0, 0, 0.5, 0, 
0 0 0 0 0 0 0 0, 0 0 0 0 0 0 0 0) (<>, 0, 0, 0.5, 0, 0 0 0 0 0 0 0 0, 0 0 0 0 
0 0 0 0) (<>, 0, 0, 0.5, 0, 0 0 0 0 0 0 0 0, 0 0 0 0 0 0 0 0) (<>, 0, 0, 0.5, 
0, 0 0 0 0 0 0 0 0, 0 0 0 0 0 0 0 0) (<>, 0, 0, 0.5, 0, 0 0 0 0 0 0 0 0, 0 0 
0 0 0 0 0 0) (<>, 0, 0, 0.5, 0, 0 0 0 0 0 0 0 0, 0 0 0 0 0 0 0 0) (<>, 0, 0, 
0.5, 0, 0 0 0 0 0 0 0 0, 0 0 0 0 0 0 0 0) (<>, 0, 0, 0.5, 0, 0 0 0 0 0 0 0 0, 
0 0 0 0 0 0 0 0) (<>, 0, 0, 0.5, 0, 0 0 0 0 0 0 0 0, 0 0 0 0 0 0 0 0) (<>, 0, 
0, 0.5, 0, 0 0 0 0 0 0 0 0, 0 0 0 0 0 0 0 0) (<>, 0, 0, 0.5, 0, 0 0 0 0 0 0 0 
0, 0 0 0 0 0 0 0 0) (<>, 0, 0, 0.5, 0, 0 0 0 0 0 0 0 0, 0 0 0 0 0 0 0 0) (<>, 
0, 0, 0.5, 0, 0 0 0 0 0 0 0 0, 0 0 0 0 0 0 0 0) (<>, 0, 0, 0.5, 0, 0 0 0 0 0 
0 0 0, 0 0 0 0 0 0 0 0) (<>, 0, 0, 0.5, 0, 0 0 0 0 0 0 0 0, 0 0 0 0 0 0 0 0) 
(<>, 0, 0, 0.5, 0, 0 0 0 0 0 0 0 0, 0 0 0 0 0 0 0 0) (<>, 0, 0, 0.5, 0, 0 0 0 
0 0 0 0 0, 0 0 0 0 0 0 0 0)
##$SW_h=50000
$$ @vis= ACQ_phase_factor ACQ_scan_size NI NA NAE NR DS D P PLW ACQ_RfShapes
##$SW=166.479986053426
##$FW=0
##$RG=101
##$AQ_mod=qdig
##$DR=21
##$PAPS=QP
##$PH_ref=0
##$BF1=300.336401902114
##$SFO1=300.336401902114
##$O1=0
##$ACQ_O1_list_size=16
##$ACQ_O1_list=( 16 )
-26207.375 -21207.375 -16207.375 -11207.375 -6207.375 -1207.375 3792.625 
8792.625 -23707.375 -18707.375 -13707.375 -8707.375 -3707.375 1292.625 
6292.625 11292.625
$$ @vis= SW_h SW RG AQ_mod DR PAPS PH_ref BF1 SFO1 O1 ACQ_O1_list_size
##$ACQ_O1B_list_size=16
##$ACQ_O1B_list=( 16 )
3511.76666666667 3511.76666666667 3511.76666666667 3511.76666666667 
3511.76666666667 3511.76666666667 3511.76666666667 3511.76666666667 
3511.76666666667 3511.76666666667 3511.76666666667 3511.76666666667 
3511.76666666667 3511.76666666667 3511.76666666667 3511.76666666667
##$BF2=300.337
##$SFO2=300.337
##$O2=0
##$ACQ_O2_list_size=1
$$ @vis= ACQ_O1_list ACQ_O1B_list_size ACQ_O1B_list BF2 SFO2 O2
##$ACQ_O2_list=( 1 )
0
##$BF3=300.337
##$SFO3=300.337
##$O3=0
##$ACQ_O3_list_size=1
##$ACQ_O3_list=( 1 )
0
$$ @vis= ACQ_O2_list_size ACQ_O2_list BF3 SFO3 O3 ACQ_O3_list_size
##$BF4=300.337
##$SFO4=300.337
##$O4=0
##$BF5=300.337
##$SFO5=300.337
##$O5=0
##$BF6=300.337
##$SFO6=300.337
##$O6=0
##$BF7=300.337
##$SFO7=300.337
##$O7=0
##$BF8=300.337
##$SFO8=300.337
##$O8=0
$$ @vis= ACQ_O3_list BF4 SFO4 O4 BF5 SFO5 O5 BF6 SFO6 O6 BF7 SFO7 O7 BF8 SFO8
##$NUC1=( 8 )
<1H>
##$NUC2=( 8 )
<off>
##$NUC3=( 8 )
<off>
##$NUC4=( 8 )
<off>
##$NUC5=( 8 )
<off>
##$NUC6=( 8 )
<off>
##$NUC7=( 8 )
<off>
##$NUC8=( 8 )
<off>
##$NUCLEUS=( 8 )
<1H>
##$ACQ_Routing=RouteDefinedByCoil
##$ACQ_Routing_base_ext=( 128 )
<parallel>
##$ACQ_vd_list_size=1
##$ACQ_vd_list=( 1 )
1e-06
$$ @vis= O8 NUC1 NUC2 NUC3 NUC4 NUC5 NUC6 NUC7 NUC8 NUCLEUS ACQ_vd_list_size
##$ACQ_vp_list_size=1
##$ACQ_vp_list=( 1 )
1e-06
##$ACQ_protocol_name=( 64 )
<MSME>
##$ACQ_scan_name=( 64 )
<MSME (E15)>
$$ @vis= ACQ_vd_list ACQ_vp_list_size ACQ_vp_list ACQ_protocol_name
##$ACQ_method=( 40 )
<Bruker:MSME>
##$ACQ_completed=Yes
##$ACQ_pipe_status=Wrapup
##$ACQ_scans_completed=0
$$ @vis= ACQ_scan_name ACQ_method ACQ_completed ACQ_pipe_status
##$ACQ_nr_completed=1
##$ACQ_total_completed=102400
##$ACQ_word_size=_32_BIT
$$ @vis= ACQ_scans_completed ACQ_nr_completed ACQ_total_completed
##$NECHOES=50
##$ACQ_n_echo_images=50
##$ACQ_n_movie_frames=1
##$ACQ_echo_descr=( 1, 20 )
<>
$$ @vis= ACQ_word_size NECHOES ACQ_n_echo_images ACQ_n_movie_frames
##$ACQ_movie_descr=( 1, 20 )
<>
##$ACQ_fov=( 2 )
1.5 1.5
##$ACQ_read_ext=1
##$ACQ_slice_angle=( 1 )
0
##$ACQ_slice_orient=Arbitrary_Oblique
$$ @vis= ACQ_echo_descr ACQ_movie_descr ACQ_fov ACQ_read_ext ACQ_slice_angle
##$ACQ_patient_pos=Head_Prone
##$ACQ_read_offset=( 16 )
1.05353 1.05353 1.05353 1.05353 1.05353 1.05353 1.05353 1.05353 1.05353 
1.05353 1.05353 1.05353 1.05353 1.05353 1.05353 1.05353
##$ACQ_phase1_offset=( 16 )
5.85227 5.85227 5.85227 5.85227 5.85227 5.85227 5.85227 5.85227 5.85227 
5.85227 5.85227 5.85227 5.85227 5.85227 5.85227 5.85227
##$ACQ_phase2_offset=( 16 )
0 0 0 0 0 0 0 0 0 0 0 0 0 0 0 0
$$ @vis= ACQ_slice_orient ACQ_patient_pos ACQ_read_offset ACQ_phase1_offset
##$ACQ_slice_sepn=( 1 )
1
##$ACQ_slice_sepn_mode=Contiguous
##$ACQ_slice_thick=0.8
##$ACQ_slice_offset=( 16 )
-10.48295 -9.48295 -8.48295 -7.48295 -6.48295 -5.48295 -4.48295 -3.48295 
-2.48295 -1.48295 -0.48295 0.51705 1.51705 2.51705 3.51705 4.51705
$$ @vis= ACQ_phase2_offset ACQ_slice_sepn ACQ_slice_sepn_mode ACQ_slice_thick
##$ACQ_obj_order=( 800 )
0 1 2 3 4 5 6 7 8 9 10 11 12 13 14 15 16 17 18 19 20 21 22 23 24 25 26 27 28 
29 30 31 32 33 34 35 36 37 38 39 40 41 42 43 44 45 46 47 48 49 100 101 102 
103 104 105 106 107 108 109 110 111 112 113 114 115 116 117 118 119 120 121 
122 123 124 125 126 127 128 129 130 131 132 133 134 135 136 137 138 139 140 
141 142 143 144 145 146 147 148 149 200 201 202 203 204 205 206 207 208 209 
210 211 212 213 214 215 216 217 218 219 220 221 222 223 224 225 226 227 228 
229 230 231 232 233 234 235 236 237 238 239 240 241 242 243 244 245 246 247 
248 249 300 301 302 303 304 305 306 307 308 309 310 311 312 313 314 315 316 
317 318 319 320 321 322 323 324 325 326 327 328 329 330 331 332 333 334 335 
336 337 338 339 340 341 342 343 344 345 346 347 348 349 400 401 402 403 404 
405 406 407 408 409 410 411 412 413 414 415 416 417 418 419 420 421 422 423 
424 425 426 427 428 429 430 431 432 433 434 435 436 437 438 439 440 441 442 
443 444 445 446 447 448 449 500 501 502 503 504 505 506 507 508 509 510 511 
512 513 514 515 516 517 518 519 520 521 522 523 524 525 526 527 528 529 530 
531 532 533 534 535 536 537 538 539 540 541 542 543 544 545 546 547 548 549 
600 601 602 603 604 605 606 607 608 609 610 611 612 613 614 615 616 617 618 
619 620 621 622 623 624 625 626 627 628 629 630 631 632 633 634 635 636 637 
638 639 640 641 642 643 644 645 646 647 648 649 700 701 702 703 704 705 706 
707 708 709 710 711 712 713 714 715 716 717 718 719 720 721 722 723 724 725 
726 727 728 729 730 731 732 733 734 735 736 737 738 739 740 741 742 743 744 
745 746 747 748 749 50 51 52 53 54 55 56 57 58 59 60 61 62 63 64 65 66 67 68 
69 70 71 72 73 74 75 76 77 78 79 80 81 82 83 84 85 86 87 88 89 90 91 92 93 94 
95 96 97 98 99 150 151 152 153 154 155 156 157 158 159 160 161 162 163 164 
165 166 167 168 169 170 171 172 173 174 175 176 177 178 179 180 181 182 183 
184 185 186 187 188 189 190 191 192 193 194 195 196 197 198 199 250 251 252 
253 254 255 256 257 258 259 260 261 262 263 264 265 266 267 268 269 270 271 
272 273 274 275 276 277 278 279 280 281 282 283 284 285 286 287 288 289 290 
291 292 293 294 295 296 297 298 299 350 351 352 353 354 355 356 357 358 359 
360 361 362 363 364 365 366 367 368 369 370 371 372 373 374 375 376 377 378 
379 380 381 382 383 384 385 386 387 388 389 390 391 392 393 394 395 396 397 
398 399 450 451 452 453 454 455 456 457 458 459 460 461 462 463 464 465 466 
467 468 469 470 471 472 473 474 475 476 477 478 479 480 481 482 483 484 485 
486 487 488 489 490 491 492 493 494 495 496 497 498 499 550 551 552 553 554 
555 556 557 558 559 560 561 562 563 564 565 566 567 568 569 570 571 572 573 
574 575 576 577 578 579 580 581 582 583 584 585 586 587 588 589 590 591 592 
593 594 595 596 597 598 599 650 651 652 653 654 655 656 657 658 659 660 661 
662 663 664 665 666 667 668 669 670 671 672 673 674 675 676 677 678 679 680 
681 682 683 684 685 686 687 688 689 690 691 692 693 694 695 696 697 698 699 
750 751 752 753 754 755 756 757 758 759 760 761 762 763 764 765 766 767 768 
769 770 771 772 773 774 775 776 777 778 779 780 781 782 783 784 785 786 787 
788 789 790 791 792 793 794 795 796 797 798 799
##$ACQ_flip_angle=90
##$ACQ_flipback=No
##$ACQ_echo_time=( 50 )
5.50239501216698 11.004790024334 16.5071850365009 22.0095800486679 
27.5119750608349 33.0143700730019 38.5167650851689 44.0191600973359 
49.5215551095029 55.0239501216698 60.5263451338368 66.0287401460038 
71.5311351581708 77.0335301703378 82.5359251825048 88.0383201946717 
93.5407152068387 99.0431102190057 104.545505231173 110.04790024334 
115.550295255507 121.052690267674 126.555085279841 132.057480292008 
137.559875304175 143.062270316342 148.564665328509 154.067060340676 
159.569455352843 165.07185036501 170.574245377177 176.076640389343 
181.57903540151 187.081430413677 192.583825425844 198.086220438011 
203.588615450178 209.091010462345 214.593405474512 220.095800486679 
225.598195498846 231.100590511013 236.60298552318 242.105380535347 
247.607775547514 253.110170559681 258.612565571848 264.114960584015 
269.617355596182 275.119750608349
$$ @vis= ACQ_slice_offset ACQ_obj_order ACQ_flip_angle ACQ_flipback
##$ACQ_inter_echo_time=( 1 )
5.50239501216698
##$ACQ_recov_time=( 1 )
4196.22261672866
##$ACQ_repetition_time=( 1 )
4468.59116983092
##$ACQ_scan_time=0
$$ @vis= ACQ_echo_time ACQ_inter_echo_time ACQ_recov_time ACQ_repetition_time
##$ACQ_temporal_delay=( 1 )
0
##$ACQ_time=<2018-09-06T14:36:35,283+0200>
##$ACQ_time_points=( 1 )
0
##$ACQ_abs_time=(1536237395, 283, 120)
$$ @vis= ACQ_scan_time ACQ_temporal_delay ACQ_time ACQ_time_points
##$ACQ_operator=( 16 )
<gilnavon>
##$ACQ_RF_power=0
##$ACQ_transmitter_coil=( 16 )
<>
##$ACQ_contrast_agent=( 20 )
<>
$$ @vis= ACQ_abs_time ACQ_operator ACQ_RF_power ACQ_transmitter_coil
##$ACQ_trigger_enable=No
##$ACQ_institution=( 48 )
<Tel Aviv University>
##$ACQ_station=( 64 )
<BioSpec 70/30>
##$ACQ_system_order_number=( 24 )
<10271051>
$$ @vis= ACQ_contrast_agent ACQ_trigger_enable ACQ_institution ACQ_station
##$ACQ_sw_version=( 65 )
<PV 6.0.1>
##$ACQ_grad_str_X=0
##$ACQ_grad_str_Y=0
##$ACQ_grad_str_Z=0
$$ @vis= ACQ_system_order_number ACQ_sw_version ACQ_grad_str_X ACQ_grad_str_Y
##$ACQ_position_X=0
##$ACQ_position_Y=0
##$ACQ_position_Z=0
##$BYTORDA=little
##$INSTRUM=( 64 )
<spect>
$$ @vis= ACQ_grad_str_Z ACQ_position_X ACQ_position_Y ACQ_position_Z BYTORDA
##$ACQ_fit_function_name=( 32 )
<t2vtr>
##$ACQ_adc_overflow=( 4 )
No No No No
##$GRPDLY=35.9937744140625
##$FRQLO3=0
##$ACQ_CalibratedRG=( 4, 1 )
105.97 106.3 101 106.03
$$ @vis= INSTRUM ACQ_fit_function_name ACQ_adc_overflow GRPDLY FRQLO3
##$FQ1LIST=( 16 )
<ACQ_O1_list>
##$FQ2LIST=( 16 )
<ACQ_O2_list>
##$FQ3LIST=( 16 )
<ACQ_O3_list>
##$FQ8LIST=( 16 )
<ACQ_O1B_list>
##$SPW=( 64 )
9.14346345103182 91.1813529742785 0 0 0 0 0 0 0 0 0 0 0 0 0 0 0 0 0 0 0 0 0 0 
0 0 0 0 0 0 0 0 0 0 0 0 0 0 0 0 2.40962864714768 11.5468340150761 
101.783182108359 0 19.6266029248501 0 0 0 0 0 0 0 0 0 0 0 0 0 0 0 0 0 0 0
##$SPOAL=( 64 )
0.5 0 0.5 0.5 0.5 0.5 0.5 0.5 0.5 0.5 0.5 0.5 0.5 0.5 0.5 0.5 0.5 0.5 0.5 0.5 
0.5 0.5 0.5 0.5 0.5 0.5 0.5 0.5 0.5 0.5 0.5 0.5 0.5 0.5 0.5 0.5 0.5 0.5 0.5 
0.5 0.5 0.5 0 0.5 0.5 0.5 0.5 0.5 0.5 0.5 0.5 0.5 0.5 0.5 0.5 0.5 0.5 0.5 0.5 
0.5 0.5 0.5 0.5 0.5
##$SPOFFS=( 64 )
0 0 0 0 0 0 0 0 0 0 0 0 0 0 0 0 0 0 0 0 0 0 0 0 0 0 0 0 0 0 0 0 0 0 0 0 0 0 0 
0 0 0 0 0 0 0 0 0 0 0 0 0 0 0 0 0 0 0 0 0 0 0 0 0
$$ @vis= ACQ_CalibratedRG ACQ_INFO FQ1LIST FQ2LIST FQ3LIST FQ8LIST SPW SPOAL
##$SPNAM0=( 64 )
<hermite.exc>
##$SPNAM1=( 64 )
<hermite.rfc>
##$SPNAM2=( 64 )
<>
##$SPNAM3=( 64 )
<>
##$SPNAM4=( 64 )
<>
##$SPNAM5=( 64 )
<>
##$SPNAM6=( 64 )
<>
##$SPNAM7=( 64 )
<>
##$SPNAM8=( 64 )
<>
$$ @vis= SPOFFS SPNAM0 SPNAM1 SPNAM2 SPNAM3 SPNAM4 SPNAM5 SPNAM6 SPNAM7
##$SPNAM9=( 64 )
<>
##$SPNAM10=( 64 )
<>
##$SPNAM11=( 64 )
<>
##$SPNAM12=( 64 )
<>
##$SPNAM13=( 64 )
<>
##$SPNAM14=( 64 )
<>
##$SPNAM15=( 64 )
<>
##$SPNAM16=( 64 )
<>
$$ @vis= SPNAM8 SPNAM9 SPNAM10 SPNAM11 SPNAM12 SPNAM13 SPNAM14 SPNAM15
##$SPNAM17=( 64 )
<>
##$SPNAM18=( 64 )
<>
##$SPNAM19=( 64 )
<>
##$SPNAM20=( 64 )
<>
##$SPNAM21=( 64 )
<>
##$SPNAM22=( 64 )
<>
##$SPNAM23=( 64 )
<>
##$SPNAM24=( 64 )
<>
$$ @vis= SPNAM16 SPNAM17 SPNAM18 SPNAM19 SPNAM20 SPNAM21 SPNAM22 SPNAM23
##$SPNAM25=( 64 )
<>
##$SPNAM26=( 64 )
<>
##$SPNAM27=( 64 )
<>
##$SPNAM28=( 64 )
<>
##$SPNAM29=( 64 )
<>
##$SPNAM30=( 64 )
<>
##$SPNAM31=( 64 )
<>
##$SPNAM32=( 64 )
<>
$$ @vis= SPNAM24 SPNAM25 SPNAM26 SPNAM27 SPNAM28 SPNAM29 SPNAM30 SPNAM31
##$SPNAM33=( 64 )
<>
##$SPNAM34=( 64 )
<>
##$SPNAM35=( 64 )
<>
##$SPNAM36=( 64 )
<>
##$SPNAM37=( 64 )
<>
##$SPNAM38=( 64 )
<>
##$SPNAM39=( 64 )
<>
##$SPNAM40=( 64 )
<$PVM_FatSupPulShape>
$$ @vis= SPNAM32 SPNAM33 SPNAM34 SPNAM35 SPNAM36 SPNAM37 SPNAM38 SPNAM39
##$SPNAM41=( 64 )
<sech.exc>
##$SPNAM42=( 64 )
<$PVM_SelIrPulShape>
##$SPNAM43=( 64 )
<>
##$SPNAM44=( 64 )
<$PVM_FlowSatPulShape>
##$SPNAM45=( 64 )
<>
##$SPNAM46=( 64 )
<>
##$SPNAM47=( 64 )
<>
##$SPNAM48=( 64 )
<>
$$ @vis= SPNAM40 SPNAM41 SPNAM42 SPNAM43 SPNAM44 SPNAM45 SPNAM46 SPNAM47
##$SPNAM49=( 64 )
<>
##$SPNAM50=( 64 )
<>
##$SPNAM51=( 64 )
<>
##$SPNAM52=( 64 )
<>
##$SPNAM53=( 64 )
<>
##$SPNAM54=( 64 )
<>
##$SPNAM55=( 64 )
<>
##$SPNAM56=( 64 )
<>
$$ @vis= SPNAM48 SPNAM49 SPNAM50 SPNAM51 SPNAM52 SPNAM53 SPNAM54 SPNAM55
##$SPNAM57=( 64 )
<>
##$SPNAM58=( 64 )
<>
##$SPNAM59=( 64 )
<>
##$SPNAM60=( 64 )
<>
##$SPNAM61=( 64 )
<>
##$SPNAM62=( 64 )
<>
##$SPNAM63=( 64 )
<>
$$ @vis= SPNAM56 SPNAM57 SPNAM58 SPNAM59 SPNAM60 SPNAM61 SPNAM62 SPNAM63
##$HPPRGN=normal
##$LOCNUC=( 8 )
<off>
##$QNP=1
##$SOLVENT=( 16 )
<>
##$DIGMOD=digital_mode
##$DIGTYP=DRU
##$DQDMODE=DQDMODE_add
##$DSPFIRM=DSP_medium
$$ @vis= SPNAMES HPPRGN LOCNUC QNP SOLVENT HIRES DIGMOD DIGTYP DQDMODE
##$DECIM=400
##$DSPFVS=23
##$ACQ_scan_shift=-72
##$DEOSC=2995.19750608349
##$DE=6
##$HDDUTY=20
##$HDRATE=1
$$ @vis= DSPFIRM DECIM DSPFVS ACQ_scan_shift DEOSC DE HDDUTY HDRATE
##$ACQ_n_trim=1
##$ACQ_scaling_read=1
##$ACQ_scaling_phase=1
$$ @vis= AVANCE_PARS ACQ_n_trim ACQ_trim_values ACQ_scaling_read
##$ACQ_scaling_slice=1
##$ACQ_grad_matrix_size=16
##$ACQ_grad_matrix=( 16, 3, 3 )
-1 -6.12323399573677e-17 1.22464679914735e-16 -6.12323399573677e-17 1 
7.49879891330929e-33 1.22464679914735e-16 0 1 -1 -6.12323399573677e-17 
1.22464679914735e-16 -6.12323399573677e-17 1 7.49879891330929e-33 
1.22464679914735e-16 0 1 -1 -6.12323399573677e-17 1.22464679914735e-16 
-6.12323399573677e-17 1 7.49879891330929e-33 1.22464679914735e-16 0 1 -1 
-6.12323399573677e-17 1.22464679914735e-16 -6.12323399573677e-17 1 
7.49879891330929e-33 1.22464679914735e-16 0 1 -1 -6.12323399573677e-17 
1.22464679914735e-16 -6.12323399573677e-17 1 7.49879891330929e-33 
1.22464679914735e-16 0 1 -1 -6.12323399573677e-17 1.22464679914735e-16 
-6.12323399573677e-17 1 7.49879891330929e-33 1.22464679914735e-16 0 1 -1 
-6.12323399573677e-17 1.22464679914735e-16 -6.12323399573677e-17 1 
7.49879891330929e-33 1.22464679914735e-16 0 1 -1 -6.12323399573677e-17 
1.22464679914735e-16 -6.12323399573677e-17 1 7.49879891330929e-33 
1.22464679914735e-16 0 1 -1 -6.12323399573677e-17 1.22464679914735e-16 
-6.12323399573677e-17 1 7.49879891330929e-33 1.22464679914735e-16 0 1 -1 
-6.12323399573677e-17 1.22464679914735e-16 -6.12323399573677e-17 1 
7.49879891330929e-33 1.22464679914735e-16 0 1 -1 -6.12323399573677e-17 
1.22464679914735e-16 -6.12323399573677e-17 1 7.49879891330929e-33 
1.22464679914735e-16 0 1 -1 -6.12323399573677e-17 1.22464679914735e-16 
-6.12323399573677e-17 1 7.49879891330929e-33 1.22464679914735e-16 0 1 -1 
-6.12323399573677e-17 1.22464679914735e-16 -6.12323399573677e-17 1 
7.49879891330929e-33 1.22464679914735e-16 0 1 -1 -6.12323399573677e-17 
1.22464679914735e-16 -6.12323399573677e-17 1 7.49879891330929e-33 
1.22464679914735e-16 0 1 -1 -6.12323399573677e-17 1.22464679914735e-16 
-6.12323399573677e-17 1 7.49879891330929e-33 1.22464679914735e-16 0 1 -1 
-6.12323399573677e-17 1.22464679914735e-16 -6.12323399573677e-17 1 
7.49879891330929e-33 1.22464679914735e-16 0 1
$$ @vis= ACQ_scaling_phase ACQ_scaling_slice ACQ_grad_matrix_size
##$NSLICES=16
##$ACQ_rare_factor=1
##$ACQ_phase_encoding_mode=( 2 )
Read User_Defined_Encoding
##$ACQ_phase_enc_start=( 2 )
-1 -1
$$ @vis= ACQ_grad_matrix NSLICES ACQ_rare_factor ACQ_phase_encoding_mode
##$ACQ_spatial_size_1=128
##$ACQ_spatial_phase_1=( 128 )
-1 -0.984375 -0.96875 -0.953125 -0.9375 -0.921875 -0.90625 -0.890625 -0.875 
-0.859375 -0.84375 -0.828125 -0.8125 -0.796875 -0.78125 -0.765625 -0.75 
-0.734375 -0.71875 -0.703125 -0.6875 -0.671875 -0.65625 -0.640625 -0.625 
-0.609375 -0.59375 -0.578125 -0.5625 -0.546875 -0.53125 -0.515625 -0.5 
-0.484375 -0.46875 -0.453125 -0.4375 -0.421875 -0.40625 -0.390625 -0.375 
-0.359375 -0.34375 -0.328125 -0.3125 -0.296875 -0.28125 -0.265625 -0.25 
-0.234375 -0.21875 -0.203125 -0.1875 -0.171875 -0.15625 -0.140625 -0.125 
-0.109375 -0.09375 -0.078125 -0.0625 -0.046875 -0.03125 -0.015625 0 0.015625 
0.03125 0.046875 0.0625 0.078125 0.09375 0.109375 0.125 0.140625 0.15625 
0.171875 0.1875 0.203125 0.21875 0.234375 0.25 0.265625 0.28125 0.296875 
0.3125 0.328125 0.34375 0.359375 0.375 0.390625 0.40625 0.421875 0.4375 
0.453125 0.46875 0.484375 0.5 0.515625 0.53125 0.546875 0.5625 0.578125 
0.59375 0.609375 0.625 0.640625 0.65625 0.671875 0.6875 0.703125 0.71875 
0.734375 0.75 0.765625 0.78125 0.796875 0.8125 0.828125 0.84375 0.859375 
0.875 0.890625 0.90625 0.921875 0.9375 0.953125 0.96875 0.984375
##$ACQ_gradient_amplitude=( 100 )
9.02791068868514 25.6110941522983 57 57 57 12.0372142515802 0 
9.05858941132914 0 0 0 0 0 0 0 0 0 0 0 0 0 0 0 0 0 0 0 0 0 0 0 0 0 0 0 0 0 0 
0 0 0 0 0 0 0 0 0 0 0 0 0 0 0 0 0 0 0 0 0 0 0 0 0 0 0 0 0 0 0 0 0 0 0 0 0 0 0 
0 0 0 0 0 0 0 0 0 0 0 0 0 0 0 0 0 0 0 0 0 0 0
$$ @vis= ACQ_phase_enc_start ACQ_spatial_size_1 ACQ_spatial_phase_1
##$GS_dim=1
##$GS_disp_update=Each_Accum
##$GS_online_reco=Yes
$$ @vis= ACQ_gradient_amplitude GRAD_PARS GS_dim GS_disp_update
##$GS_reco_display=Yes
##$GS_shuffle_profiles=Yes
##$GS_typ=Spectrometer_Parameters
##$GS_info_dig_filling=Yes
$$ @vis= GS_online_reco GS_reco_display GS_shuffle_profiles GS_typ
##$GS_info_normalized_area=No_info
##$GS_info_max_point=No_info
##$GS_get_info_points=No_info
$$ @vis= GS_info_dig_filling GS_info_normalized_area GS_info_max_point
##$GS_continue=Exit_gsauto
##$GO_init_files=No
##$GO_data_save=Yes
##$GO_block_size=Standard_KBlock_Format
$$ @vis= GS_get_info_points GS_continue GS GO_init_files GO_data_save
##$GO_raw_data_format=GO_32BIT_SGN_INT
##$GO_disp_update=Each_Accum
##$GO_online_reco=Yes
##$GO_reco_display=Yes
$$ @vis= GO_block_size GO_raw_data_format GO_disp_update GO_online_reco
##$GO_reco_each_nr=No
##$GO_max_reco_mem=0
##$GO_time_est=Yes
##$GO_use_macro=No
$$ @vis= GO_reco_display GO_reco_each_nr GO_max_reco_mem GO_time_est
##$GO_macro=( 4096 )
<>
##$GO_LogTimestamp=No
##$ACQ_DriftCompActive=No
##$ACQ_DriftCompJob=1
##$ACQ_DriftCompFilterWidth=1
$$ @vis= GO_use_macro GO_LogTimestamp GO ACQ_DriftCompActive ACQ_DriftCompJob
##$ACQ_DriftCompStep=1
##$ACQ_DriftCompOffset=0
##$ACQ_DriftCompDebug=No
$$ @vis= ACQ_DriftCompFilterWidth ACQ_DriftCompStep ACQ_DriftCompOffset
##$ACQ_MPI_field_steps=1
##$ACQ_MPI_drive_field_cycle=0
$$ @vis= ACQ_DriftCompDebug Drift ACQ_MPI_field_steps
##$ACQ_MPI_selection_field_gradient=0
##$ACQ_MPI_base_frequency=0
$$ @vis= ACQ_MPI_drive_field_cycle ACQ_MPI_selection_field_gradient
##$ACQ_MPI_drive_field_strength=( 3 )
0 0 0
##$ACQ_MPI_div=( 3 )
0 0 0
##$ACQ_MPI_frequency_select=( 3 )
Yes Yes Yes
$$ @vis= ACQ_MPI_base_frequency ACQ_MPI_drive_field_strength ACQ_MPI_div
$$ @vis= ACQ_MPI_frequency_select MPI ACQP
##END=
$$ File finished by PARX at 2018-09-06 14:46:22.579 +0200
