##TITLE=Parameter List, ParaVision 6.0.1
##JCAMPDX=4.24
##DATATYPE=Parameter Values
##ORIGIN=Bruker BioSpin MRI GmbH
##OWNER=gilnavon
$$ 2018-09-06 14:46:22.621 +0200  gilnavon@CZC7238NT5
$$ /opt/PV6.0.1/data/gilnavon/20180906_113137_EW_Cup_Treat_07_3NN_EW_Cup_Treat_07_3NN_1_1/15/visu_pars
$$ process /opt/PV6.0.1/prog/mod/acq_out
##$VisuVersion=3
##$VisuUid=( 65 )
<2.16.756.5.5.100.8323328.78668.1536237982.1>
##$VisuCreator=( 65 )
<ParaVision>
##$VisuCreatorVersion=( 65 )
<6.0.1>
##$VisuCreationDate=<2018-09-06T14:46:22,528+0200>
##$VisuInstanceModality=( 65 )
<MR>
##$VisuCoreFrameCount=800
##$VisuCoreDim=2
##$VisuCoreSize=( 2 )
128 128
##$VisuCoreDimDesc=( 2 )
spatial spatial
##$VisuCoreExtent=( 2 )
15 15
##$VisuCoreFrameThickness=( 1 )
0.8
##$VisuCoreUnits=( 2, 65 )
<mm> <mm>
##$VisuCoreOrientation=( 16, 9 )
-1 -6.12323399573677e-17 -1.22464679914735e-16 -6.12323399573677e-17 1 
-7.49879891330929e-33 1.22464679914735e-16 0 -1 -1 -6.12323399573677e-17 
-1.22464679914735e-16 -6.12323399573677e-17 1 -7.49879891330929e-33 
1.22464679914735e-16 0 -1 -1 -6.12323399573677e-17 -1.22464679914735e-16 
-6.12323399573677e-17 1 -7.49879891330929e-33 1.22464679914735e-16 0 -1 -1 
-6.12323399573677e-17 -1.22464679914735e-16 -6.12323399573677e-17 1 
-7.49879891330929e-33 1.22464679914735e-16 0 -1 -1 -6.12323399573677e-17 
-1.22464679914735e-16 -6.12323399573677e-17 1 -7.49879891330929e-33 
1.22464679914735e-16 0 -1 -1 -6.12323399573677e-17 -1.22464679914735e-16 
-6.12323399573677e-17 1 -7.49879891330929e-33 1.22464679914735e-16 0 -1 -1 
-6.12323399573677e-17 -1.22464679914735e-16 -6.12323399573677e-17 1 
-7.49879891330929e-33 1.22464679914735e-16 0 -1 -1 -6.12323399573677e-17 
-1.22464679914735e-16 -6.12323399573677e-17 1 -7.49879891330929e-33 
1.22464679914735e-16 0 -1 -1 -6.12323399573677e-17 -1.22464679914735e-16 
-6.12323399573677e-17 1 -7.49879891330929e-33 1.22464679914735e-16 0 -1 -1 
-6.12323399573677e-17 -1.22464679914735e-16 -6.12323399573677e-17 1 
-7.49879891330929e-33 1.22464679914735e-16 0 -1 -1 -6.12323399573677e-17 
-1.22464679914735e-16 -6.12323399573677e-17 1 -7.49879891330929e-33 
1.22464679914735e-16 0 -1 -1 -6.12323399573677e-17 -1.22464679914735e-16 
-6.12323399573677e-17 1 -7.49879891330929e-33 1.22464679914735e-16 0 -1 -1 
-6.12323399573677e-17 -1.22464679914735e-16 -6.12323399573677e-17 1 
-7.49879891330929e-33 1.22464679914735e-16 0 -1 -1 -6.12323399573677e-17 
-1.22464679914735e-16 -6.12323399573677e-17 1 -7.49879891330929e-33 
1.22464679914735e-16 0 -1 -1 -6.12323399573677e-17 -1.22464679914735e-16 
-6.12323399573677e-17 1 -7.49879891330929e-33 1.22464679914735e-16 0 -1 -1 
-6.12323399573677e-17 -1.22464679914735e-16 -6.12323399573677e-17 1 
-7.49879891330929e-33 1.22464679914735e-16 0 -1
##$VisuCorePosition=( 16, 3 )
8.55353 -13.35227 -10.48295 8.55353 -13.35227 -9.48295 8.55353 -13.35227 
-8.48295 8.55353 -13.35227 -7.48295 8.55353 -13.35227 -6.48295 8.55353 
-13.35227 -5.48295 8.55353 -13.35227 -4.48295 8.55353 -13.35227 -3.48295 
8.55353 -13.35227 -2.48295 8.55353 -13.35227 -1.48295 8.55353 -13.35227 
-0.482949999999999 8.55353 -13.35227 0.517050000000001 8.55353 -13.35227 
1.51705 8.55353 -13.35227 2.51705 8.55353 -13.35227 3.51705 8.55353 -13.35227 
4.51705
##$VisuCoreDataMin=( 800 )
146.145718250774 180.843958608182 184.950292362069 165.86848257708 
181.057990371805 150.97503425068 157.630175605435 173.162719643032 
125.418704757435 194.398872850485 168.360128561391 186.663539647045 
186.350891037965 130.341510522166 165.10506275252 146.97321390034 
106.394270416437 124.896048424433 191.80836967147 189.90974832431 
130.648477332598 149.509771564473 166.163980286569 156.434048849653 
132.667066815106 161.369400536158 141.486744437199 160.389729866207 
153.147945824684 151.764442677747 173.601357215468 140.151954428666 
148.853327238213 174.536233985179 176.391763230935 176.747923502968 
174.223673768214 143.489537897477 136.285566943517 165.500006859377 
132.300751369005 160.140026584105 101.805057346753 163.916420287876 
120.940000730715 162.958333839779 185.41064608101 145.25178145518 
137.912303164513 145.519374293789 187.870055317303 174.168269301006 
148.249616706218 142.469371950359 129.748879977911 153.638304663991 
172.922384393306 159.234044712768 181.799351927879 126.515561137904 
210.069690650761 193.483295297902 102.300675237585 124.401071904025 
188.007525388585 185.642503528551 156.098942910701 200.137892263486 
138.727911460059 155.314491486059 186.524614657775 171.401373454343 
146.908530964795 133.292119197123 161.383181991735 128.953303911797 
171.121566428661 165.454982005389 164.251352605812 174.742704792094 
160.257417733139 133.560883235686 183.669330354119 145.800297361744 
138.028382117425 182.372164910501 144.672974020444 151.462624571005 
151.526031127506 161.557998013247 154.548910769796 128.976808865671 
131.426185939733 127.385722266088 140.217262390927 91.8725037005155 
162.285803830967 184.300471988041 170.969081069893 163.376054379346 
93.8127273329163 196.897291630866 199.781220127917 182.311915197344 
163.645591522891 187.164813370398 162.85850552437 102.184973685484 
177.461251680118 142.233156092402 175.001674510163 143.52685079799 
184.783022499435 122.773425129607 178.954855906631 159.095758425928 
121.883663475969 62.0243314722829 169.586534084728 112.020248282611 
155.897074485832 122.127240491963 191.374864006156 164.631887431101 
135.087683894942 144.790820186072 146.387796048094 145.744204077951 
200.266391985835 166.820302710209 140.334441708519 150.879765038704 
125.331393866855 132.337592788724 172.374545267139 150.309239996848 
160.192802165474 171.104030736014 155.803147101623 152.528083413792 
164.191359717322 143.138429627606 187.66027306195 172.618152757756 
155.264387654747 161.059865246348 120.747238807289 162.233627271741 
125.746076974053 161.139420953528 162.778077194965 187.603095602718 
142.765154186932 145.164077556595 131.248595859806 196.850117235886 
117.784111706657 120.132193135144 166.902677044217 133.898501745403 
154.627778254126 173.37713444267 171.938515336067 149.963364046142 
185.444583561011 153.237015543436 189.778294126875 126.901704098617 
168.309487268613 160.802719845474 183.650297805854 151.350532063818 
151.647381445213 132.429128242611 127.489887439929 156.244566087403 
162.975573209213 133.645031392375 131.563385363375 188.776372766013 
168.589542262118 175.64234884515 131.980392401244 169.394515685868 
124.534005232007 143.352678091257 121.422509531228 186.753394988692 
158.866154871166 163.287833113661 169.127398100356 153.299175545615 
105.553803415866 143.133947877107 182.976694808123 196.345810394855 
173.749302257746 188.150742686587 195.799845122544 174.243325999074 
179.071706328932 160.54860220155 171.644360148503 150.910030547219 
173.453002506992 164.003867767816 148.360469934855 151.649144009229 
170.845516541603 153.365081560502 171.564329027625 140.81316522292 
172.381611051499 167.629049477498 133.181864054235 170.974525921555 
150.767684443158 140.887371153914 132.220914206022 128.407905575297 
179.644977343914 134.945163743423 135.526408305467 196.276983764302 
158.157134637808 156.44867945252 181.591175168079 168.235494251531 
147.516448659794 130.8957807642 138.09930365891 193.486121561457 
138.950623941637 161.569217438133 146.896664073529 167.399027853878 
139.166907330363 183.277266987029 157.849888343611 160.514161672928 
118.679632598154 106.168995523157 180.683595771351 153.403092537113 
161.724701476208 162.404294483845 181.961312627573 106.430839268506 
144.81448610218 144.879165941438 159.838676790171 142.155156986439 
190.968636401213 167.016370069053 201.926170174626 174.000269099818 
155.965669321519 118.297890910976 195.737863342836 149.192625551018 
170.162769161635 153.734541002921 161.502445513866 170.695961900936 
138.372795245057 156.428656153122 167.678902873437 189.558788416866 
145.953125494565 155.793129780359 155.650687599233 116.24663127439 
99.1736603154525 160.694507317112 174.903379054735 175.214682370544 
196.893656781668 137.195361672207 164.404233652833 134.807734122458 
142.844418721816 104.339861093844 134.361700873064 151.157220111115 
158.113751455602 206.577229108253 108.335912964827 129.453398205128 
177.409374866003 173.35867765859 158.242256750386 150.334972093612 
171.00555598178 124.839788007694 164.990213306506 176.106249915825 
125.932388590514 145.211609254719 142.870695204897 163.670375420522 
173.387601244582 169.317030238091 138.869193836293 166.202892499182 
151.610057921103 181.827966257538 186.886564385089 178.505539525225 
173.5357915857 180.12731801414 159.056923714437 159.560731629118 
194.356887872155 154.892251897696 118.197849085579 150.51320643805 
189.946663557415 175.107377706945 169.934732986775 162.960709294219 
195.940002461105 134.084459988307 151.224701520708 179.310902742091 
143.190932657247 134.018922621762 156.529963946726 136.552790190866 
125.35206019102 174.204856802525 139.45710806033 144.562305684881 
129.263207340869 146.639693076199 115.861632022554 127.631279593174 
142.787280167538 175.242621037426 174.49030758925 142.420393224771 
172.29714820369 155.484556091611 144.854835497402 180.86286099272 
194.740051320351 168.427805599719 157.003836838905 174.166972506229 
183.969522958071 140.970499765342 193.334399293261 145.325481432618 
173.644807855829 175.874466891604 178.981083310548 154.946191092927 
187.357716899107 134.682376348103 148.037945535914 157.82576846065 
185.369028426578 180.444964881019 163.317426288382 175.748148978802 
133.350050066469 171.728456518488 150.757627191182 141.190379183855 
156.356598112846 165.48383102825 131.245837722823 170.92297469226 
138.719550619921 184.784946907373 152.33612273339 109.253215477407 
159.178676596731 147.361759350287 124.776750123606 148.1529254142 
166.30980972184 170.726001986494 143.438777726234 180.815024666684 
162.55407254426 109.247565918173 151.956077005795 147.516936969874 
135.079729009175 160.894674123601 156.387266087829 130.902626891327 
153.117886583712 151.259506536153 162.165365675466 152.478416637852 
140.653092544483 165.724952481267 144.588259575424 174.684157907307 
186.061998552435 171.715119733653 174.843400693011 161.676052975764 
161.875008880716 187.24235234629 183.80152242536 125.436825839495 
138.153453600467 173.438014307794 132.448619613101 145.501545728784 
131.64691246302 91.0972391530505 123.500014401407 157.181202992405 
127.863576703293 160.977012646755 132.248383423897 176.270879017862 
153.967287691337 159.509986915252 172.355569586589 141.846507865003 
152.173767753039 150.379781180245 146.490585117538 165.111619610866 
194.408776021774 150.069942032541 135.388683136537 157.999356743238 
148.766836755468 123.401732765322 135.489440501946 93.5486985833699 
155.917949534356 153.547248670817 132.137153924226 136.690931322131 
112.78159594137 130.243615618872 179.154307376719 159.161429919286 
134.808313828656 150.79324316274 98.1601549636687 134.983586623734 
137.48656272055 162.014979587335 155.268398067952 118.180310236832 
173.223643260853 161.258177835028 177.626762700406 176.826775541742 
105.277824926908 169.142999466327 138.940824473902 144.323415219685 
160.727324430905 147.95146988523 147.214528874408 173.785938958354 
149.366539280287 109.734262273527 116.684738371339 173.144144184657 
127.611410463365 156.963386911949 147.691797640446 128.522069779974 
165.766587380392 176.393019883014 118.88374659088 188.863268331965 
177.448191864111 175.498353523039 133.542394700891 138.710634343713 
176.490799911026 156.046856467361 123.830358919084 175.955776723705 
137.051390380278 177.720813497139 125.542051281724 189.341399008358 
132.363807392442 141.751062951079 126.517112989943 167.490143918477 
167.567155205078 131.886382785792 151.645496294124 160.376536011995 
154.365930681434 140.355739288007 105.725829866526 176.72784905619 
162.044287237237 87.891640888127 166.97942011607 89.0083356452273 
154.506555475496 128.580235896606 105.077685320417 148.553045744424 
189.105046043375 182.794570316644 149.478696375838 170.803021520249 
167.603659200275 183.186170904174 194.416814116159 156.142511428651 
170.371779942709 171.225586607942 152.786857414388 150.732203227752 
181.303691260671 171.505199582716 143.682402580292 172.51828598551 
135.594724273654 121.82088847241 156.658639978871 155.422236689379 
186.977777684167 171.614249504152 195.254927710067 166.196975107829 
168.134212564867 152.25518267318 166.072398537729 165.35270860661 
164.693726969707 136.416428235269 133.873186092202 171.796857608643 
148.501591339818 110.689543549681 148.362417632498 165.961953025163 
176.886181905612 159.127700876531 152.169855983762 118.02319566487 
115.92957015265 166.753910357229 148.466356163333 129.961938015494 
115.514622962299 127.492242470271 193.456974138615 131.742780706784 
130.867972081516 162.999667421223 98.1233499207549 131.075291953 
138.877817146859 179.576129358382 170.520833134767 115.353746854881 
123.189748948073 161.318004261263 147.726966384343 172.108842459421 
154.727570160751 182.411524463257 163.777166999198 166.453401276311 
165.383119168881 174.690458569559 146.301317737987 152.662765599507 
163.586506983066 141.692839537906 155.817517622558 189.776308038485 
141.092507125009 147.724662985197 138.64644196912 156.071028118778 
170.491301388185 145.781104154341 165.44820129737 180.851463990023 
166.039630083407 194.046589880826 132.310689034596 152.136813267821 
131.713714819992 125.282498139109 154.808188657068 158.869574139673 
154.10034919663 126.424630224491 139.205653244884 128.936847984596 
178.837334158049 165.383170793064 165.070677178751 173.886299095721 
197.885243381299 152.118727022824 168.126877379654 167.155106436645 
139.481169490713 175.790099424969 196.849710485117 132.273607041761 
153.098007927848 90.9252136668075 152.168172227743 173.134207400589 
139.82131803808 165.640153161112 150.764920559411 138.936495841001 
174.882762442767 140.680725939214 127.443431554196 161.027040976224 
152.854031600098 150.752184143122 154.151039601923 184.964355356618 
163.863885982022 164.957754765214 122.439325890124 148.745904664225 
164.516613397852 101.236170176538 136.662677864577 169.52516790345 
157.729576684399 152.957376496781 113.042588610466 179.63651529127 
187.481998201209 133.647640438714 121.083883842901 144.092104445876 
134.832162094905 142.906506585822 118.397323561383 155.046816190998 
178.035900835338 205.841366138719 165.688537290553 152.941685202017 
160.99530553088 125.440121987949 142.982406642871 163.819775843744 
136.456790061501 130.025137018963 161.757457617314 189.516697966256 
154.573119865023 176.665691644071 148.886926705551 120.474856371232 
159.320417239278 145.702884634895 150.081167601744 180.929643994208 
149.222968626947 113.473142899534 138.203895226048 100.51326485004 
118.223598426473 175.238580801488 170.11187724039 153.374828719576 
187.106287557145 163.925822519657 189.843854185206 147.434429082765 
183.165192431462 204.248178909036 174.628712048476 188.093670404577 
172.051849138425 91.682363823671 185.907592004999 142.486965448529 
113.81645966258 131.613308720428 139.281023285717 170.28496417609 
170.390442967199 163.307140434933 183.952570094636 132.807743016598 
130.626516866015 53.015835591706 126.992581145962 144.936258442408 
143.855650155411 188.336364396519 187.771105818769 169.935839760108 
180.12507597327 159.130804656213 170.818956013569 165.368373910781 
178.189858712248 194.514047727102 135.142442547053 187.319147726333 
111.928228148529 182.922260837662 131.437794185452 134.19701619462 
161.747283399337 154.609389739998 144.045154323632 194.838164021503 
154.643157889264 157.022889907222 174.987309114827 168.396759310497 
151.45274141347 132.381083553919 167.656678466695 172.927882253134 
163.424732995566 110.349313940372 154.874721055146 141.440790880654 
173.341914378821 158.999094959709 164.949921556333 164.746516104114 
77.9044177820925 162.249159973687 174.282936051304 133.449578788627 
120.239921989716 127.72738740054 161.89527082543 146.5944089472 
170.705622208678 169.035205616498 148.93298885707 97.4025051790853 
175.241372275736 189.580462828926 134.880221097561 113.116179163928 
155.562840133522 146.104243544573 166.672512770589 160.232906558425 
156.601085608354 174.943974586719 86.7055244383516 182.642562869347 
151.197934569015 149.955332256545 150.209430391574 136.024345743975 
155.621345720765 149.450357791137 143.643288133837 140.460849578074 
163.416102486959 122.246625845905 135.194987136586 133.145624376833 
159.13121966964 174.798134080984 164.183002365785 190.679777755232 
157.591697397868 155.29039264972 152.89224086584 133.693096592644 
192.09465719597 129.359985817739 160.819576650867 132.304844333258 
164.523190115078 168.86920777167 164.171648181981 139.75300296456 
183.710248004849 180.475776281956 82.9562968119093 153.089627821445 
130.534907597705 144.638114322488 192.034373911182 149.215744206124 
145.875146480423 176.745250468103 138.567362105526 114.634007882878
##$VisuCoreDataMax=( 800 )
31333.6683391112 32766.5 30577.4458314016 29114.3253177684 27155.3999854399 
25156.9441653876 23312.3412991248 22374.8468784533 20837.531785185 
20107.6260742692 19162.8357449948 18703.7597365713 17291.0936989328 
16747.44323095 16476.5655427038 15947.036200902 15141.5178669773 
15290.0086389175 14290.9762392107 13864.3093774362 13291.0404376244 
13268.4982606621 12620.0564330156 12687.8194096278 12036.5493563979 
11620.3529599652 11114.2346441298 11273.0973779261 10626.2182552301 
10625.6658869757 9956.49193522064 10050.5768105631 9524.44053185287 
9575.43127072667 9287.99812568881 8895.41739796328 8612.07924243251 
8157.80342854378 8338.92881783768 7720.14554574296 7626.87228277851 
7419.82212859482 7279.13532531756 6890.98196371005 6710.42666742064 
6589.6181670142 6763.42506328676 6441.66622550618 6186.83546386995 
6220.7556068023 23654.4394686872 22987.3933570004 20723.4017725922 
20148.4471778087 18211.5391344531 16897.3655095381 15863.139578605 
14795.4121511066 13592.064756149 14060.577408021 13021.5983657093 
12702.0188724578 11949.168861713 11543.3312403151 11119.4386848521 
10658.9219271404 10802.5354914524 9955.26921754969 10183.5870152656 
9402.95993970668 8971.28156011414 8659.03049857403 8479.96197854217 
8223.20722418411 8256.55598565669 8065.7169138764 7413.82560828168 
7539.47170379267 7071.37446053064 6316.58147177308 6701.27513139216 
6894.98880511495 6712.07558515488 5998.72421137877 5776.22843108381 
5570.32569090803 5643.2130702556 5708.38763532174 5383.69278038611 
5397.44765048755 4853.78543422997 4977.30271732303 4551.87978341979 
4412.3751524785 4104.61584264436 4908.52197027784 4304.01902515481 
4004.71345504297 4327.95906485076 3913.05935854195 18564.2495825539 
19409.0603336424 18050.2875125539 17156.382964438 15498.620959556 
14317.1683688633 13932.6969244625 13007.9272609061 12841.8657991772 
11683.7195929516 11474.0588979678 10875.1122359258 9828.68328699158 
10143.9396169093 9524.40363259696 9149.41733001642 8809.25754648628 
8598.20984541799 8658.45460812356 8326.81657789068 8138.36585694123 
8273.28337130509 7983.75197628937 7524.25805858756 7689.66845779986 
7298.36756267875 6914.40856085113 7007.48545002747 6625.48255149271 
6810.98424850179 6674.85776867583 6110.29618622287 6179.75163959777 
6183.25609351605 5939.49732796226 5605.80623912146 5779.85156039852 
5523.67073508741 5641.00125598723 5284.12946805658 4948.16123818642 
5117.04729157361 4890.14980855374 4864.01407370748 5121.69127920378 
4963.76050220477 4521.68650821245 4605.36398778612 4427.31239983378 
4322.81673746157 21850.51853092 22233.4965454919 20665.4990586734 
19040.3401070686 17138.9033752032 17114.1278965214 15029.7699782533 
14499.4695497394 13775.6175340355 12345.7964488438 12303.9433966684 
11771.6216794531 11522.1335580175 10915.3824251133 10724.7724471528 
10394.3186587646 10580.3028104559 10705.6557975136 9762.68319152705 
9460.62985891609 9588.80466951357 8920.20964713471 9645.08971848372 
8803.96522263826 8919.6145290583 8557.7646337791 8348.55880360553 
8445.1177627211 8291.76016894213 7742.06774899964 7419.56020232958 
7060.57554416191 7133.17635626457 7237.65324238339 6935.47309174517 
6914.02685886868 6767.41301483751 6517.21979454906 6253.55536588669 
6750.365233091 6405.10481082465 5945.41561015609 6311.19045210673 
6076.20597780902 5746.87695833257 5762.80823275467 5349.58188327596 
5134.2915419244 5327.7188347895 5020.18431269118 31090.1561801269 
31012.321022204 28346.7012292076 26573.1071478291 24043.746659278 
22498.4629354115 20486.9777387415 20238.0432869503 18680.0460972507 
17714.4772469584 16624.0271094115 15961.6975703333 15284.0793319455 
14867.9904758642 13930.4063236349 13443.465797863 13067.6902652383 
12830.6122356052 11820.8762234943 11750.6376086173 11236.3694050605 
10974.5190620151 10696.7336299079 10700.7304788172 10313.7621590173 
10415.1260432644 9680.77579630788 9756.05329851965 9968.42722354032 
9216.79206421473 9112.47162883212 8691.36478411891 8765.32777766493 
8762.6569313001 8116.90041616071 8401.25169226563 8304.02565921195 
8275.36766928097 7648.24795224168 7935.41419930305 7396.45335109481 
7235.2609272682 7183.20566947305 7067.77673835036 6716.62395518289 
7008.39033281251 6519.2362547117 6702.64586523296 6609.5483854225 
6261.68078370362 21663.85493672 23087.7334428522 20728.8850861829 
20346.9536832794 19669.9537146586 18841.0058290644 17766.3869611215 
17054.3180357392 16622.9809991531 16217.3818274957 15372.8371351409 
15422.3298859867 14915.9280986313 14349.5893890168 13918.516042843 
14213.4170634847 13587.2285611588 13175.5770816749 12552.8633670423 
12585.1008734481 12300.6943692742 11949.744228705 11814.7080417732 
11059.5421803598 11137.8060032284 10733.4276197925 10723.412638271 
10632.1123225343 10494.7960942693 10095.2936588198 9703.26713082503 
9860.32166089646 9517.44753003068 9172.98957690001 8831.04049304084 
8702.2731752276 8534.56389053494 8686.37236037679 8598.76079012487 
8466.28095719298 8288.12728944396 7910.1403147067 7539.72545092102 
7232.23350383717 7528.25177372647 7230.14526188502 6926.93969465146 
7070.42391848423 6464.21517469303 6758.99093501399 17583.236681234 
19345.8689144466 17896.8080724616 17850.2961694355 17301.1648199287 
16746.1673948253 16473.9853887396 15920.0533595042 15372.132891324 
15113.0433698518 15096.1335527604 14350.0247253092 14255.4656839877 
14017.7138247713 13264.2097880689 13287.3332462059 12570.4587706625 
12501.743317823 12591.0909889143 12377.4240191867 12314.6708174664 
11519.7446824899 11258.742964149 11399.5009721364 10874.5131964622 
10320.6157838125 10259.4942793345 9998.95406408642 10015.8317759745 
9463.23051420454 9098.17277850649 9068.28359598818 8784.88109578388 
8686.22806810599 8603.4232451858 8066.16725931702 8385.73046561335 
8271.76396403121 7543.41051237898 7477.73424697763 7853.85786613805 
7178.68433052961 7089.99380294835 6616.49951337079 6868.16779674985 
6343.90053229169 6224.40156997153 6116.97789121204 6195.05680739051 
6124.45760811979 14797.7364228098 16046.594742403 14956.1757447657 
14648.5362556902 13959.5278056092 14117.3552509883 13464.6002482867 
13380.1195292243 13005.4425796596 12459.0685863078 12311.9151545649 
12043.01568047 11558.5135344792 11853.8896211262 11092.3390739591 
10355.3411319684 10500.5668871517 10106.3997048356 9980.35465291906 
9766.30459874671 9696.49806768414 9246.03679369202 9105.75430843291 
8680.67327996486 8388.26294148027 8094.84608668548 8122.15049786221 
7717.99351363343 8086.49305073068 7646.80724043584 7207.47228755797 
7176.00047179063 7008.6298494813 6776.84525292295 6987.11783572236 
6550.01742730187 6132.18990496666 6109.51407387703 6116.99651407398 
5804.14158201698 6129.06821025287 5493.34747978478 5475.6000306483 
5500.93350912108 5362.96018802029 5068.75438803631 5222.63856246395 
5050.79681894084 4880.50158503569 4982.49234351343 14085.6202103806 
14524.7934383945 13496.4541424886 13503.6640570084 12847.60477973 
12660.6926727685 12503.8116789769 12141.7661895904 12066.5292178148 
11501.536724919 10902.3132598276 10934.9383938483 10486.7814316945 
10674.4211882496 10114.5472136465 9965.10652207933 9841.63182501945 
9262.3064226409 9086.34891120019 8944.73513792562 8828.06271737272 
8469.27428707241 8133.5330615429 8218.81197946717 7792.30011096095 
7745.52051492593 7478.52302024953 7196.2569889236 7265.84691283715 
7005.89917635315 7300.22629691096 6682.93440329848 6931.41316654654 
6654.41223583207 6220.69239708296 6500.78857214825 6273.79434049857 
6190.40855967599 5882.67671852172 5853.72791350747 5860.37371126714 
5630.63712255114 5882.40106894232 5421.27636424188 5396.91804704394 
5491.15499918562 5155.38676938519 5046.142285419 4796.61054417473 
4665.00673241643 10812.9534133868 11769.3174106942 11403.9951340097 
11111.598606691 10849.6845110594 10560.9959812405 9945.66872399082 
9994.50717207804 9897.35595733025 9593.86483161817 9233.24938249642 
9606.31093206815 9121.14540361394 8570.70021574387 8423.4745954213 
8592.61855214949 8294.5179877285 8149.43352017448 8066.82522101229 
7876.10954713356 7660.88345909976 7498.31874707879 7381.25995278569 
7489.14149498873 6862.3166140794 6877.30298912572 6730.64054033567 
6567.83600330982 6485.48084051249 6186.05282455049 6211.21667590663 
6150.83476157847 6222.75742774584 5757.45321699458 5792.87126120852 
5629.21368270906 5783.47847318534 5495.22879032388 5539.28046908871 
5100.97391221425 5245.95499823465 5255.11186724481 4956.24644488733 
5064.15501432814 4798.96160285727 4607.34784255438 4785.28183009827 
4798.2172756444 4237.401041166 4452.50463765864 10701.2448916203 
11792.2051075986 10958.0580920059 10612.9928747102 10577.3163223038 
11046.9695920649 10349.535547741 9915.77820999418 9513.47906790066 
9300.25581129536 9367.48718859378 9047.70870175813 8775.7867376268 
8660.84286110143 8402.01051758214 8477.68494769157 8167.4151021282 
8154.86093572096 8068.56866508436 7655.50713455755 7484.62082638099 
7687.91195884739 7715.05248310477 6962.04028878195 7094.50792415759 
6963.30224361183 6583.86554946469 6808.92860891019 6402.22304774585 
6448.46985315511 6136.41354134996 6037.85566696609 6059.57068693744 
5865.42800409464 5670.32620934295 5628.63873978758 5617.45467859708 
5473.96816026548 5252.54217127643 5301.11177901247 5062.30509909586 
5047.29300607493 4868.75162681329 4685.91187202028 5092.51698987254 
4409.35217173528 4382.84611089725 4554.52453581258 4344.86665718718 
4252.99737645462 10711.1780901633 11493.2920196422 9588.25377134363 
9143.66888921512 8208.32961014676 7436.10073514509 6880.89006194454 
6493.88041258767 6115.07793124314 6059.26466830179 5433.70279271944 
5349.65526878759 5466.34145025931 4990.67569501602 4936.29988131264 
4623.49211582192 4576.72406204528 4396.02864191958 4289.63911534481 
4330.72056796477 4203.01184600026 3949.05446283256 3855.58230374935 
3820.22556128923 3709.8736966591 3323.41766912297 3532.61993949237 
3374.81887669214 3196.48774741767 3042.37630609979 3240.04816556094 
3289.54446884082 3163.12733759655 2871.09566527451 3095.18003452521 
3055.88170722638 2873.51865535604 2709.83098934309 2566.41913765832 
2597.41891883074 2389.60234358675 2373.91376544261 2634.12889713157 
2487.9486178605 2233.38411679665 2287.50688495813 2314.75798674098 
2148.44760394802 2451.00751318129 2348.17377518432 15860.4558899029 
16733.5791211835 15134.7208678557 14776.8160067409 14607.5559921932 
13943.6377170953 13933.8745851375 13563.9653257753 13118.5765094641 
12708.4141619669 12258.1298394817 11964.9829988917 12192.7306727641 
11544.7678494253 11294.9309541622 10534.4017167964 10577.8114533221 
10190.6615056295 10236.2859559376 9841.15613708988 9844.72284619891 
9770.16694407297 9669.52555750976 9299.69008859631 9155.20336532954 
8879.79629706048 8690.12003900975 8568.56782798193 8572.5954359727 
8106.8367939206 7829.20314998489 7903.33240544738 7477.30290738485 
7369.60162501881 6958.02688859976 7459.81191458298 7001.6549395582 
6615.15163824994 6557.6947033576 6591.47324624989 6859.58585389578 
6041.55394227014 6370.80406926204 5677.40784230457 5948.22891529151 
5908.96196294543 5493.17876912482 5574.83754935688 5439.18732689713 
5479.53224679267 20908.9617675693 22117.5998091377 19323.5564960198 
18833.1212071924 18749.8107173467 18336.0952260178 18059.5744280222 
17774.1319772722 17196.5028340088 16911.9411330101 16259.2617927202 
15919.798018607 15567.3609357292 15437.9439693022 15075.1085023488 
14901.848091913 14037.1307088739 14336.7349344964 14140.3331292084 
13434.8187255432 13092.6025214743 13011.2853741369 12758.9068572665 
12465.887712733 11952.9849329114 11790.202257864 11374.2071784458 
11295.9084493111 11071.8278060869 10766.1929203164 10788.9686325506 
10470.2874191359 10190.7210584799 10280.3459220551 9728.45065480912 
9569.99899015808 9466.11665367021 9185.35055136793 9109.81942722222 
9186.87561965381 8746.93190775146 8599.91478974235 7968.42766920141 
8124.30407701423 8113.67587916453 7813.64758354277 7480.63250422885 
7394.2706882124 7038.53884178304 7316.8975634979 22127.2105627298 
23434.4087496867 22197.4978374842 21557.1383433188 20877.9404599066 
20164.6296853423 19276.7471397145 19117.9877095755 18693.7727842743 
17962.6353250922 17155.923318858 17018.6217042617 16593.0235010375 
15708.8744103835 15379.1966013166 14872.2096302322 14476.0203810093 
14349.0004370329 13714.1510163883 13302.317518852 13063.2836087278 
12513.0080926048 12332.6438526174 12163.255577134 11845.638245259 
11942.5126201154 11572.3017936388 11154.8932672306 10854.7495030838 
10429.5835871408 10508.4004782015 9812.06041303804 9994.51991831894 
9396.99936072441 9604.77709356096 9854.95495281365 8953.25189458507 
8652.95345759503 8264.68408957125 8388.16390914616 8516.54515253548 
7555.5249053079 7660.18722629745 7567.00717093448 7151.9565213977 
7195.73560550548 7209.18608143092 6967.93350180374 6958.37784373586 
6552.19057018523 13485.0037279229 13790.1220606171 12759.9013550758 
12480.9350038969 11925.9757081313 11395.1052138104 11346.9697136379 
11420.4270310218 10507.4732978539 10390.3245026711 10527.910334048 
9574.06867662886 9292.50034979999 9417.1014998616 8882.61558565486 
8687.24002941098 8322.66081436825 8242.61564612843 7956.4328235969 
7901.82902607283 7894.79678017358 7446.25951220984 7295.11221945709 
7407.70572612007 6634.52484266208 6729.18775304015 6139.31148935314 
6426.03991826888 5948.4604741703 5761.20851114812 5882.08863309155 
5428.08681208514 5616.36909555491 5299.71388787346 5338.58246585648 
4736.44226677009 4946.31904621958 5117.46592067805 4829.57918460637 
4669.94293627428 4681.68411988682 4325.62694233845 4203.05617175173 
4247.44085383935 4021.37967242662 4113.11497639437 3704.59590181392 
3771.25045070126 3605.04869116501 3603.79994557507
##$VisuCoreDataOffs=( 800 )
0 0 0 0 0 0 0 0 0 0 0 0 0 0 0 0 0 0 0 0 0 0 0 0 0 0 0 0 0 0 0 0 0 0 0 0 0 0 0 
0 0 0 0 0 0 0 0 0 0 0 0 0 0 0 0 0 0 0 0 0 0 0 0 0 0 0 0 0 0 0 0 0 0 0 0 0 0 0 
0 0 0 0 0 0 0 0 0 0 0 0 0 0 0 0 0 0 0 0 0 0 0 0 0 0 0 0 0 0 0 0 0 0 0 0 0 0 0 
0 0 0 0 0 0 0 0 0 0 0 0 0 0 0 0 0 0 0 0 0 0 0 0 0 0 0 0 0 0 0 0 0 0 0 0 0 0 0 
0 0 0 0 0 0 0 0 0 0 0 0 0 0 0 0 0 0 0 0 0 0 0 0 0 0 0 0 0 0 0 0 0 0 0 0 0 0 0 
0 0 0 0 0 0 0 0 0 0 0 0 0 0 0 0 0 0 0 0 0 0 0 0 0 0 0 0 0 0 0 0 0 0 0 0 0 0 0 
0 0 0 0 0 0 0 0 0 0 0 0 0 0 0 0 0 0 0 0 0 0 0 0 0 0 0 0 0 0 0 0 0 0 0 0 0 0 0 
0 0 0 0 0 0 0 0 0 0 0 0 0 0 0 0 0 0 0 0 0 0 0 0 0 0 0 0 0 0 0 0 0 0 0 0 0 0 0 
0 0 0 0 0 0 0 0 0 0 0 0 0 0 0 0 0 0 0 0 0 0 0 0 0 0 0 0 0 0 0 0 0 0 0 0 0 0 0 
0 0 0 0 0 0 0 0 0 0 0 0 0 0 0 0 0 0 0 0 0 0 0 0 0 0 0 0 0 0 0 0 0 0 0 0 0 0 0 
0 0 0 0 0 0 0 0 0 0 0 0 0 0 0 0 0 0 0 0 0 0 0 0 0 0 0 0 0 0 0 0 0 0 0 0 0 0 0 
0 0 0 0 0 0 0 0 0 0 0 0 0 0 0 0 0 0 0 0 0 0 0 0 0 0 0 0 0 0 0 0 0 0 0 0 0 0 0 
0 0 0 0 0 0 0 0 0 0 0 0 0 0 0 0 0 0 0 0 0 0 0 0 0 0 0 0 0 0 0 0 0 0 0 0 0 0 0 
0 0 0 0 0 0 0 0 0 0 0 0 0 0 0 0 0 0 0 0 0 0 0 0 0 0 0 0 0 0 0 0 0 0 0 0 0 0 0 
0 0 0 0 0 0 0 0 0 0 0 0 0 0 0 0 0 0 0 0 0 0 0 0 0 0 0 0 0 0 0 0 0 0 0 0 0 0 0 
0 0 0 0 0 0 0 0 0 0 0 0 0 0 0 0 0 0 0 0 0 0 0 0 0 0 0 0 0 0 0 0 0 0 0 0 0 0 0 
0 0 0 0 0 0 0 0 0 0 0 0 0 0 0 0 0 0 0 0 0 0 0 0 0 0 0 0 0 0 0 0 0 0 0 0 0 0 0 
0 0 0 0 0 0 0 0 0 0 0 0 0 0 0 0 0 0 0 0 0 0 0 0 0 0 0 0 0 0 0 0 0 0 0 0 0 0 0 
0 0 0 0 0 0 0 0 0 0 0 0 0 0 0 0 0 0 0 0 0 0 0 0 0 0 0 0 0 0 0 0 0 0 0 0 0 0 0 
0 0 0 0 0 0 0 0 0 0 0 0 0 0 0 0 0 0 0 0 0 0 0 0 0 0 0 0 0 0 0 0 0 0 0 0 0 0 0 
0 0 0 0 0 0 0 0 0 0 0 0 0 0 0 0 0 0 0 0
##$VisuCoreDataSlope=( 800 )
0.00496321242780842 0.00496321242780842 0.00496321242780842 
0.00496321242780842 0.00496321242780842 0.00496321242780842 
0.00496321242780842 0.00496321242780842 0.00496321242780842 
0.00496321242780842 0.00496321242780842 0.00496321242780842 
0.00496321242780842 0.00496321242780842 0.00496321242780842 
0.00496321242780842 0.00496321242780842 0.00496321242780842 
0.00496321242780842 0.00496321242780842 0.00496321242780842 
0.00496321242780842 0.00496321242780842 0.00496321242780842 
0.00496321242780842 0.00496321242780842 0.00496321242780842 
0.00496321242780842 0.00496321242780842 0.00496321242780842 
0.00496321242780842 0.00496321242780842 0.00496321242780842 
0.00496321242780842 0.00496321242780842 0.00496321242780842 
0.00496321242780842 0.00496321242780842 0.00496321242780842 
0.00496321242780842 0.00496321242780842 0.00496321242780842 
0.00496321242780842 0.00496321242780842 0.00496321242780842 
0.00496321242780842 0.00496321242780842 0.00496321242780842 
0.00496321242780842 0.00496321242780842 0.00496321242780842 
0.00496321242780842 0.00496321242780842 0.00496321242780842 
0.00496321242780842 0.00496321242780842 0.00496321242780842 
0.00496321242780842 0.00496321242780842 0.00496321242780842 
0.00496321242780842 0.00496321242780842 0.00496321242780842 
0.00496321242780842 0.00496321242780842 0.00496321242780842 
0.00496321242780842 0.00496321242780842 0.00496321242780842 
0.00496321242780842 0.00496321242780842 0.00496321242780842 
0.00496321242780842 0.00496321242780842 0.00496321242780842 
0.00496321242780842 0.00496321242780842 0.00496321242780842 
0.00496321242780842 0.00496321242780842 0.00496321242780842 
0.00496321242780842 0.00496321242780842 0.00496321242780842 
0.00496321242780842 0.00496321242780842 0.00496321242780842 
0.00496321242780842 0.00496321242780842 0.00496321242780842 
0.00496321242780842 0.00496321242780842 0.00496321242780842 
0.00496321242780842 0.00496321242780842 0.00496321242780842 
0.00496321242780842 0.00496321242780842 0.00496321242780842 
0.00496321242780842 0.00496321242780842 0.00496321242780842 
0.00496321242780842 0.00496321242780842 0.00496321242780842 
0.00496321242780842 0.00496321242780842 0.00496321242780842 
0.00496321242780842 0.00496321242780842 0.00496321242780842 
0.00496321242780842 0.00496321242780842 0.00496321242780842 
0.00496321242780842 0.00496321242780842 0.00496321242780842 
0.00496321242780842 0.00496321242780842 0.00496321242780842 
0.00496321242780842 0.00496321242780842 0.00496321242780842 
0.00496321242780842 0.00496321242780842 0.00496321242780842 
0.00496321242780842 0.00496321242780842 0.00496321242780842 
0.00496321242780842 0.00496321242780842 0.00496321242780842 
0.00496321242780842 0.00496321242780842 0.00496321242780842 
0.00496321242780842 0.00496321242780842 0.00496321242780842 
0.00496321242780842 0.00496321242780842 0.00496321242780842 
0.00496321242780842 0.00496321242780842 0.00496321242780842 
0.00496321242780842 0.00496321242780842 0.00496321242780842 
0.00496321242780842 0.00496321242780842 0.00496321242780842 
0.00496321242780842 0.00496321242780842 0.00496321242780842 
0.00496321242780842 0.00496321242780842 0.00496321242780842 
0.00496321242780842 0.00496321242780842 0.00496321242780842 
0.00496321242780842 0.00496321242780842 0.00496321242780842 
0.00496321242780842 0.00496321242780842 0.00496321242780842 
0.00496321242780842 0.00496321242780842 0.00496321242780842 
0.00496321242780842 0.00496321242780842 0.00496321242780842 
0.00496321242780842 0.00496321242780842 0.00496321242780842 
0.00496321242780842 0.00496321242780842 0.00496321242780842 
0.00496321242780842 0.00496321242780842 0.00496321242780842 
0.00496321242780842 0.00496321242780842 0.00496321242780842 
0.00496321242780842 0.00496321242780842 0.00496321242780842 
0.00496321242780842 0.00496321242780842 0.00496321242780842 
0.00496321242780842 0.00496321242780842 0.00496321242780842 
0.00496321242780842 0.00496321242780842 0.00496321242780842 
0.00496321242780842 0.00496321242780842 0.00496321242780842 
0.00496321242780842 0.00496321242780842 0.00496321242780842 
0.00496321242780842 0.00496321242780842 0.00496321242780842 
0.00496321242780842 0.00496321242780842 0.00496321242780842 
0.00496321242780842 0.00496321242780842 0.00496321242780842 
0.00496321242780842 0.00496321242780842 0.00496321242780842 
0.00496321242780842 0.00496321242780842 0.00496321242780842 
0.00496321242780842 0.00496321242780842 0.00496321242780842 
0.00496321242780842 0.00496321242780842 0.00496321242780842 
0.00496321242780842 0.00496321242780842 0.00496321242780842 
0.00496321242780842 0.00496321242780842 0.00496321242780842 
0.00496321242780842 0.00496321242780842 0.00496321242780842 
0.00496321242780842 0.00496321242780842 0.00496321242780842 
0.00496321242780842 0.00496321242780842 0.00496321242780842 
0.00496321242780842 0.00496321242780842 0.00496321242780842 
0.00496321242780842 0.00496321242780842 0.00496321242780842 
0.00496321242780842 0.00496321242780842 0.00496321242780842 
0.00496321242780842 0.00496321242780842 0.00496321242780842 
0.00496321242780842 0.00496321242780842 0.00496321242780842 
0.00496321242780842 0.00496321242780842 0.00496321242780842 
0.00496321242780842 0.00496321242780842 0.00496321242780842 
0.00496321242780842 0.00496321242780842 0.00496321242780842 
0.00496321242780842 0.00496321242780842 0.00496321242780842 
0.00496321242780842 0.00496321242780842 0.00496321242780842 
0.00496321242780842 0.00496321242780842 0.00496321242780842 
0.00496321242780842 0.00496321242780842 0.00496321242780842 
0.00496321242780842 0.00496321242780842 0.00496321242780842 
0.00496321242780842 0.00496321242780842 0.00496321242780842 
0.00496321242780842 0.00496321242780842 0.00496321242780842 
0.00496321242780842 0.00496321242780842 0.00496321242780842 
0.00496321242780842 0.00496321242780842 0.00496321242780842 
0.00496321242780842 0.00496321242780842 0.00496321242780842 
0.00496321242780842 0.00496321242780842 0.00496321242780842 
0.00496321242780842 0.00496321242780842 0.00496321242780842 
0.00496321242780842 0.00496321242780842 0.00496321242780842 
0.00496321242780842 0.00496321242780842 0.00496321242780842 
0.00496321242780842 0.00496321242780842 0.00496321242780842 
0.00496321242780842 0.00496321242780842 0.00496321242780842 
0.00496321242780842 0.00496321242780842 0.00496321242780842 
0.00496321242780842 0.00496321242780842 0.00496321242780842 
0.00496321242780842 0.00496321242780842 0.00496321242780842 
0.00496321242780842 0.00496321242780842 0.00496321242780842 
0.00496321242780842 0.00496321242780842 0.00496321242780842 
0.00496321242780842 0.00496321242780842 0.00496321242780842 
0.00496321242780842 0.00496321242780842 0.00496321242780842 
0.00496321242780842 0.00496321242780842 0.00496321242780842 
0.00496321242780842 0.00496321242780842 0.00496321242780842 
0.00496321242780842 0.00496321242780842 0.00496321242780842 
0.00496321242780842 0.00496321242780842 0.00496321242780842 
0.00496321242780842 0.00496321242780842 0.00496321242780842 
0.00496321242780842 0.00496321242780842 0.00496321242780842 
0.00496321242780842 0.00496321242780842 0.00496321242780842 
0.00496321242780842 0.00496321242780842 0.00496321242780842 
0.00496321242780842 0.00496321242780842 0.00496321242780842 
0.00496321242780842 0.00496321242780842 0.00496321242780842 
0.00496321242780842 0.00496321242780842 0.00496321242780842 
0.00496321242780842 0.00496321242780842 0.00496321242780842 
0.00496321242780842 0.00496321242780842 0.00496321242780842 
0.00496321242780842 0.00496321242780842 0.00496321242780842 
0.00496321242780842 0.00496321242780842 0.00496321242780842 
0.00496321242780842 0.00496321242780842 0.00496321242780842 
0.00496321242780842 0.00496321242780842 0.00496321242780842 
0.00496321242780842 0.00496321242780842 0.00496321242780842 
0.00496321242780842 0.00496321242780842 0.00496321242780842 
0.00496321242780842 0.00496321242780842 0.00496321242780842 
0.00496321242780842 0.00496321242780842 0.00496321242780842 
0.00496321242780842 0.00496321242780842 0.00496321242780842 
0.00496321242780842 0.00496321242780842 0.00496321242780842 
0.00496321242780842 0.00496321242780842 0.00496321242780842 
0.00496321242780842 0.00496321242780842 0.00496321242780842 
0.00496321242780842 0.00496321242780842 0.00496321242780842 
0.00496321242780842 0.00496321242780842 0.00496321242780842 
0.00496321242780842 0.00496321242780842 0.00496321242780842 
0.00496321242780842 0.00496321242780842 0.00496321242780842 
0.00496321242780842 0.00496321242780842 0.00496321242780842 
0.00496321242780842 0.00496321242780842 0.00496321242780842 
0.00496321242780842 0.00496321242780842 0.00496321242780842 
0.00496321242780842 0.00496321242780842 0.00496321242780842 
0.00496321242780842 0.00496321242780842 0.00496321242780842 
0.00496321242780842 0.00496321242780842 0.00496321242780842 
0.00496321242780842 0.00496321242780842 0.00496321242780842 
0.00496321242780842 0.00496321242780842 0.00496321242780842 
0.00496321242780842 0.00496321242780842 0.00496321242780842 
0.00496321242780842 0.00496321242780842 0.00496321242780842 
0.00496321242780842 0.00496321242780842 0.00496321242780842 
0.00496321242780842 0.00496321242780842 0.00496321242780842 
0.00496321242780842 0.00496321242780842 0.00496321242780842 
0.00496321242780842 0.00496321242780842 0.00496321242780842 
0.00496321242780842 0.00496321242780842 0.00496321242780842 
0.00496321242780842 0.00496321242780842 0.00496321242780842 
0.00496321242780842 0.00496321242780842 0.00496321242780842 
0.00496321242780842 0.00496321242780842 0.00496321242780842 
0.00496321242780842 0.00496321242780842 0.00496321242780842 
0.00496321242780842 0.00496321242780842 0.00496321242780842 
0.00496321242780842 0.00496321242780842 0.00496321242780842 
0.00496321242780842 0.00496321242780842 0.00496321242780842 
0.00496321242780842 0.00496321242780842 0.00496321242780842 
0.00496321242780842 0.00496321242780842 0.00496321242780842 
0.00496321242780842 0.00496321242780842 0.00496321242780842 
0.00496321242780842 0.00496321242780842 0.00496321242780842 
0.00496321242780842 0.00496321242780842 0.00496321242780842 
0.00496321242780842 0.00496321242780842 0.00496321242780842 
0.00496321242780842 0.00496321242780842 0.00496321242780842 
0.00496321242780842 0.00496321242780842 0.00496321242780842 
0.00496321242780842 0.00496321242780842 0.00496321242780842 
0.00496321242780842 0.00496321242780842 0.00496321242780842 
0.00496321242780842 0.00496321242780842 0.00496321242780842 
0.00496321242780842 0.00496321242780842 0.00496321242780842 
0.00496321242780842 0.00496321242780842 0.00496321242780842 
0.00496321242780842 0.00496321242780842 0.00496321242780842 
0.00496321242780842 0.00496321242780842 0.00496321242780842 
0.00496321242780842 0.00496321242780842 0.00496321242780842 
0.00496321242780842 0.00496321242780842 0.00496321242780842 
0.00496321242780842 0.00496321242780842 0.00496321242780842 
0.00496321242780842 0.00496321242780842 0.00496321242780842 
0.00496321242780842 0.00496321242780842 0.00496321242780842 
0.00496321242780842 0.00496321242780842 0.00496321242780842 
0.00496321242780842 0.00496321242780842 0.00496321242780842 
0.00496321242780842 0.00496321242780842 0.00496321242780842 
0.00496321242780842 0.00496321242780842 0.00496321242780842 
0.00496321242780842 0.00496321242780842 0.00496321242780842 
0.00496321242780842 0.00496321242780842 0.00496321242780842 
0.00496321242780842 0.00496321242780842 0.00496321242780842 
0.00496321242780842 0.00496321242780842 0.00496321242780842 
0.00496321242780842 0.00496321242780842 0.00496321242780842 
0.00496321242780842 0.00496321242780842 0.00496321242780842 
0.00496321242780842 0.00496321242780842 0.00496321242780842 
0.00496321242780842 0.00496321242780842 0.00496321242780842 
0.00496321242780842 0.00496321242780842 0.00496321242780842 
0.00496321242780842 0.00496321242780842 0.00496321242780842 
0.00496321242780842 0.00496321242780842 0.00496321242780842 
0.00496321242780842 0.00496321242780842 0.00496321242780842 
0.00496321242780842 0.00496321242780842 0.00496321242780842 
0.00496321242780842 0.00496321242780842 0.00496321242780842 
0.00496321242780842 0.00496321242780842 0.00496321242780842 
0.00496321242780842 0.00496321242780842 0.00496321242780842 
0.00496321242780842 0.00496321242780842 0.00496321242780842 
0.00496321242780842 0.00496321242780842 0.00496321242780842 
0.00496321242780842 0.00496321242780842 0.00496321242780842 
0.00496321242780842 0.00496321242780842 0.00496321242780842 
0.00496321242780842 0.00496321242780842 0.00496321242780842 
0.00496321242780842 0.00496321242780842 0.00496321242780842 
0.00496321242780842 0.00496321242780842 0.00496321242780842 
0.00496321242780842 0.00496321242780842 0.00496321242780842 
0.00496321242780842 0.00496321242780842 0.00496321242780842 
0.00496321242780842 0.00496321242780842 0.00496321242780842 
0.00496321242780842 0.00496321242780842 0.00496321242780842 
0.00496321242780842 0.00496321242780842 0.00496321242780842 
0.00496321242780842 0.00496321242780842 0.00496321242780842 
0.00496321242780842 0.00496321242780842 0.00496321242780842 
0.00496321242780842 0.00496321242780842 0.00496321242780842 
0.00496321242780842 0.00496321242780842 0.00496321242780842 
0.00496321242780842 0.00496321242780842 0.00496321242780842 
0.00496321242780842 0.00496321242780842 0.00496321242780842 
0.00496321242780842 0.00496321242780842 0.00496321242780842 
0.00496321242780842 0.00496321242780842 0.00496321242780842 
0.00496321242780842 0.00496321242780842 0.00496321242780842 
0.00496321242780842 0.00496321242780842 0.00496321242780842 
0.00496321242780842 0.00496321242780842 0.00496321242780842 
0.00496321242780842 0.00496321242780842 0.00496321242780842 
0.00496321242780842 0.00496321242780842 0.00496321242780842 
0.00496321242780842 0.00496321242780842 0.00496321242780842 
0.00496321242780842 0.00496321242780842 0.00496321242780842 
0.00496321242780842 0.00496321242780842 0.00496321242780842 
0.00496321242780842 0.00496321242780842 0.00496321242780842 
0.00496321242780842 0.00496321242780842 0.00496321242780842 
0.00496321242780842 0.00496321242780842 0.00496321242780842 
0.00496321242780842 0.00496321242780842 0.00496321242780842 
0.00496321242780842 0.00496321242780842 0.00496321242780842 
0.00496321242780842 0.00496321242780842 0.00496321242780842 
0.00496321242780842 0.00496321242780842 0.00496321242780842 
0.00496321242780842 0.00496321242780842 0.00496321242780842 
0.00496321242780842 0.00496321242780842 0.00496321242780842 
0.00496321242780842 0.00496321242780842 0.00496321242780842 
0.00496321242780842 0.00496321242780842 0.00496321242780842 
0.00496321242780842 0.00496321242780842 0.00496321242780842 
0.00496321242780842 0.00496321242780842 0.00496321242780842 
0.00496321242780842 0.00496321242780842 0.00496321242780842 
0.00496321242780842 0.00496321242780842 0.00496321242780842 
0.00496321242780842 0.00496321242780842 0.00496321242780842 
0.00496321242780842 0.00496321242780842 0.00496321242780842 
0.00496321242780842 0.00496321242780842 0.00496321242780842 
0.00496321242780842 0.00496321242780842 0.00496321242780842 
0.00496321242780842 0.00496321242780842 0.00496321242780842 
0.00496321242780842 0.00496321242780842 0.00496321242780842 
0.00496321242780842 0.00496321242780842 0.00496321242780842 
0.00496321242780842 0.00496321242780842 0.00496321242780842 
0.00496321242780842 0.00496321242780842 0.00496321242780842 
0.00496321242780842 0.00496321242780842 0.00496321242780842 
0.00496321242780842 0.00496321242780842 0.00496321242780842 
0.00496321242780842 0.00496321242780842 0.00496321242780842 
0.00496321242780842 0.00496321242780842 0.00496321242780842 
0.00496321242780842 0.00496321242780842 0.00496321242780842 
0.00496321242780842 0.00496321242780842 0.00496321242780842 
0.00496321242780842 0.00496321242780842 0.00496321242780842 
0.00496321242780842 0.00496321242780842 0.00496321242780842 
0.00496321242780842 0.00496321242780842 0.00496321242780842 
0.00496321242780842 0.00496321242780842 0.00496321242780842 
0.00496321242780842 0.00496321242780842 0.00496321242780842 
0.00496321242780842 0.00496321242780842 0.00496321242780842 
0.00496321242780842 0.00496321242780842 0.00496321242780842 
0.00496321242780842 0.00496321242780842
##$VisuCoreFrameType=( 1 )
MAGNITUDE_IMAGE
##$VisuCoreSlicePacksDef=(1, 1)
##$VisuCoreSlicePacksSlices=( 1 )
(0, 16)
##$VisuCoreSlicePacksSliceDist=( 1 )
1
##$VisuCoreWordType=_16BIT_SGN_INT
##$VisuCoreByteOrder=littleEndian
##$VisuFGOrderDescDim=2
##$VisuFGOrderDesc=( 2 )
(50, <FG_ECHO>, <>, 0, 1) (16, <FG_SLICE>, <>, 1, 2)
##$VisuGroupDepVals=( 3 )
(<VisuAcqEchoTime>, 0) (<VisuCoreOrientation>, 0) (<VisuCorePosition>, 0)
##$VisuSubjectName=( 65 )
<EW_Cup_Treat_07_3NN>
##$VisuSubjectId=( 65 )
<EW_Cup_Treat_07_3NN>
##$VisuSubjectUid=( 65 )
<2.16.756.5.5.100.8323328.103382.1536226297.2249>
##$VisuSubjectInstanceCreationDate=(1536226297, 913, 120)
##$VisuSubjectBirthDate=( 9 )
<20180906>
##$VisuSubjectSex=UNKNOWN
##$VisuSubjectType=Quadruped
##$VisuStudyUid=( 65 )
<2.16.756.5.5.100.8323328.103382.1536226297.2250>
##$VisuStudyDate=<2018-09-06T11:31:37,913+0200>
##$VisuStudyId=( 65 )
<EW_Cup_Treat_07_3NN>
##$VisuStudyNumber=1
##$VisuSubjectWeight=0.001
##$VisuStudyReferringPhysician=( 65 )
<gilnavon>
##$VisuStudyDescription=( 2048 )
<\
>
##$VisuExperimentNumber=15
##$VisuProcessingNumber=1
##$VisuSeriesDate=<2018-09-06T14:46:22,528+0200>
##$VisuSubjectPosition=Head_Prone
##$VisuSeriesTypeId=( 65 )
<ACQ_BRUKER_PVM>
##$VisuManufacturer=( 65 )
<Bruker BioSpin MRI GmbH>
##$VisuAcqSoftwareVersion=( 65 )
<6.0.1>
##$VisuInstitution=( 65 )
<Tel Aviv University>
##$VisuStation=( 65 )
<BioSpec 70/30>
##$VisuSystemOrderNumber=( 65 )
<10271051>
##$VisuAcqDate=<2018-09-06T14:36:35,283+0200>
##$VisuAcqEchoTrainLength=1
##$VisuAcqSequenceName=( 40 )
<Bruker:MSME>
##$VisuAcqNumberOfAverages=1
##$VisuAcqImagingFrequency=300.336401902114
##$VisuAcqImagedNucleus=( 8 )
<1H>
##$VisuAcqRepetitionTime=( 1 )
4468.59116983092
##$VisuAcqPhaseEncSteps=128
##$VisuAcqPixelBandwidth=390.625
##$VisuAcqFlipAngle=90
##$VisuAcqSize=( 2 )
128 128
##$VisuAcqImageSizeAccellerated=No
##$VisuAcqGradEncoding=( 2 )
read_enc phase_enc
##$VisuAcqEchoTime=( 50 )
5.50239501216698 11.004790024334 16.5071850365009 22.0095800486679 
27.5119750608349 33.0143700730019 38.5167650851689 44.0191600973359 
49.5215551095029 55.0239501216698 60.5263451338368 66.0287401460038 
71.5311351581708 77.0335301703378 82.5359251825048 88.0383201946717 
93.5407152068387 99.0431102190057 104.545505231173 110.04790024334 
115.550295255507 121.052690267674 126.555085279841 132.057480292008 
137.559875304175 143.062270316342 148.564665328509 154.067060340676 
159.569455352843 165.07185036501 170.574245377177 176.076640389343 
181.57903540151 187.081430413677 192.583825425844 198.086220438011 
203.588615450178 209.091010462345 214.593405474512 220.095800486679 
225.598195498846 231.100590511013 236.60298552318 242.105380535347 
247.607775547514 253.110170559681 258.612565571848 264.114960584015 
269.617355596182 275.119750608349
##$VisuAcquisitionProtocol=( 65 )
<MSME>
##$VisuAcqScanTime=571979.669738358
##$VisuAcqAntiAlias=( 2 )
1 1
##$VisuAcqEchoSequenceType=Both
##$VisuAcqSpinsVelocityEncoded=No
##$VisuAcqHasTimeOfFlightContrast=No
##$VisuAcqIsEpiSequence=No
##$VisuAcqSpectralSuppression=NoSuppression
##$VisuAcqKSpaceTraversal=RectilinearTraversal
##$VisuAcqEncodingOrder=( 2 )
LinearEncoding LinearEncoding
##$VisuAcqKSpaceTrajectoryCnt=1
##$VisuAcqKSpaceFiltering=( 2 )
NO_WDW NO_WDW
##$VisuAcqFlowCompensation=FlowNone
##$VisuAcqSpoiling=GradientSpoiled
##$VisuAcqPartialFourier=( 2 )
1 1
##$VisuAcqParallelReductionFactor=( 2 )
1 1
##$VisuAcqMagnetizationTransfer=No
##$VisuAcqBloodSignalNulling=No
##$VisuCardiacSynchUsed=No
##$VisuRespSynchUsed=No
##END=
$$ File finished by PARX at 2018-09-06 14:46:22.624 +0200
