##TITLE=Parameter List, ParaVision 6.0.1
##JCAMPDX=4.24
##DATATYPE=Parameter Values
##ORIGIN=Bruker BioSpin MRI GmbH
##OWNER=gilnavon
$$ 2018-09-06 11:20:37.076 +0200  gilnavon@CZC7238NT5
$$ /opt/PV6.0.1/data/gilnavon/20180906_074334_EW_Cup_Treat_06_2NN_EW_Cup_Treat_06_2NN_1_1/15/method
$$ process /opt/PV6.0.1/prog/mod/acq_out
##$Method=<Bruker:MSME>
##$PVM_EchoTime=5.50239501216698
##$EffectiveTE=( 50 )
5.50239501216698 11.004790024334 16.5071850365009 22.0095800486679 
27.5119750608349 33.0143700730019 38.5167650851689 44.0191600973359 
49.5215551095029 55.0239501216698 60.5263451338368 66.0287401460038 
71.5311351581708 77.0335301703378 82.5359251825048 88.0383201946717 
93.5407152068387 99.0431102190057 104.545505231173 110.04790024334 
115.550295255507 121.052690267674 126.555085279841 132.057480292008 
137.559875304175 143.062270316342 148.564665328509 154.067060340676 
159.569455352843 165.07185036501 170.574245377177 176.076640389343 
181.57903540151 187.081430413677 192.583825425844 198.086220438011 
203.588615450178 209.091010462345 214.593405474512 220.095800486679 
225.598195498846 231.100590511013 236.60298552318 242.105380535347 
247.607775547514 253.110170559681 258.612565571848 264.114960584015 
269.617355596182 275.119750608349
##$PVM_RepetitionTime=4468.59116983092
##$PVM_NAverages=1
##$PVM_NRepetitions=1
$$ @vis= Method PVM_EchoTime EffectiveTE PVM_RepetitionTime PVM_NAverages
##$PVM_ScanTimeStr=( 16 )
<0h9m31s979ms>
##$PVM_ScanTime=571979.669738358
##$PVM_DeriveGains=Yes
##$ExcPulse1Enum=<hermite>
##$ExcPulse1=(2.7, 2000, 90, No, 3, 5400, 0.1794, 0.173622206901755, 0, 50, 
9.56550467179769, <hermite.exc>)
$$ @vis= PVM_NRepetitions PVM_ScanTimeStr PVM_DeriveGains ExcPulse1Enum
##$ExcPulse1Ampl=(9.56550467179769, 21.8695046489372, -9.8070788815265)
##$RefPulse1Enum=<hermite>
##$RefPulse1=(1.71, 2000, 180, No, 3, 3420, 0.1794, 0.173622206901755, 1, 0, 
95.3900742893953, <hermite.rfc>)
##$RefPulse1Ampl=(95.3900742893953, 69.0615936282227, -19.7950318701428)
##$PVM_GradCalConst=27691.9
##$PVM_Nucleus1Enum=<1H>
$$ @vis= ExcPulse1 RefPulse1Enum RefPulse1 RF_Pulses PVM_GradCalConst
##$PVM_Nucleus1=( 8 )
<1H>
##$PVM_RefPowMod1=AutoAdj
##$PVM_RefPowCh1=2.24429681889399
##$PVM_RefPowStat1=( 1024 )
<Study: Adj by AdjRefG (protocol ADJ_REFG)>
$$ @vis= PVM_Nucleus1Enum PVM_Nucleus1 PVM_RefPowMod1 PVM_RefPowCh1
##$PVM_Nucleus2Enum=<1H>
##$PVM_Nucleus3Enum=<1H>
##$PVM_Nucleus4Enum=<1H>
##$PVM_Nucleus5Enum=<1H>
##$PVM_Nucleus6Enum=<1H>
##$PVM_Nucleus7Enum=<1H>
##$PVM_Nucleus8Enum=<1H>
##$PVM_FrqRef=( 8 )
300.336375116418 0 0 0 0 0 0 0
##$PVM_FrqWorkOffset=( 8 )
0 0 0 0 0 0 0 0
##$PVM_FrqWork=( 8 )
300.336375116418 0 0 0 0 0 0 0
##$PVM_FrqRefPpm=( 8 )
4.7 0 0 0 0 0 0 0
$$ @vis= PVM_RefPowStat1 PVM_FrqRef PVM_FrqWorkOffset PVM_FrqWork
##$PVM_FrqWorkOffsetPpm=( 8 )
0 0 0 0 0 0 0 0
##$PVM_FrqWorkPpm=( 8 )
4.7 0 0 0 0 0 0 0
##$PVM_NucleiPpmWork=( 20 )
(<1H>, 4.7) (<none>, 0) (<none>, 0) (<none>, 0) (<none>, 0) (<none>, 0) 
(<none>, 0) (<none>, 0) (<none>, 0) (<none>, 0) (<none>, 0) (<none>, 0) 
(<none>, 0) (<none>, 0) (<none>, 0) (<none>, 0) (<none>, 0) (<none>, 0) 
(<none>, 0) (<none>, 0)
$$ @vis= PVM_FrqRefPpm PVM_FrqWorkOffsetPpm PVM_FrqWorkPpm PVM_NucleiPpmWork
##$PVM_SpatDimEnum=<2D>
##$PVM_IsotropicFovRes=Isot_None
##$PVM_Matrix=( 2 )
128 128
##$PVM_MinMatrix=( 2 )
32 32
##$PVM_MaxMatrix=( 2 )
2048 2048
$$ @vis= Nuclei PVM_SpatDimEnum PVM_IsotropicFovRes PVM_Matrix PVM_MinMatrix
##$PVM_DefMatrix=( 3 )
256 256 64
##$PVM_AntiAlias=( 2 )
1 1
##$PVM_MaxAntiAlias=( 2 )
2 8
##$PVM_EncSpectroscopy=No
$$ @vis= PVM_MaxMatrix PVM_DefMatrix PVM_AntiAlias PVM_MaxAntiAlias
##$PVM_EncUseMultiRec=Yes
##$PVM_EncActReceivers=( 4 )
On On On On
##$PVM_EncZf=( 2 )
1 1
##$PVM_EncPft=( 2 )
1 1
$$ @vis= PVM_EncSpectroscopy PVM_EncUseMultiRec PVM_EncActReceivers PVM_EncZf
##$PVM_EncPftOverscans=( 2 )
64 64
##$PVM_EncPpi=( 2 )
1 1
##$PVM_EncPpiRefLines=( 2 )
0 0
##$PVM_EncOrder=( 2 )
LINEAR_ENC LINEAR_ENC
##$PVM_EncStart=( 2 )
0 -1
##$PVM_EncNReceivers=4
$$ @vis= PVM_EncPft PVM_EncPftOverscans PVM_EncPpi PVM_EncOrder PVM_EncStart
##$PVM_EncAvailReceivers=4
##$PVM_EncChanScaling=( 4 )
0.968 1 0.934 0.906
##$PVM_EncMatrix=( 2 )
128 128
$$ @vis= PVM_EncNReceivers PVM_EncAvailReceivers PVM_EncChanScaling
##$PVM_EncTotalAccel=1
##$PVM_EncSteps1=( 128 )
-64 -63 -62 -61 -60 -59 -58 -57 -56 -55 -54 -53 -52 -51 -50 -49 -48 -47 -46 
-45 -44 -43 -42 -41 -40 -39 -38 -37 -36 -35 -34 -33 -32 -31 -30 -29 -28 -27 
-26 -25 -24 -23 -22 -21 -20 -19 -18 -17 -16 -15 -14 -13 -12 -11 -10 -9 -8 -7 
-6 -5 -4 -3 -2 -1 0 1 2 3 4 5 6 7 8 9 10 11 12 13 14 15 16 17 18 19 20 21 22 
23 24 25 26 27 28 29 30 31 32 33 34 35 36 37 38 39 40 41 42 43 44 45 46 47 48 
49 50 51 52 53 54 55 56 57 58 59 60 61 62 63
##$PVM_EncSteps2=( 1 )
0
##$PVM_EncCentralStep1=1
##$PVM_EncValues1=( 128 )
-1 -0.984375 -0.96875 -0.953125 -0.9375 -0.921875 -0.90625 -0.890625 -0.875 
-0.859375 -0.84375 -0.828125 -0.8125 -0.796875 -0.78125 -0.765625 -0.75 
-0.734375 -0.71875 -0.703125 -0.6875 -0.671875 -0.65625 -0.640625 -0.625 
-0.609375 -0.59375 -0.578125 -0.5625 -0.546875 -0.53125 -0.515625 -0.5 
-0.484375 -0.46875 -0.453125 -0.4375 -0.421875 -0.40625 -0.390625 -0.375 
-0.359375 -0.34375 -0.328125 -0.3125 -0.296875 -0.28125 -0.265625 -0.25 
-0.234375 -0.21875 -0.203125 -0.1875 -0.171875 -0.15625 -0.140625 -0.125 
-0.109375 -0.09375 -0.078125 -0.0625 -0.046875 -0.03125 -0.015625 0 0.015625 
0.03125 0.046875 0.0625 0.078125 0.09375 0.109375 0.125 0.140625 0.15625 
0.171875 0.1875 0.203125 0.21875 0.234375 0.25 0.265625 0.28125 0.296875 
0.3125 0.328125 0.34375 0.359375 0.375 0.390625 0.40625 0.421875 0.4375 
0.453125 0.46875 0.484375 0.5 0.515625 0.53125 0.546875 0.5625 0.578125 
0.59375 0.609375 0.625 0.640625 0.65625 0.671875 0.6875 0.703125 0.71875 
0.734375 0.75 0.765625 0.78125 0.796875 0.8125 0.828125 0.84375 0.859375 
0.875 0.890625 0.90625 0.921875 0.9375 0.953125 0.96875 0.984375
$$ @vis= PVM_EncMatrix PVM_EncTotalAccel PVM_EncSteps1 PVM_EncCentralStep1
##$PVM_NEchoImages=50
##$ConstNEchoes=Yes
##$NEchoesPerEchoImage=( 50 )
1 1 1 1 1 1 1 1 1 1 1 1 1 1 1 1 1 1 1 1 1 1 1 1 1 1 1 1 1 1 1 1 1 1 1 1 1 1 1 
1 1 1 1 1 1 1 1 1 1 1
$$ @vis= PVM_EncValues1 Encoding_Output Encoding PVM_NEchoImages ConstNEchoes
##$NEchoes=50
##$PVM_EffSWh=50000
##$EncGradDur=0.270309372667064
##$PVM_AcquisitionTime=2.56
$$ @vis= NEchoesPerEchoImage NEchoes Echoes PVM_EffSWh EncGradDur
##$PVM_MinEchoTime=5.50239501216698
##$RepetitionSpoiler=(Yes, 4, 0.705, 25.6110941522983)
##$PVM_DigAutSet=Yes
##$PVM_DigQuad=Yes
$$ @vis= PVM_AcquisitionTime PVM_MinEchoTime RepetitionSpoiler PVM_DigAutSet
##$PVM_DigFilter=<Digital_Medium>
##$PVM_DigRes=21
##$PVM_DigDw=0.02
##$PVM_DigSw=50000
##$PVM_DigNp=128
##$PVM_DigShift=36
$$ @vis= PVM_DigQuad PVM_DigFilter PVM_DigRes PVM_DigDw PVM_DigSw PVM_DigNp
##$PVM_DigShiftDbl=36
##$PVM_DigGroupDel=0.72
##$PVM_DigDur=2.56
##$PVM_DigEndDelMin=0
$$ @vis= PVM_DigShift PVM_DigShiftDbl PVM_DigGroupDel PVM_DigDur
##$PVM_DigEndDelOpt=0.0324032403240321
##$EchoSpoilingAuto=Yes
##$EchoSpoilingSlice=1
$$ @vis= PVM_DigEndDelMin PVM_DigEndDelOpt DigitizerPars EchoSpoilingAuto
##$EchoSpoilingSliceEff=0.572333333333333
##$EchoSpoilingRead=0.25
##$EchoSpoilingReadEff=0
$$ @vis= EchoSpoilingSlice EchoSpoilingSliceEff EchoSpoilingRead
##$PVM_Isotropic=Isotropic_None
##$PVM_Fov=( 2 )
15 15
##$PVM_FovCm=( 2 )
1.5 1.5
##$PVM_SpatResol=( 2 )
0.1171875 0.1171875
$$ @vis= EchoSpoilingReadEff Sequence_Details PVM_Isotropic PVM_Fov
##$PVM_SliceThick=0.8
##$PVM_ObjOrderScheme=Interlaced
##$PVM_ObjOrderList=( 16 )
0 2 4 6 8 10 12 14 1 3 5 7 9 11 13 15
##$PVM_NSPacks=1
$$ @vis= PVM_SpatResol PVM_SliceThick PVM_ObjOrderScheme PVM_ObjOrderList
##$PVM_SPackArrNSlices=( 1 )
16
##$PVM_MajSliceOri=No
##$PVM_SPackArrSliceOrient=( 1 )
axial
$$ @vis= PVM_NSPacks PVM_SPackArrNSlices PVM_MajSliceOri
##$PVM_SPackArrReadOrient=( 1 )
L_R
##$PVM_SPackArrReadOffset=( 1 )
1.39522
$$ @vis= PVM_SPackArrSliceOrient PVM_SPackArrReadOrient
##$PVM_SPackArrPhase1Offset=( 1 )
4.88636
##$PVM_SPackArrPhase2Offset=( 1 )
0
##$PVM_SPackArrSliceOffset=( 1 )
-0.710227
$$ @vis= PVM_SPackArrReadOffset PVM_SPackArrPhase1Offset
##$PVM_SPackArrSliceGapMode=( 1 )
non_contiguous
##$PVM_SPackArrSliceGap=( 1 )
0.2
$$ @vis= PVM_SPackArrSliceOffset PVM_SPackArrSliceGapMode
##$PVM_SPackArrSliceDistance=( 1 )
1
##$PVM_SPackArrGradOrient=( 1, 3, 3 )
-1 -6.12323399573677e-17 1.22464679914735e-16 -6.12323399573677e-17 1 
7.49879891330929e-33 1.22464679914735e-16 0 1
##$PVM_SliceGeo=( 1 )
(((-6.12323399573677e-17 -1 -7.49879891330929e-33 -1 6.12323399573677e-17 
-1.22464679914735e-16 1.22464679914735e-16 0 -1, -1.39522 -4.88636 0.710227), 
15 15 15.8, <+P;phase> <+R;read> <+S;slice>, 1), 16, 1, 256, 0.8, 0, No)
##$PVM_SliceGeoObj=(<BRUKER_SLICEPACKAGE>, GeoCuboidPackId, Standard_GobjShape,
 <PVM_SliceGeo>, <PVM_ObjOrderList>, 0, <R;read> <P;phase> <S;slice>, Yes, 
4195848)
$$ @vis= PVM_SPackArrSliceGap PVM_SPackArrSliceDistance PVM_SliceGeo
##$PVM_EffPhase0Offset=( 16 )
1.39522 1.39522 1.39522 1.39522 1.39522 1.39522 1.39522 1.39522 1.39522 
1.39522 1.39522 1.39522 1.39522 1.39522 1.39522 1.39522
##$PVM_EffPhase1Offset=( 16 )
4.88636 4.88636 4.88636 4.88636 4.88636 4.88636 4.88636 4.88636 4.88636 
4.88636 4.88636 4.88636 4.88636 4.88636 4.88636 4.88636
##$PVM_EffPhase2Offset=( 16 )
0 0 0 0 0 0 0 0 0 0 0 0 0 0 0 0
##$PVM_EffSliceOffset=( 16 )
-8.210227 -7.210227 -6.210227 -5.210227 -4.210227 -3.210227 -2.210227 
-1.210227 -0.210227 0.789773 1.789773 2.789773 3.789773 4.789773 5.789773 
6.789773
##$PVM_EffReadOffset=( 16 )
1.39522 1.39522 1.39522 1.39522 1.39522 1.39522 1.39522 1.39522 1.39522 
1.39522 1.39522 1.39522 1.39522 1.39522 1.39522 1.39522
##$PVM_Phase0Offset=( 16 )
1.39522 1.39522 1.39522 1.39522 1.39522 1.39522 1.39522 1.39522 1.39522 
1.39522 1.39522 1.39522 1.39522 1.39522 1.39522 1.39522
##$PVM_Phase1Offset=( 16 )
4.88636 4.88636 4.88636 4.88636 4.88636 4.88636 4.88636 4.88636 4.88636 
4.88636 4.88636 4.88636 4.88636 4.88636 4.88636 4.88636
##$PVM_Phase2Offset=( 16 )
0 0 0 0 0 0 0 0 0 0 0 0 0 0 0 0
##$PVM_SliceOffset=( 16 )
-8.210227 -7.210227 -6.210227 -5.210227 -4.210227 -3.210227 -2.210227 
-1.210227 -0.210227 0.789773 1.789773 2.789773 3.789773 4.789773 5.789773 
6.789773
##$PVM_ReadOffset=( 16 )
1.39522 1.39522 1.39522 1.39522 1.39522 1.39522 1.39522 1.39522 1.39522 
1.39522 1.39522 1.39522 1.39522 1.39522 1.39522 1.39522
##$PVM_DummyScans=2
##$PVM_DummyScansDur=8937.18233966185
$$ @vis= PVM_SliceGeoObj SliceOffsetPars ImageGeometry PVM_DummyScans
##$PVM_FreqDriftYN=No
##$PVM_TriggerModule=Off
##$PVM_TriggerMode=per_PhaseStep
##$PVM_TriggerDelay=1
##$PVM_TriggerDur=0.01
##$PVM_TriggerModuleTime=0
##$PVM_EvolutionOnOff=Off
$$ @vis= PVM_DummyScansDur DummyScans_Parameters PVM_TriggerModule
##$PVM_NEvolutionCycles=2
##$PVM_EvolutionCycles=1
##$PVM_EvolutionMode=Constant_Delay
##$PVM_EvolutionTime=( 2 )
1 0
##$PVM_EvolutionDelay=1
##$PVM_EvolutionModuleTime=0
##$PVM_SelIrOnOff=Off
##$PVM_FatSupOnOff=Off
##$PVM_FatSupPulEnum=<Calculated>
##$PVM_FatSupPul=(3.99554057111389, 1051.17190659113, 90, Yes, 3, 4200, 
0.236151639875348, 0.200434548747244, 0, 50, 2.52085155751212, 
<$PVM_FatSupPulShape>)
##$PVM_FatSupPulAmpl=(2.52085155751212, 11.2268685694456, -4.01547272629461)
##$PVM_FatSupBandWidth=1051.17190659113
##$PVM_FatSupSpoil=(Yes, 3, 0.423, 32.0138676903728)
##$PVM_FatSupModuleTime=0
##$PVM_FatSupPerform=No
##$PVM_FatSupRampTime=0.11
##$PVM_FatSupAmpEnable=0.025
##$PVM_FatSupGradWait=0.01
##$PVM_FatSupFL=( 1 )
-1051.17237239731
##$PVM_FatSupRfLength=3995.54057111389
##$PVM_FatSupSpoilDur=0.282
##$PVM_FatSupSpoilAmp=32.0138676903728
##$PVM_MagTransOnOff=Off
##$PVM_MagTransPulse1Enum=<gauss>
##$PVM_MagTransPulse1=(1.82666666666667, 1500, 117.1, No, 3, 2740, 0.4181723, 
0.298723764675971, 0, 50, 6.51148335369091, <gauss.exc>)
##$PVM_MagTransPulse1Ampl=(6.51148335369091, 18.0436738965363, 
-8.1367993464184)
##$PVM_MagTransPower=10.0017644460368
##$PVM_MagTransOffset=1500
##$PVM_MagTransInterDelay=0.01
##$PVM_MagTransPulsNumb=1
##$PVM_MagTransSpoil=(Yes, 5, 2, 11.2848883608564)
##$PVM_MagTransSpoiler=11.2848883608564
##$PVM_MagTransModuleTime=0
##$PVM_MagTransFL=( 1 )
1500
##$PVM_MtD0=1e-06
##$PVM_MtD1=1e-06
##$PVM_MtD2=1e-06
##$PVM_MtD3=1e-06
##$PVM_MtP0=10
##$PVM_MtLp0=0
##$PVM_FovSatOnOff=Off
$$ @vis= PVM_EvolutionOnOff PVM_SelIrOnOff PVM_FatSupOnOff PVM_MagTransOnOff
##$PVM_FovSatPulEnum=<sech>
##$PVM_FovSatPul=(4.05, 5000, 90, No, 3, 20250, 0.1064278, 0.189614018306272, 
0, 50, 12.0798092874992, <sech.exc>)
##$PVM_FovSatPulAmpl=(12.0798092874992, 24.5762174545832, -10.820600778248)
##$PVM_FovSatNSlices=1
##$PVM_FovSatThick=( 1 )
3.48
##$PVM_FovSatOffset=( 1 )
0
##$PVM_FovSatSpoil=(Yes, 10, 0.8, 12.9711360469614)
##$PVM_FovSatSpoilDur=0.659
##$PVM_FovSatSpoilAmp=12.9711360469614
##$PVM_FovSatModuleTime=0
##$PVM_FovSatGrad=( 1, 3 )
0 0 5.18845441878456
##$PVM_FovSatRampTime=0.11
##$PVM_FovSatAmpEnable=0.025
##$PVM_FovSatGradWait=0.01
##$PVM_FovSatSliceOri=( 1 )
axial
##$PVM_FovSatSliceOriMat=( 1, 9 )
1 0 0 0 -1 0 0 0 -1
##$PVM_FovSatSliceVec=( 1, 3 )
0 0 1
##$PVM_FovSatSlicePos=( 1, 2 )
0 0
##$PVM_FovSatFL=( 1 )
0
##$PVM_FovSatRfLength=4050
##$PVM_FovSatGeoObj=(<>, GeoCuboidPackId, Standard_GobjShape, <>, <>, 0, <> <> 
<>, No, 0)
##$PVM_FovSatGeoCub=( 1 )
(((1 0 0 0 -1 0 0 0 -1, 0 0 0), 58 58 3.48, <+> <+> <+>, 0), 1, 1, 1, 3.48, 0,
 No)
##$PVM_InFlowSatOnOff=Off
##$PVM_InFlowSatNSlices=1
##$PVM_InFlowSatThick=( 1 )
0.108334928264222
##$PVM_InFlowSatMinThick=0.108334928264222
##$PVM_InFlowSatSliceGap=0
##$PVM_FlowSatGeoObj=(<>, GeoCuboidPackId, Standard_GobjShape, <>, <>, 0, <> <>
 <>, No, 0)
##$PVM_FlowSatGeoCub=( 1 )
(((0 0 0 0 0 0 0 0 0, 0 0 0), 0 0 0.108334928264222, <+> <+> <+>, 0), 1, 1, 1,
 0.108334928264222, 0, No)
##$PVM_FlowSatPulEnum=<Calculated>
##$PVM_FlowSatPul=(1.4, 3000, 90, Yes, 3, 4200, 0.236151639875348, 
0.200434548747244, 0, 50, 20.5325217270909, <$PVM_FlowSatPulShape>)
##$PVM_FlowSatPulAmpl=(20.5325217270909, 32.0410063255595, -13.1244229106106)
##$PVM_InFlowSatSpoil=(Yes, 5, 3.33333333333332, 50)
##$PVM_InFlowSatPos=up
##$PVM_InFlowSatModuleTime=0
##$PVM_InFlowSatFL=( 16 )
-214780.025061299 -159396.225061299 -104012.4250613 -48628.6250612999 
6755.17493869998 62138.9749386998 117522.7749387 172906.574938699 
-187088.125061299 -131704.3250613 -76320.5250612998 -20936.7250612999 
34447.0749386999 89830.8749386997 145214.6749387 200598.474938699
##$PVM_SfD0=0.000141
##$PVM_SfD1=2.5e-05
##$PVM_SfD2=0.00333333333333332
##$PVM_SfP0=1400
##$PVM_SfLp0=1
##$PVM_MotionSupOnOff=Off
##$PVM_FlipBackOnOff=Off
##$PVM_MapShimReady=No
$$ @vis= PVM_FovSatOnOff PVM_InFlowSatOnOff PVM_FlipBackOnOff Preparation
##$PVM_MapShimLocShim=No
##$PVM_MapShimStatus=( 128 )
<Mapshim disabled: No map acquired>
##$PVM_MapShimCalcStat=( 256 )
<Not Calculated.>
##$PVM_MapShimNSets=1
##$PVM_MapShimSets=( 1 )
(0, 0, 0, 0, 0, 0, 0, 0, 0, 0, 0, 0, 0, 0, 0, 0, 0, 0, 0, 0, 0, 0, 0, 0, 0, 0,
 0, 0, 0, 0, 0, 0, 0, 0, 0, 0, 0, 0, 0)
##$PVM_MapShimNVolumes=1
$$ @vis= PVM_MapShimReady PVM_MapShimStatus PVM_MapShimNSets PVM_MapShimSets
##$PVM_MapShimVolShape=Ellipsoid
##$PVM_ReqShimEnum=Current_Shim
##$PVM_MapShimUseShims=AllShims
##$PVM_MapShimVolDerive=No
##$PVM_MapShimVolMargin=( 3 )
0 0 0
##$PVM_GeoObj=( 1, 65 )
<PVM_SliceGeoObj>
##$PVM_ExportHandler=( 3 )
(<BRUKER_PARIMPORT_SLICEGEO>, <>, <Slice Geometry>) 
(<BRUKER_PARIMPORT_SLICEORIENT>, <>, <Slice Orientation>) 
(<BRUKER_PARIMPORT_FOVSAT>, <>, <FOV Saturation>)
$$ @vis= PVM_MapShimNVolumes PVM_ReqShimEnum MapShim MethodClass PVM_GeoObj
$$ @vis= PVM_ExportHandler StandardMethodGroup
##END=
$$ File finished by PARX at 2018-09-06 11:20:37.078 +0200
