##TITLE=Parameter List, ParaVision 6.0.1
##JCAMPDX=4.24
##DATATYPE=Parameter Values
##ORIGIN=Bruker BioSpin MRI GmbH
##OWNER=gilnavon
$$ 2018-09-06 11:20:37.040 +0200  gilnavon@CZC7238NT5
$$ /opt/PV6.0.1/data/gilnavon/20180906_074334_EW_Cup_Treat_06_2NN_EW_Cup_Treat_06_2NN_1_1/15/pdata/1/visu_pars
$$ process /opt/PV6.0.1/prog/bin/parxserver
##$VisuVersion=3
##$VisuUid=( 65 )
<2.16.756.5.5.100.8323328.40952.1536225637.1>
##$VisuCreator=( 65 )
<ParaVision>
##$VisuCreatorVersion=( 65 )
<6.0.1>
##$VisuCreationDate=<2018-09-06T11:20:37,038+0200>
##$VisuInstanceModality=( 65 )
<MR>
$$ @vis= VisuVersion VisuUid VisuCreator VisuCreatorVersion VisuCreationDate
##$VisuCoreFrameCount=800
##$VisuCoreDim=2
##$VisuCoreSize=( 2 )
128 128
$$ @vis= VisuInstanceModality VisuInstance VisuCoreFrameCount VisuCoreDim
##$VisuCoreDimDesc=( 2 )
spatial spatial
##$VisuCoreExtent=( 2 )
15 15
##$VisuCoreFrameThickness=( 1 )
0.8
##$VisuCoreUnits=( 2, 65 )
<mm> <mm>
$$ @vis= VisuCoreSize VisuCoreDimDesc VisuCoreExtent VisuCoreFrameThickness
##$VisuCoreOrientation=( 16, 9 )
-1 -6.12323399573677e-17 -1.22464679914735e-16 -6.12323399573677e-17 1 
-7.49879891330929e-33 1.22464679914735e-16 0 -1 -1 -6.12323399573677e-17 
-1.22464679914735e-16 -6.12323399573677e-17 1 -7.49879891330929e-33 
1.22464679914735e-16 0 -1 -1 -6.12323399573677e-17 -1.22464679914735e-16 
-6.12323399573677e-17 1 -7.49879891330929e-33 1.22464679914735e-16 0 -1 -1 
-6.12323399573677e-17 -1.22464679914735e-16 -6.12323399573677e-17 1 
-7.49879891330929e-33 1.22464679914735e-16 0 -1 -1 -6.12323399573677e-17 
-1.22464679914735e-16 -6.12323399573677e-17 1 -7.49879891330929e-33 
1.22464679914735e-16 0 -1 -1 -6.12323399573677e-17 -1.22464679914735e-16 
-6.12323399573677e-17 1 -7.49879891330929e-33 1.22464679914735e-16 0 -1 -1 
-6.12323399573677e-17 -1.22464679914735e-16 -6.12323399573677e-17 1 
-7.49879891330929e-33 1.22464679914735e-16 0 -1 -1 -6.12323399573677e-17 
-1.22464679914735e-16 -6.12323399573677e-17 1 -7.49879891330929e-33 
1.22464679914735e-16 0 -1 -1 -6.12323399573677e-17 -1.22464679914735e-16 
-6.12323399573677e-17 1 -7.49879891330929e-33 1.22464679914735e-16 0 -1 -1 
-6.12323399573677e-17 -1.22464679914735e-16 -6.12323399573677e-17 1 
-7.49879891330929e-33 1.22464679914735e-16 0 -1 -1 -6.12323399573677e-17 
-1.22464679914735e-16 -6.12323399573677e-17 1 -7.49879891330929e-33 
1.22464679914735e-16 0 -1 -1 -6.12323399573677e-17 -1.22464679914735e-16 
-6.12323399573677e-17 1 -7.49879891330929e-33 1.22464679914735e-16 0 -1 -1 
-6.12323399573677e-17 -1.22464679914735e-16 -6.12323399573677e-17 1 
-7.49879891330929e-33 1.22464679914735e-16 0 -1 -1 -6.12323399573677e-17 
-1.22464679914735e-16 -6.12323399573677e-17 1 -7.49879891330929e-33 
1.22464679914735e-16 0 -1 -1 -6.12323399573677e-17 -1.22464679914735e-16 
-6.12323399573677e-17 1 -7.49879891330929e-33 1.22464679914735e-16 0 -1 -1 
-6.12323399573677e-17 -1.22464679914735e-16 -6.12323399573677e-17 1 
-7.49879891330929e-33 1.22464679914735e-16 0 -1
##$VisuCorePosition=( 16, 3 )
8.89522 -12.38636 -8.210227 8.89522 -12.38636 -7.210227 8.89522 -12.38636 
-6.210227 8.89522 -12.38636 -5.210227 8.89522 -12.38636 -4.210227 8.89522 
-12.38636 -3.210227 8.89522 -12.38636 -2.210227 8.89522 -12.38636 -1.210227 
8.89522 -12.38636 -0.210226999999999 8.89522 -12.38636 0.789773000000001 
8.89522 -12.38636 1.789773 8.89522 -12.38636 2.789773 8.89522 -12.38636 
3.789773 8.89522 -12.38636 4.789773 8.89522 -12.38636 5.789773 8.89522 
-12.38636 6.789773
##$VisuCoreDataMin=( 800 )
138.660767664575 135.561055369015 158.922158038409 129.690027699658 
130.562784081077 129.121293549435 135.869574503778 107.395312470719 
111.907752903003 106.809950428964 146.349528827935 124.577748524928 
99.7442915985096 145.94720764268 126.896836442894 146.23596577892 
120.573614839465 109.154347985652 128.421472509201 124.524486662795 
91.2218585447312 133.958679015556 123.036277665885 131.880649868615 
99.2989691109324 114.179647627047 91.0600866623889 109.441277849098 
94.0725060234755 120.78555474285 117.84128379615 112.556789638692 
126.518334996011 108.472927315072 89.8925763305418 131.181376997685 
125.587493014188 94.1600960052768 128.640650209686 118.9208956496 
131.634219290525 120.110544703109 137.605211486701 108.383524087645 
116.523918190881 148.944697845829 141.354250181374 141.391875466255 
82.3840385672613 131.101245443801 122.231019415448 130.756798119608 
134.995341441448 152.4543762843 154.413275850828 135.179328239591 
141.181852811876 121.489538722323 130.9449420293 99.1242816262109 
108.225716745146 135.360394806222 111.4506166093 141.718824871751 
120.165059308358 130.89705168564 118.337931294741 113.096335196991 
79.6788761998571 138.311035555323 124.872455564873 111.155708992881 
102.902322866389 100.374004432003 124.113647546035 131.670393545474 
116.559263355845 103.369640028095 120.845437610804 119.185397119736 
131.770669810691 97.9428789040542 129.156823521997 119.791504379638 
128.121229093998 128.731661935052 103.799859471371 118.031583170261 
125.526329505481 126.103066670414 122.223514011418 103.530838477354 
107.159287858161 136.440198863331 88.1361924328742 128.404859474331 
72.63998720588 130.030782795326 138.422394657933 127.588351224615 
139.706046780935 158.787607610898 142.081263584483 72.4978725185428 
148.695465428805 126.120533538421 137.161996291314 135.653027989699 
152.166988273273 104.702506175949 131.68092584036 132.226220875143 
150.881851418194 121.762530479017 136.616563182821 109.033757000459 
117.538381888564 98.9063220088865 135.812363272773 131.199315271093 
121.236018078319 114.365424717927 139.082500390051 129.411150449876 
100.809514750324 141.781555049332 123.607296382181 116.900195487105 
139.76794614168 128.638159606892 126.614589553534 102.120593650013 
128.258011853394 116.862613420187 144.237315746187 82.2147498518943 
127.059200613031 123.41313223832 91.7270234821097 80.3240543343483 
118.918736991459 137.188226444209 140.528506454021 125.928257006152 
130.205489995192 124.217434476561 94.0998657972913 133.15550935954 
143.505884133692 99.6919021386158 125.780032266478 129.011894899509 
158.678035001547 96.6880682606295 140.663902673849 103.353458461365 
135.079064098275 111.421692731605 109.36120904231 149.827373684062 
135.355650652593 137.447998706911 118.378623974091 131.190098628749 
120.586690274046 110.849083875189 102.525886672117 117.761538429952 
126.012089911673 138.667120489481 139.771624035018 102.966589378594 
141.988206342764 107.129444183227 92.4103904422239 116.567257366664 
87.8704674916651 136.491125077838 99.1082598719643 139.140337813887 
126.652988314299 114.593901736504 115.951779092906 141.68457948163 
139.423161230695 121.590684507386 144.188032967492 114.078222441984 
135.945039772562 98.0077024708611 114.505879077534 143.116871035167 
108.474657087693 136.715738692197 117.678197440233 113.856195272631 
117.868146741645 112.866482446883 98.1357695313158 86.4097809475765 
140.302540654264 150.165769841543 127.883354928369 127.797547483611 
133.511425890438 131.849219707325 145.844366167966 142.248912373157 
136.664896667069 139.115969847687 128.896377688779 114.356721267306 
159.448838549077 110.441619423817 116.674491686026 121.816653309944 
115.230023934357 130.394628633805 121.772622642454 127.043095582326 
102.651760261588 77.8261672996496 136.649781777993 122.996934979653 
118.468194325705 121.280322477737 138.347431805871 126.762574363222 
125.856723478104 93.9283738034245 104.177303987481 115.682244162159 
132.065497034032 120.90804736191 124.991629648772 109.518621633086 
116.779610156477 77.0804276612011 128.673856971178 105.346863087872 
120.34342196748 109.517007610401 108.808347258314 123.529122895462 
130.863020752317 91.5112606240894 128.853908996302 115.97513482128 
122.828616165276 96.9217631846079 132.324813890491 140.217551152426 
72.1930640847016 121.025924287914 111.209099824326 147.05582707774 
150.37360489569 122.653100805153 131.04286282802 141.43552838258 
110.684881602115 74.4697794453707 142.222327611178 116.997548079047 
136.28728411412 149.720610322039 136.321601755904 150.763286228576 
89.8398449406825 138.766293164027 80.9523846360072 138.424811663397 
125.962272538249 112.32441039248 122.552770161267 82.0053219515844 
118.56463278365 135.065510381821 110.93515762932 125.602915911077 
121.425911531729 120.963693302736 131.280567466857 102.837376570289 
136.424382045377 114.456522874754 130.726629079397 109.36881337833 
76.7554055966894 76.1585273708324 97.0623041243849 104.319629124388 
124.693613541955 115.242654320985 126.930786538405 114.146720525943 
102.582466740873 62.0790931022664 123.794263565736 140.849821721234 
134.650834592325 165.36647304011 115.240822540177 128.480659896261 
126.0456944603 138.693003939719 138.665444981676 89.2687446393261 
153.263472718245 124.067956783581 111.514513853872 135.584467912481 
101.894199593131 121.35669241508 124.305461220709 113.049736417442 
133.16844762851 109.018177546776 109.472660828277 104.647093165855 
131.729049941944 140.446736744798 147.89785847914 123.623771765065 
132.490262194979 116.507339477122 147.302362817546 128.765867060301 
143.53853165897 95.1825894816097 143.497872221717 129.532464772707 
148.793799440246 111.080910948241 131.387581177256 141.034752226744 
94.9845890883739 122.627173794073 84.4846890905464 126.199953933184 
144.502857361202 133.587179065418 102.039812958572 121.313216627228 
122.889449884577 115.596190312267 99.283396194234 125.338665763203 
107.63048886531 140.019471004657 118.760122727498 121.818405169142 
131.549793523494 162.903937972998 86.9783809209543 133.963485577781 
97.0506228876901 108.013437356357 80.8002971764949 158.068144444267 
117.581106506814 142.257184627465 122.743847362525 101.403990758533 
109.071510384733 135.382742143186 109.095538763412 74.8415732457486 
133.368744053339 109.959216472774 149.359337815494 126.70428152721 
67.6807480443658 93.1849730286301 106.017974496384 130.208574648333 
119.547518479012 132.336562254837 95.1639650390448 137.914870694668 
82.3270369031567 121.136044682753 109.695450761938 128.604645500493 
143.259102567037 122.784860667534 132.717880819182 105.623262025578 
105.709355903259 116.089004287969 108.041295985619 115.485538513517 
149.771539280391 102.634740855001 117.072558823994 123.118507175189 
105.254319895432 129.366317872818 109.676542351161 99.5510671036607 
130.678904796618 102.247049528898 137.754226564589 149.059659287175 
149.294623214681 122.162883209491 140.945816732035 146.886592871841 
145.926537886379 140.805551966807 129.32293572412 90.6414371883904 
111.845676072035 141.139976391826 119.076031477749 135.345207971265 
106.166147264036 141.26016802968 123.743113619211 92.4140285034412 
122.751733911121 131.524519113981 153.951767033759 97.5596176506463 
86.7888479365178 140.414898766885 144.76863748896 133.614198027602 
130.202318414304 131.982290074307 111.843873671061 116.629520029477 
132.010961614601 116.31265314697 136.926004914171 138.307442113081 
142.184938680144 111.326305115649 86.7239717133774 108.505088660158 
144.513675361158 130.539764597221 107.992978570441 112.071109512506 
136.533490984911 128.053812201589 121.280540716087 117.202703648734 
135.14341088771 109.851117458348 139.764010910266 148.55629524911 
136.755225653458 162.480647725365 156.151508017319 128.479003200839 
97.1532155505961 131.364196852734 62.6890193001833 143.391890137973 
136.003693356229 118.483777475167 123.709622937021 120.166207665547 
128.610790686482 120.544052402986 125.279370280945 139.809838415717 
143.130055514304 128.597747096942 107.498738146329 103.220720868008 
112.435576432204 127.683150803874 126.07224726516 109.795877299763 
107.366756519219 87.1842037597593 122.172927916903 111.855803338847 
116.561279649006 106.890737456705 105.701938465176 113.23211786856 
120.956359648301 108.678712211044 124.388324691222 124.356799428416 
125.339024333449 128.705937184262 105.155292596051 124.486335540387 
113.979286220203 107.533593285814 116.816638659325 92.010755996014 
143.063907631944 114.589666392729 112.419698509569 141.292861757488 
115.681955061376 144.41405817513 156.519965269295 104.673800369349 
123.10228677591 99.3652139818045 129.884765487106 104.432070052178 
102.65230417694 117.899504522555 112.865586825815 143.570772491061 
97.6140896699258 123.645343525478 103.736569063565 121.06934167762 
126.829002812819 117.91420422198 119.690618209141 128.712363493819 
123.009859557472 105.350850083481 136.745393834639 107.159857782662 
111.118772011471 139.566366369832 107.072701195391 66.0707881473486 
123.195634332813 113.902850738082 132.044485550407 79.1450830570035 
119.567887547582 122.627038737523 107.500745917877 126.814501288648 
128.731135275633 129.558932719956 110.063747434077 132.883429909162 
119.376774426686 126.769533367688 101.185758744535 110.488029726054 
117.720642534382 109.920980558938 93.6681844898475 111.879688006427 
109.628512177479 119.048451399043 107.514331578589 76.9293458503699 
132.597566190197 117.308092881189 86.3142883658876 135.077665479154 
140.135745662751 138.371405139932 135.319024026074 132.247754076894 
122.733489772017 131.466771379176 111.168943201164 126.919185845797 
119.163167751856 99.613587953442 116.730547715654 141.112030055865 
108.071853507408 94.8376848957095 126.484376299329 116.988206616194 
97.4497968186309 130.588588071103 112.659124612541 140.037580169701 
119.812537171106 122.915669648733 142.933795517429 105.49271204755 
111.099499690736 124.210952291745 109.493908698244 127.748501478124 
136.637626545658 125.443992604497 102.280874561367 108.654710530909 
72.2562774184242 83.6658945164754 68.2529149432128 118.941782862813 
134.590703703121 137.785566037044 105.72209525878 127.718832501475 
113.869734423261 111.384148552272 92.6507401082126 115.893372900541 
124.933080856741 131.338225183279 135.386779785772 104.802388431029 
118.823384562832 82.4428448936203 99.8974046770226 112.733279058604 
131.806499716749 107.82770517574 114.111130444111 132.305382064192 
83.2697791325559 122.307521500574 121.108941746009 110.874281158327 
125.51932146754 130.676030776148 98.065455261325 99.6365625046254 
145.846449527938 127.007146214323 128.209619831348 139.436592471479 
115.806288929255 108.701389376652 133.180899055699 86.6024078980656 
108.193267793756 120.705947491667 111.342489998591 121.986140058793 
110.088506722537 109.402187693126 85.932857567813 138.274268824266 
140.036675752193 113.119632793839 86.5227884738232 132.881012002486 
78.886087052568 116.443604810002 106.078727802969 118.289711424254 
111.490907735688 122.479783184167 123.401524984898 115.429577328415 
112.851238115951 128.532532710262 135.631844522422 106.239845753949 
103.132667539943 123.975927794684 98.7686301260551 71.0080166876945 
150.338131794267 109.823358549328 77.9534289901368 119.631473629648 
123.120909701773 116.719858345736 127.265151767681 84.3042863905797 
101.807420280099 134.352973445066 113.154966018039 133.992003898605 
122.401458010994 91.653552832878 106.633485771585 110.838663887453 
107.459666753999 105.90957068461 89.8917566890828 133.142641764566 
118.241952808325 125.508426525585 103.358669359782 130.867132939923 
88.6466975347124 142.29310353842 133.596733421743 109.975003879222 
110.802308651624 98.1751112084281 95.4576633957666 88.684008921083 
127.698794246453 104.135692041339 102.753848444893 107.491309623655 
102.542806172504 85.1194516710043 103.059851117829 98.5254729431302 
67.0308302214161 122.390834602905 116.861539662761 103.75857620899 
110.576465351236 80.0572160656503 131.538408730381 137.557817981176 
124.210215641896 131.904992873829 113.279545985879 110.216524952731 
125.854228658221 137.151774013663 86.5785667634767 84.5767350538974 
101.605403158151 120.26738460538 109.576027286574 79.0455548678455 
137.214167392325 105.167855931063 101.605881746568 109.233647286315 
132.850588074993 124.100625011323 120.428752810895 120.10206364562 
106.34099071007 116.569194855215 111.628791016253 100.280153446985 
122.323738537478 137.676681408389 99.866692756057 103.184175838585 
98.8657531093644 111.518391617316 118.91338850379 123.957646050656 
114.009728383021 106.734267618781 113.101859914296 114.230699151713 
107.701777798443 100.102619946796 94.2078011786331 105.865067313128 
109.980972298588 91.3045626750587 119.631328932321 92.7210535112407 
89.9284124913588 112.251621119304 130.924624272014 114.671050642007 
117.290625660961 126.475849746396 98.4031102590849 161.466278834589 
120.051097436452 117.253096291271 101.257243461528 92.2274651935196 
127.136202869827 118.096898154755 123.804135655301 108.138912739321 
116.76339257958 118.572459949998 117.681276567351 116.763707756714 
125.100998719425 115.037620668523 148.391508599964 104.67592248387 
129.851506817005 129.519949320618 110.500061272561 128.494623074404 
117.989169295916 90.5013450381581 119.48668998848 126.877165900627 
135.296525985834 107.741863458058 103.143602352063 131.625991511143 
102.363106852248 119.048469507993 125.45222546309 103.604060201232 
105.24116141231 125.597102474824 145.709280533581 113.052188231025 
100.702011321686 117.583239774887 115.211110445755 128.983505461477 
92.4245759100898 104.071288705922 87.2755326287011 108.603581148319
##$VisuCoreDataMax=( 800 )
32766.5 30834.7514598102 26616.8828238683 24424.4674028325 21580.2442885447 
20211.6966757666 18187.0993461038 16571.107442539 15146.2784588494 
14258.8966993887 13060.1139413919 12229.1142690758 10835.6306257894 
10680.2401230229 9535.10938899485 9673.12844396142 8780.00393206632 
8290.29427482144 7640.6744343825 7440.81226911611 7032.5070792714 
6866.35972723733 6442.28906296007 5901.327907247 5932.03009487385 
5700.97445287664 5651.91147082169 5713.95016312674 5188.45020759472 
4926.58194059919 4894.23888854145 4787.71251872344 4826.32215015341 
4583.58360627282 4672.14995330773 4486.78579479279 4407.21818775697 
4255.69104015495 4129.06390997451 3793.47564106509 3852.60739647992 
3833.70899220195 3610.35534359089 3497.2458925756 3598.06118984908 
3465.08462148182 3469.14789412806 3298.55695795486 3325.2379982949 
3050.2174878631 27014.2489483408 26363.749210796 21804.8648732721 
20278.1486643514 17316.1853158397 15835.1872842091 14195.9658334279 
13359.7690728863 11895.5090485109 11182.8724043775 10334.6588956675 
9495.42347183516 8985.94449828863 8452.03843331092 8453.76574685928 
8152.2960591702 7693.25578983101 7656.47715312088 7125.85147333914 
6697.5066563642 6830.06352854467 6686.73773324253 6067.50916022441 
6172.48598979814 5953.18305090713 5890.09125760863 5560.88710327245 
5273.98858895112 5534.89060136285 5248.21438547862 4919.86410286225 
4962.55087368739 4564.14491678431 4545.01926937006 4284.64018473413 
4089.18492989001 4124.07819181231 4079.52858510083 3967.91698102219 
4009.3354000263 3888.46884325385 3796.99453724873 3615.18175860044 
3431.17173544435 3381.73410152051 3268.9563517713 3182.99921521124 
2932.34640282007 3187.38981971276 2951.6111427663 22985.3272545828 
23679.3489527646 21488.1995198683 20238.6947802575 18967.4576508466 
17144.0524904601 16641.9785857522 16111.8032478848 14695.4999018992 
13480.4597754078 13004.8048798851 12290.1188318776 12008.8966345055 
11858.9580758122 11556.9146201599 10964.3423886874 10539.6032312249 
9949.20205892246 9512.6978637965 9529.25807454438 9133.83914226714 
9227.07523342461 8406.44650698052 8537.159947147 8237.69568498332 
8354.60454864292 7953.13262453023 7563.36140280185 6834.80847939595 
6600.95141167863 7045.62463943074 6726.05516301896 6423.84777227401 
6076.98224135936 6191.17551719035 5787.09809583794 5741.23832596205 
5475.4815683588 5334.72839504969 5178.41596072939 5003.8594938623 
5097.3014502385 4624.68970244491 4643.20237986578 4771.81372742805 
4183.93108566348 4311.05317899135 4203.48428983288 4119.59300971867 
3969.71625137728 26087.8938542871 27037.631240475 24187.3656436974 
22944.5001190888 21187.0958159853 19872.1997095076 18395.3251380569 
17634.3321943856 16432.1978208031 15847.1274304699 14936.1450644543 
14347.8577411884 13783.2127295 13315.4633290299 12732.9778076702 
11930.9859270015 11860.7620848509 11786.5773301969 11009.0151476374 
10775.0068686502 10302.2456804758 10500.2366819484 9768.03501423497 
9291.57963883586 8949.29638982675 9004.21175258093 8781.00929828291 
8279.49437061456 7852.72475109261 7824.48244044133 7558.20905753628 
7476.87602907519 7527.13355633163 7148.11771703858 7018.19994423034 
7156.89284778297 6567.17138372886 6322.9268700371 6512.3390399801 
6702.76217793338 5843.06927551543 5926.11027400381 5769.37418146985 
5892.9499792547 5429.51998098539 5163.18419522251 5157.02022822502 
5159.32632793381 5221.65394519342 4870.10088559713 31400.6833650372 
32472.1633768558 30635.4725790174 29743.3482094465 28574.5511181012 
27454.0909837503 25942.0145300758 24960.1581584854 24629.1760842751 
23242.8244310742 22773.3143625024 21541.3898558246 21158.2452211369 
20175.9736546825 19621.0870349414 18994.0984098904 18511.4566745792 
17710.2943382159 17222.6809539834 16470.1068692578 15841.454253973 
15672.2753504529 15063.7049594481 14733.7925400902 14004.538709974 
13612.1071310808 13407.7806645056 13206.1272715988 12163.1354310485 
11858.0211276671 11897.3981630628 11350.9574550357 11200.8735853664 
10793.5042927273 10435.5909780529 9834.99706902283 9618.62406516002 
9399.08394083265 9112.96920708732 8879.40217308003 8238.18962101958 
8049.96541189102 8003.98043489501 7586.73229448487 7425.48142764709 
7586.382454258 7200.81383280741 6890.19640918196 6825.50528283269 
6711.57699784824 19740.2096403298 19896.4907598833 17719.9884764942 
16394.6124913951 15063.0602841287 14302.0334985018 13101.4527581153 
12721.0858722291 11861.4400989199 11946.3101352234 11278.2477398599 
11575.0361482724 10514.4962160828 11011.3247590195 10733.7591483198 
9829.99651957506 10074.7306507564 9548.38781753919 9613.79035038 
9422.01386743502 9496.04621297445 8940.46319297776 8640.4471609545 
8547.1730014212 8347.0413419163 8075.28424563472 7493.25276769726 
8080.46879986487 7585.10648344438 7102.70715452188 7515.8740545566 
6797.84778793463 6813.51211900696 6811.01999952165 6603.04222718265 
6472.67679823055 6668.17783084713 6369.49458016925 6060.69240355263 
5986.1785478817 5726.06464586094 6101.7280465073 5183.13419317882 
5398.05829896049 5364.11075962935 4984.15955123354 5370.342233086 
4767.85279018656 4707.60303103022 4629.98135809993 25310.6258039351 
26435.6480110069 23549.1423188113 22259.4665524874 20866.503266652 
20069.7551694334 18466.8210024474 17627.6626019944 16502.7838373003 
16113.2928546438 15130.2366993433 14047.867554555 13690.7397871557 
13469.0543523526 13007.2450543374 12566.7143153293 12499.5223661405 
12119.6390621326 11904.4894928269 11556.7349776689 11099.964316329 
10978.1086756835 11156.9585822042 10479.5178396295 10441.9371125115 
10356.6714410314 9727.32860733141 9722.93848001919 9380.87131321728 
9262.14237144029 9076.90307957638 8935.46715958645 8995.67254428166 
8535.9823349401 8669.75488739385 8335.93278452156 8031.77295825049 
8030.83692760422 7451.45003812365 7393.91310625291 7002.52269036624 
7201.956223778 7001.91363721739 6733.24328086987 6558.16749056743 
6445.84680703066 6337.57323627918 6436.03949005905 6128.81775379444 
5948.21372674356 21560.9908456304 21894.5600222801 19885.709107168 
18974.7881863365 17583.3773794861 17138.2129905444 15690.7109974814 
14881.839045921 14707.6181897522 14012.537487383 13636.3111154334 
13466.712160912 13236.8807431321 13076.0032701904 12973.2246196733 
12145.363750383 11945.8645977812 11902.6961598416 11663.1253919245 
11313.4719793716 11003.977200044 11043.0586517323 10532.6521299727 
10426.0721394917 10468.6821354958 10113.7576435326 9828.01009638486 
9890.56089601832 9584.53365156277 9433.47564875819 9265.29368026212 
8917.31641687016 8647.37536572643 8667.55965053988 8646.62872230382 
8170.4037296763 8482.53736063641 7917.55988382219 7761.06004885761 
8223.80997111154 7443.23170414032 7634.54216865457 7091.0534108814 
7138.4219221496 6684.06578205905 6636.96740379753 6787.47085244548 
6477.79795726633 6374.05100824858 6104.62779570857 14936.224988701 
15574.8445791601 14764.2336117316 14464.1606881023 13840.2306169706 
13546.2436663005 13447.0481497565 13085.3779980425 12540.0143216531 
12346.279722531 11937.3286005394 11748.5918535094 11345.5374869566 
11092.4007876658 11022.4663369884 10794.9436094447 10157.8741186308 
10532.0609678628 9976.73894284652 9571.29475922424 9325.50894103655 
9291.54772079567 8877.65051889151 8664.99083373145 8624.1489272438 
8807.70882894308 8251.95027987967 7806.1572273884 7951.94430123738 
7732.23093875192 7521.32596023147 7323.84083436029 7308.28731420615 
7404.87367739295 6985.16598273812 6914.89644021797 6423.72482437495 
6327.48358717759 6169.79402595677 6195.8643982925 6106.17556408373 
5876.88765803325 5854.39968171329 5646.62208300652 5258.89042579895 
5419.61067103007 5253.76282946576 5312.8471084453 5141.63769016465 
5293.06244652876 12173.1938030327 12795.0764787782 11935.1925392699 
11885.0943280986 11314.0366695362 11084.1569765144 10917.024653007 
10514.6147452808 10212.1912475662 9798.75697153054 9839.94215787271 
9732.26229778445 9216.21411340429 8975.88833736998 8703.49172681992 
8507.34966434551 8617.45472857834 8266.01360896232 7944.75668377601 
7830.35185028664 7661.59184435053 7543.20157578248 7294.08824754713 
7137.1108792303 6920.32182666771 6985.97085891829 6733.95998778386 
6488.48286736416 6532.46540748698 6324.29715720725 5976.67911989558 
5864.62742497979 5737.87527433705 5641.99001427286 5472.26597805557 
5648.033893059 5277.7309481691 5224.03985386213 5074.85302147498 
4959.19663138429 4953.78234997196 4844.7088156304 4715.07667712956 
4338.14154440413 4214.45297593929 4249.54766408845 4098.18680426988 
4031.83785616859 4023.73553988115 3805.86631119959 11886.6999033983 
12471.6721374966 11233.6336963901 11217.878990136 10595.5555742017 
10438.3885459454 10279.7918658363 9979.1827415062 9964.8786772991 
9625.47081655581 9542.87282514109 9022.0910778501 8937.36120702608 
8472.02094931886 8770.44136292933 8276.37490062427 7851.84596011973 
7673.02231976453 7573.0391009332 7426.39503543872 7253.22515080545 
7091.90420965198 6822.78811428373 6562.97653257903 6577.96038770859 
6388.2806321696 6460.54334452208 6118.2720818248 5946.70746185264 
5899.66150286212 5794.29656982787 5784.03121383331 5500.55332489339 
5206.67161331661 5126.98652236247 5023.62193125709 4881.99823633062 
4949.80541331202 4774.58592185575 4570.75531451455 4475.04010090765 
4387.44123943194 4556.90421015934 4350.26221121352 4258.08673273835 
4236.91903485453 4041.56440197817 4021.00628136736 3935.80522592447 
4059.23633295038 8804.33749580493 9473.43306007531 8971.9882677681 
8840.04720521151 8896.00554828706 8453.84841817961 8174.96169151627 
8201.07518521942 7707.88968008834 7695.4829669177 7524.94008118494 
7671.8045998565 7380.56624016696 7109.47475924938 6876.42358846837 
6997.93177030257 6781.36494764448 6690.11583029368 6501.19819907289 
6105.3386324546 6183.59242298244 6057.14228438817 5995.51098259401 
5807.63789822281 5629.52390281406 5540.08618743112 5400.21067729607 
5294.2842757769 5333.28866585274 5203.31395186776 5404.05917504426 
5017.54311088944 4779.46235753562 4998.36737135181 4702.60544573832 
4567.90013545354 4273.51713606308 4342.98348652418 4130.53526516691 
4244.16550430505 4058.17353324382 4047.86994871807 4024.20957390184 
4004.47739469334 3947.21986834242 3858.69711133008 3644.6284508373 
3648.08225179715 3590.77176869254 3683.15491328202 9322.52882293764 
10461.3758343062 9489.35307646527 9387.47262227808 8983.3490520616 
8894.14810336449 8456.56465632878 8299.84280672673 8034.47393926113 
7531.13977410786 7634.56044236646 7053.77769196152 6776.57539205609 
6623.3952695859 6402.65532780063 6539.4672263708 6345.77311467859 
5940.48018703622 5802.56807913268 5752.55417346588 5650.61532543233 
5531.02487895667 5421.43162713491 5338.09725090089 5356.86809171313 
5275.10885472454 4988.9069342657 5000.91758915751 4723.10839782721 
5036.02720821034 4968.81641071948 4625.90895141879 4396.47553659515 
4231.43106507919 4378.93962781394 4078.34569981562 4408.51112018869 
3993.00467999031 3995.43993113318 3939.52139928072 3748.12887048151 
3973.84669684037 3690.18455553113 3671.22643042697 3495.56646305997 
3380.08441739943 3317.0486135509 3416.1379343338 3312.30559716876 
3245.79814725582 11423.4404788124 11412.310245447 10637.5811996497 
9759.7319544982 8778.93691689081 8465.60894090514 8162.18553303966 
7622.55184735836 7647.45841238029 7337.25189488291 7212.24947654714 
6809.29141147963 6370.63773200725 6474.25732302178 6273.10926073275 
5882.46163337073 5919.09477257113 5393.16211898399 5444.32344378631 
5521.96764283517 5121.62576164295 4836.74509851357 4743.54173332099 
4709.46779705001 4258.89614913178 4470.28582129787 4442.21943421119 
4102.13710152284 3754.19363580566 3913.30461443457 3912.90576016064 
3400.3748875655 3602.70812170982 3350.88269706946 3472.69195827129 
3271.47087079181 3137.435956198 2979.52326713871 3376.23618930605 
2944.81101025132 2823.18861151673 2771.10026784693 2633.7505842872 
2622.81567980456 2701.1481543686 2536.25939321378 2810.91345343988 
2590.39599887932 2518.89381022857 2303.54595040069 15389.4736701661 
16002.6166141732 14364.2684625245 13590.1905763163 12462.8438608877 
12047.4420370361 11569.7917026978 11345.9363397537 10902.3153116012 
10844.9593270863 10614.0073078641 10112.3496524796 9754.78958085135 
10063.7096925097 9281.48525780246 9298.12570398419 9317.15465997098 
8335.23987403851 8577.31160361575 8158.03259378361 8036.37588648625 
8152.73155686074 7735.80324160385 7619.27086444196 7566.00717336636 
7453.06136951439 7117.7427721674 6827.71985918081 6826.98383850001 
6603.84086231724 6475.9303160599 6435.08386252959 6097.66035680443 
6104.23332929182 5741.29553631694 5647.06616089522 5755.64590811571 
5163.50074748559 5056.70603925754 5301.59584539895 5303.96993763016 
4828.86508561198 4895.42420555245 4765.08549773718 4629.9393520692 
4541.46708771076 4357.41723804202 4315.12374001525 4067.6073537262 
3895.86299804147 15441.7565007988 16970.840382804 15785.8588005884 
15570.7277533772 15376.4474867184 15254.7955753051 14315.4452712787 
14401.1522088994 13598.3993005316 13589.7577023358 13585.6063157575 
13149.0765650127 13190.593653869 12208.2556386276 12221.2066510402 
12024.7991707752 11608.3001519773 11546.8969408065 11170.8394549509 
10810.9997876637 10561.4116938115 10339.5505411896 10291.2529561234 
10049.6504647195 9793.86732045167 9514.77340906088 9308.80559416101 
9093.33654542629 8908.69674573817 8727.66199576551 8504.62904267929 
8290.10077246668 8406.41582987195 8118.78022647525 7672.29973320323 
7932.08214358194 7381.73828279972 7490.32294472963 6954.97922280273 
7026.92933349207 7027.84978511742 6865.54921588696 6543.83983455878 
6445.32907759785 6143.36225570399 6289.0582068256 5853.39945146862 
5771.87950334683 5776.94721333309 5664.28730424435
$$ @vis= VisuCoreUnits VisuCoreOrientation VisuCorePosition VisuCoreDataMin
##$VisuCoreDataOffs=( 800 )
0 0 0 0 0 0 0 0 0 0 0 0 0 0 0 0 0 0 0 0 0 0 0 0 0 0 0 0 0 0 0 0 0 0 0 0 0 0 0 
0 0 0 0 0 0 0 0 0 0 0 0 0 0 0 0 0 0 0 0 0 0 0 0 0 0 0 0 0 0 0 0 0 0 0 0 0 0 0 
0 0 0 0 0 0 0 0 0 0 0 0 0 0 0 0 0 0 0 0 0 0 0 0 0 0 0 0 0 0 0 0 0 0 0 0 0 0 0 
0 0 0 0 0 0 0 0 0 0 0 0 0 0 0 0 0 0 0 0 0 0 0 0 0 0 0 0 0 0 0 0 0 0 0 0 0 0 0 
0 0 0 0 0 0 0 0 0 0 0 0 0 0 0 0 0 0 0 0 0 0 0 0 0 0 0 0 0 0 0 0 0 0 0 0 0 0 0 
0 0 0 0 0 0 0 0 0 0 0 0 0 0 0 0 0 0 0 0 0 0 0 0 0 0 0 0 0 0 0 0 0 0 0 0 0 0 0 
0 0 0 0 0 0 0 0 0 0 0 0 0 0 0 0 0 0 0 0 0 0 0 0 0 0 0 0 0 0 0 0 0 0 0 0 0 0 0 
0 0 0 0 0 0 0 0 0 0 0 0 0 0 0 0 0 0 0 0 0 0 0 0 0 0 0 0 0 0 0 0 0 0 0 0 0 0 0 
0 0 0 0 0 0 0 0 0 0 0 0 0 0 0 0 0 0 0 0 0 0 0 0 0 0 0 0 0 0 0 0 0 0 0 0 0 0 0 
0 0 0 0 0 0 0 0 0 0 0 0 0 0 0 0 0 0 0 0 0 0 0 0 0 0 0 0 0 0 0 0 0 0 0 0 0 0 0 
0 0 0 0 0 0 0 0 0 0 0 0 0 0 0 0 0 0 0 0 0 0 0 0 0 0 0 0 0 0 0 0 0 0 0 0 0 0 0 
0 0 0 0 0 0 0 0 0 0 0 0 0 0 0 0 0 0 0 0 0 0 0 0 0 0 0 0 0 0 0 0 0 0 0 0 0 0 0 
0 0 0 0 0 0 0 0 0 0 0 0 0 0 0 0 0 0 0 0 0 0 0 0 0 0 0 0 0 0 0 0 0 0 0 0 0 0 0 
0 0 0 0 0 0 0 0 0 0 0 0 0 0 0 0 0 0 0 0 0 0 0 0 0 0 0 0 0 0 0 0 0 0 0 0 0 0 0 
0 0 0 0 0 0 0 0 0 0 0 0 0 0 0 0 0 0 0 0 0 0 0 0 0 0 0 0 0 0 0 0 0 0 0 0 0 0 0 
0 0 0 0 0 0 0 0 0 0 0 0 0 0 0 0 0 0 0 0 0 0 0 0 0 0 0 0 0 0 0 0 0 0 0 0 0 0 0 
0 0 0 0 0 0 0 0 0 0 0 0 0 0 0 0 0 0 0 0 0 0 0 0 0 0 0 0 0 0 0 0 0 0 0 0 0 0 0 
0 0 0 0 0 0 0 0 0 0 0 0 0 0 0 0 0 0 0 0 0 0 0 0 0 0 0 0 0 0 0 0 0 0 0 0 0 0 0 
0 0 0 0 0 0 0 0 0 0 0 0 0 0 0 0 0 0 0 0 0 0 0 0 0 0 0 0 0 0 0 0 0 0 0 0 0 0 0 
0 0 0 0 0 0 0 0 0 0 0 0 0 0 0 0 0 0 0 0 0 0 0 0 0 0 0 0 0 0 0 0 0 0 0 0 0 0 0 
0 0 0 0 0 0 0 0 0 0 0 0 0 0 0 0 0 0 0 0
##$VisuCoreDataSlope=( 800 )
0.00662132477345382 0.00662132477345382 0.00662132477345382 
0.00662132477345382 0.00662132477345382 0.00662132477345382 
0.00662132477345382 0.00662132477345382 0.00662132477345382 
0.00662132477345382 0.00662132477345382 0.00662132477345382 
0.00662132477345382 0.00662132477345382 0.00662132477345382 
0.00662132477345382 0.00662132477345382 0.00662132477345382 
0.00662132477345382 0.00662132477345382 0.00662132477345382 
0.00662132477345382 0.00662132477345382 0.00662132477345382 
0.00662132477345382 0.00662132477345382 0.00662132477345382 
0.00662132477345382 0.00662132477345382 0.00662132477345382 
0.00662132477345382 0.00662132477345382 0.00662132477345382 
0.00662132477345382 0.00662132477345382 0.00662132477345382 
0.00662132477345382 0.00662132477345382 0.00662132477345382 
0.00662132477345382 0.00662132477345382 0.00662132477345382 
0.00662132477345382 0.00662132477345382 0.00662132477345382 
0.00662132477345382 0.00662132477345382 0.00662132477345382 
0.00662132477345382 0.00662132477345382 0.00662132477345382 
0.00662132477345382 0.00662132477345382 0.00662132477345382 
0.00662132477345382 0.00662132477345382 0.00662132477345382 
0.00662132477345382 0.00662132477345382 0.00662132477345382 
0.00662132477345382 0.00662132477345382 0.00662132477345382 
0.00662132477345382 0.00662132477345382 0.00662132477345382 
0.00662132477345382 0.00662132477345382 0.00662132477345382 
0.00662132477345382 0.00662132477345382 0.00662132477345382 
0.00662132477345382 0.00662132477345382 0.00662132477345382 
0.00662132477345382 0.00662132477345382 0.00662132477345382 
0.00662132477345382 0.00662132477345382 0.00662132477345382 
0.00662132477345382 0.00662132477345382 0.00662132477345382 
0.00662132477345382 0.00662132477345382 0.00662132477345382 
0.00662132477345382 0.00662132477345382 0.00662132477345382 
0.00662132477345382 0.00662132477345382 0.00662132477345382 
0.00662132477345382 0.00662132477345382 0.00662132477345382 
0.00662132477345382 0.00662132477345382 0.00662132477345382 
0.00662132477345382 0.00662132477345382 0.00662132477345382 
0.00662132477345382 0.00662132477345382 0.00662132477345382 
0.00662132477345382 0.00662132477345382 0.00662132477345382 
0.00662132477345382 0.00662132477345382 0.00662132477345382 
0.00662132477345382 0.00662132477345382 0.00662132477345382 
0.00662132477345382 0.00662132477345382 0.00662132477345382 
0.00662132477345382 0.00662132477345382 0.00662132477345382 
0.00662132477345382 0.00662132477345382 0.00662132477345382 
0.00662132477345382 0.00662132477345382 0.00662132477345382 
0.00662132477345382 0.00662132477345382 0.00662132477345382 
0.00662132477345382 0.00662132477345382 0.00662132477345382 
0.00662132477345382 0.00662132477345382 0.00662132477345382 
0.00662132477345382 0.00662132477345382 0.00662132477345382 
0.00662132477345382 0.00662132477345382 0.00662132477345382 
0.00662132477345382 0.00662132477345382 0.00662132477345382 
0.00662132477345382 0.00662132477345382 0.00662132477345382 
0.00662132477345382 0.00662132477345382 0.00662132477345382 
0.00662132477345382 0.00662132477345382 0.00662132477345382 
0.00662132477345382 0.00662132477345382 0.00662132477345382 
0.00662132477345382 0.00662132477345382 0.00662132477345382 
0.00662132477345382 0.00662132477345382 0.00662132477345382 
0.00662132477345382 0.00662132477345382 0.00662132477345382 
0.00662132477345382 0.00662132477345382 0.00662132477345382 
0.00662132477345382 0.00662132477345382 0.00662132477345382 
0.00662132477345382 0.00662132477345382 0.00662132477345382 
0.00662132477345382 0.00662132477345382 0.00662132477345382 
0.00662132477345382 0.00662132477345382 0.00662132477345382 
0.00662132477345382 0.00662132477345382 0.00662132477345382 
0.00662132477345382 0.00662132477345382 0.00662132477345382 
0.00662132477345382 0.00662132477345382 0.00662132477345382 
0.00662132477345382 0.00662132477345382 0.00662132477345382 
0.00662132477345382 0.00662132477345382 0.00662132477345382 
0.00662132477345382 0.00662132477345382 0.00662132477345382 
0.00662132477345382 0.00662132477345382 0.00662132477345382 
0.00662132477345382 0.00662132477345382 0.00662132477345382 
0.00662132477345382 0.00662132477345382 0.00662132477345382 
0.00662132477345382 0.00662132477345382 0.00662132477345382 
0.00662132477345382 0.00662132477345382 0.00662132477345382 
0.00662132477345382 0.00662132477345382 0.00662132477345382 
0.00662132477345382 0.00662132477345382 0.00662132477345382 
0.00662132477345382 0.00662132477345382 0.00662132477345382 
0.00662132477345382 0.00662132477345382 0.00662132477345382 
0.00662132477345382 0.00662132477345382 0.00662132477345382 
0.00662132477345382 0.00662132477345382 0.00662132477345382 
0.00662132477345382 0.00662132477345382 0.00662132477345382 
0.00662132477345382 0.00662132477345382 0.00662132477345382 
0.00662132477345382 0.00662132477345382 0.00662132477345382 
0.00662132477345382 0.00662132477345382 0.00662132477345382 
0.00662132477345382 0.00662132477345382 0.00662132477345382 
0.00662132477345382 0.00662132477345382 0.00662132477345382 
0.00662132477345382 0.00662132477345382 0.00662132477345382 
0.00662132477345382 0.00662132477345382 0.00662132477345382 
0.00662132477345382 0.00662132477345382 0.00662132477345382 
0.00662132477345382 0.00662132477345382 0.00662132477345382 
0.00662132477345382 0.00662132477345382 0.00662132477345382 
0.00662132477345382 0.00662132477345382 0.00662132477345382 
0.00662132477345382 0.00662132477345382 0.00662132477345382 
0.00662132477345382 0.00662132477345382 0.00662132477345382 
0.00662132477345382 0.00662132477345382 0.00662132477345382 
0.00662132477345382 0.00662132477345382 0.00662132477345382 
0.00662132477345382 0.00662132477345382 0.00662132477345382 
0.00662132477345382 0.00662132477345382 0.00662132477345382 
0.00662132477345382 0.00662132477345382 0.00662132477345382 
0.00662132477345382 0.00662132477345382 0.00662132477345382 
0.00662132477345382 0.00662132477345382 0.00662132477345382 
0.00662132477345382 0.00662132477345382 0.00662132477345382 
0.00662132477345382 0.00662132477345382 0.00662132477345382 
0.00662132477345382 0.00662132477345382 0.00662132477345382 
0.00662132477345382 0.00662132477345382 0.00662132477345382 
0.00662132477345382 0.00662132477345382 0.00662132477345382 
0.00662132477345382 0.00662132477345382 0.00662132477345382 
0.00662132477345382 0.00662132477345382 0.00662132477345382 
0.00662132477345382 0.00662132477345382 0.00662132477345382 
0.00662132477345382 0.00662132477345382 0.00662132477345382 
0.00662132477345382 0.00662132477345382 0.00662132477345382 
0.00662132477345382 0.00662132477345382 0.00662132477345382 
0.00662132477345382 0.00662132477345382 0.00662132477345382 
0.00662132477345382 0.00662132477345382 0.00662132477345382 
0.00662132477345382 0.00662132477345382 0.00662132477345382 
0.00662132477345382 0.00662132477345382 0.00662132477345382 
0.00662132477345382 0.00662132477345382 0.00662132477345382 
0.00662132477345382 0.00662132477345382 0.00662132477345382 
0.00662132477345382 0.00662132477345382 0.00662132477345382 
0.00662132477345382 0.00662132477345382 0.00662132477345382 
0.00662132477345382 0.00662132477345382 0.00662132477345382 
0.00662132477345382 0.00662132477345382 0.00662132477345382 
0.00662132477345382 0.00662132477345382 0.00662132477345382 
0.00662132477345382 0.00662132477345382 0.00662132477345382 
0.00662132477345382 0.00662132477345382 0.00662132477345382 
0.00662132477345382 0.00662132477345382 0.00662132477345382 
0.00662132477345382 0.00662132477345382 0.00662132477345382 
0.00662132477345382 0.00662132477345382 0.00662132477345382 
0.00662132477345382 0.00662132477345382 0.00662132477345382 
0.00662132477345382 0.00662132477345382 0.00662132477345382 
0.00662132477345382 0.00662132477345382 0.00662132477345382 
0.00662132477345382 0.00662132477345382 0.00662132477345382 
0.00662132477345382 0.00662132477345382 0.00662132477345382 
0.00662132477345382 0.00662132477345382 0.00662132477345382 
0.00662132477345382 0.00662132477345382 0.00662132477345382 
0.00662132477345382 0.00662132477345382 0.00662132477345382 
0.00662132477345382 0.00662132477345382 0.00662132477345382 
0.00662132477345382 0.00662132477345382 0.00662132477345382 
0.00662132477345382 0.00662132477345382 0.00662132477345382 
0.00662132477345382 0.00662132477345382 0.00662132477345382 
0.00662132477345382 0.00662132477345382 0.00662132477345382 
0.00662132477345382 0.00662132477345382 0.00662132477345382 
0.00662132477345382 0.00662132477345382 0.00662132477345382 
0.00662132477345382 0.00662132477345382 0.00662132477345382 
0.00662132477345382 0.00662132477345382 0.00662132477345382 
0.00662132477345382 0.00662132477345382 0.00662132477345382 
0.00662132477345382 0.00662132477345382 0.00662132477345382 
0.00662132477345382 0.00662132477345382 0.00662132477345382 
0.00662132477345382 0.00662132477345382 0.00662132477345382 
0.00662132477345382 0.00662132477345382 0.00662132477345382 
0.00662132477345382 0.00662132477345382 0.00662132477345382 
0.00662132477345382 0.00662132477345382 0.00662132477345382 
0.00662132477345382 0.00662132477345382 0.00662132477345382 
0.00662132477345382 0.00662132477345382 0.00662132477345382 
0.00662132477345382 0.00662132477345382 0.00662132477345382 
0.00662132477345382 0.00662132477345382 0.00662132477345382 
0.00662132477345382 0.00662132477345382 0.00662132477345382 
0.00662132477345382 0.00662132477345382 0.00662132477345382 
0.00662132477345382 0.00662132477345382 0.00662132477345382 
0.00662132477345382 0.00662132477345382 0.00662132477345382 
0.00662132477345382 0.00662132477345382 0.00662132477345382 
0.00662132477345382 0.00662132477345382 0.00662132477345382 
0.00662132477345382 0.00662132477345382 0.00662132477345382 
0.00662132477345382 0.00662132477345382 0.00662132477345382 
0.00662132477345382 0.00662132477345382 0.00662132477345382 
0.00662132477345382 0.00662132477345382 0.00662132477345382 
0.00662132477345382 0.00662132477345382 0.00662132477345382 
0.00662132477345382 0.00662132477345382 0.00662132477345382 
0.00662132477345382 0.00662132477345382 0.00662132477345382 
0.00662132477345382 0.00662132477345382 0.00662132477345382 
0.00662132477345382 0.00662132477345382 0.00662132477345382 
0.00662132477345382 0.00662132477345382 0.00662132477345382 
0.00662132477345382 0.00662132477345382 0.00662132477345382 
0.00662132477345382 0.00662132477345382 0.00662132477345382 
0.00662132477345382 0.00662132477345382 0.00662132477345382 
0.00662132477345382 0.00662132477345382 0.00662132477345382 
0.00662132477345382 0.00662132477345382 0.00662132477345382 
0.00662132477345382 0.00662132477345382 0.00662132477345382 
0.00662132477345382 0.00662132477345382 0.00662132477345382 
0.00662132477345382 0.00662132477345382 0.00662132477345382 
0.00662132477345382 0.00662132477345382 0.00662132477345382 
0.00662132477345382 0.00662132477345382 0.00662132477345382 
0.00662132477345382 0.00662132477345382 0.00662132477345382 
0.00662132477345382 0.00662132477345382 0.00662132477345382 
0.00662132477345382 0.00662132477345382 0.00662132477345382 
0.00662132477345382 0.00662132477345382 0.00662132477345382 
0.00662132477345382 0.00662132477345382 0.00662132477345382 
0.00662132477345382 0.00662132477345382 0.00662132477345382 
0.00662132477345382 0.00662132477345382 0.00662132477345382 
0.00662132477345382 0.00662132477345382 0.00662132477345382 
0.00662132477345382 0.00662132477345382 0.00662132477345382 
0.00662132477345382 0.00662132477345382 0.00662132477345382 
0.00662132477345382 0.00662132477345382 0.00662132477345382 
0.00662132477345382 0.00662132477345382 0.00662132477345382 
0.00662132477345382 0.00662132477345382 0.00662132477345382 
0.00662132477345382 0.00662132477345382 0.00662132477345382 
0.00662132477345382 0.00662132477345382 0.00662132477345382 
0.00662132477345382 0.00662132477345382 0.00662132477345382 
0.00662132477345382 0.00662132477345382 0.00662132477345382 
0.00662132477345382 0.00662132477345382 0.00662132477345382 
0.00662132477345382 0.00662132477345382 0.00662132477345382 
0.00662132477345382 0.00662132477345382 0.00662132477345382 
0.00662132477345382 0.00662132477345382 0.00662132477345382 
0.00662132477345382 0.00662132477345382 0.00662132477345382 
0.00662132477345382 0.00662132477345382 0.00662132477345382 
0.00662132477345382 0.00662132477345382 0.00662132477345382 
0.00662132477345382 0.00662132477345382 0.00662132477345382 
0.00662132477345382 0.00662132477345382 0.00662132477345382 
0.00662132477345382 0.00662132477345382 0.00662132477345382 
0.00662132477345382 0.00662132477345382 0.00662132477345382 
0.00662132477345382 0.00662132477345382 0.00662132477345382 
0.00662132477345382 0.00662132477345382 0.00662132477345382 
0.00662132477345382 0.00662132477345382 0.00662132477345382 
0.00662132477345382 0.00662132477345382 0.00662132477345382 
0.00662132477345382 0.00662132477345382 0.00662132477345382 
0.00662132477345382 0.00662132477345382 0.00662132477345382 
0.00662132477345382 0.00662132477345382 0.00662132477345382 
0.00662132477345382 0.00662132477345382 0.00662132477345382 
0.00662132477345382 0.00662132477345382 0.00662132477345382 
0.00662132477345382 0.00662132477345382 0.00662132477345382 
0.00662132477345382 0.00662132477345382 0.00662132477345382 
0.00662132477345382 0.00662132477345382 0.00662132477345382 
0.00662132477345382 0.00662132477345382 0.00662132477345382 
0.00662132477345382 0.00662132477345382 0.00662132477345382 
0.00662132477345382 0.00662132477345382 0.00662132477345382 
0.00662132477345382 0.00662132477345382 0.00662132477345382 
0.00662132477345382 0.00662132477345382 0.00662132477345382 
0.00662132477345382 0.00662132477345382 0.00662132477345382 
0.00662132477345382 0.00662132477345382 0.00662132477345382 
0.00662132477345382 0.00662132477345382 0.00662132477345382 
0.00662132477345382 0.00662132477345382 0.00662132477345382 
0.00662132477345382 0.00662132477345382 0.00662132477345382 
0.00662132477345382 0.00662132477345382 0.00662132477345382 
0.00662132477345382 0.00662132477345382 0.00662132477345382 
0.00662132477345382 0.00662132477345382 0.00662132477345382 
0.00662132477345382 0.00662132477345382 0.00662132477345382 
0.00662132477345382 0.00662132477345382 0.00662132477345382 
0.00662132477345382 0.00662132477345382 0.00662132477345382 
0.00662132477345382 0.00662132477345382 0.00662132477345382 
0.00662132477345382 0.00662132477345382 0.00662132477345382 
0.00662132477345382 0.00662132477345382 0.00662132477345382 
0.00662132477345382 0.00662132477345382 0.00662132477345382 
0.00662132477345382 0.00662132477345382 0.00662132477345382 
0.00662132477345382 0.00662132477345382 0.00662132477345382 
0.00662132477345382 0.00662132477345382 0.00662132477345382 
0.00662132477345382 0.00662132477345382 0.00662132477345382 
0.00662132477345382 0.00662132477345382 0.00662132477345382 
0.00662132477345382 0.00662132477345382 0.00662132477345382 
0.00662132477345382 0.00662132477345382 0.00662132477345382 
0.00662132477345382 0.00662132477345382 0.00662132477345382 
0.00662132477345382 0.00662132477345382 0.00662132477345382 
0.00662132477345382 0.00662132477345382 0.00662132477345382 
0.00662132477345382 0.00662132477345382 0.00662132477345382 
0.00662132477345382 0.00662132477345382 0.00662132477345382 
0.00662132477345382 0.00662132477345382 0.00662132477345382 
0.00662132477345382 0.00662132477345382 0.00662132477345382 
0.00662132477345382 0.00662132477345382 0.00662132477345382 
0.00662132477345382 0.00662132477345382 0.00662132477345382 
0.00662132477345382 0.00662132477345382 0.00662132477345382 
0.00662132477345382 0.00662132477345382 0.00662132477345382 
0.00662132477345382 0.00662132477345382 0.00662132477345382 
0.00662132477345382 0.00662132477345382 0.00662132477345382 
0.00662132477345382 0.00662132477345382 0.00662132477345382 
0.00662132477345382 0.00662132477345382 0.00662132477345382 
0.00662132477345382 0.00662132477345382 0.00662132477345382 
0.00662132477345382 0.00662132477345382 0.00662132477345382 
0.00662132477345382 0.00662132477345382 0.00662132477345382 
0.00662132477345382 0.00662132477345382 0.00662132477345382 
0.00662132477345382 0.00662132477345382 0.00662132477345382 
0.00662132477345382 0.00662132477345382
##$VisuCoreFrameType=( 1 )
MAGNITUDE_IMAGE
##$VisuCoreSlicePacksDef=(1, 1)
$$ @vis= VisuCoreDataMax VisuCoreDataOffs VisuCoreDataSlope VisuCoreFrameType
##$VisuCoreSlicePacksSlices=( 1 )
(0, 16)
##$VisuCoreSlicePacksSliceDist=( 1 )
1
$$ @vis= VisuCoreSlicePacksDef VisuCoreSlicePacksSlices
##$VisuCoreWordType=_16BIT_SGN_INT
##$VisuCoreByteOrder=littleEndian
$$ @vis= VisuCoreSlicePacksSliceDist VisuCore VisuCoreWordType
##$VisuFGOrderDescDim=2
##$VisuFGOrderDesc=( 2 )
(50, <FG_ECHO>, <>, 0, 1) (16, <FG_SLICE>, <>, 1, 2)
##$VisuGroupDepVals=( 3 )
(<VisuAcqEchoTime>, 0) (<VisuCoreOrientation>, 0) (<VisuCorePosition>, 0)
$$ @vis= VisuCoreByteOrder VisuPixel VisuFGOrderDescDim VisuFGOrderDesc
##$VisuSubjectName=( 65 )
<EW_Cup_Treat_06_2NN>
##$VisuSubjectId=( 65 )
<EW_Cup_Treat_06_2NN>
##$VisuSubjectUid=( 65 )
<2.16.756.5.5.100.8323328.103382.1536212614.1880>
$$ @vis= VisuGroupDepVals VisuFrameOrderDesc VisuSubjectName VisuSubjectId
##$VisuSubjectInstanceCreationDate=(1536212614, 754, 120)
##$VisuSubjectBirthDate=( 9 )
<20180906>
##$VisuSubjectSex=UNKNOWN
$$ @vis= VisuSubjectUid VisuSubjectInstanceCreationDate VisuSubjectBirthDate
##$VisuSubjectType=Quadruped
##$VisuStudyUid=( 65 )
<2.16.756.5.5.100.8323328.103382.1536212614.1881>
##$VisuStudyDate=<2018-09-06T07:43:34,754+0200>
$$ @vis= VisuSubjectSex VisuSubjectType VisuSubject VisuStudyUid
##$VisuStudyId=( 65 )
<EW_Cup_Treat_06_2NN>
##$VisuStudyNumber=1
##$VisuSubjectWeight=0.001
##$VisuStudyReferringPhysician=( 65 )
<gilnavon>
$$ @vis= VisuStudyDate VisuStudyId VisuStudyNumber VisuSubjectWeight
##$VisuStudyDescription=( 2048 )
<\
>
##$VisuExperimentNumber=15
$$ @vis= VisuStudyReferringPhysician VisuStudyDescription VisuStudy
##$VisuProcessingNumber=1
##$VisuSeriesDate=<2018-09-06T11:20:37,038+0200>
##$VisuSubjectPosition=Head_Prone
$$ @vis= VisuExperimentNumber VisuProcessingNumber VisuSeriesDate
##$VisuSeriesTypeId=( 65 )
<ACQ_BRUKER_PVM>
$$ @vis= VisuSubjectPosition VisuSeriesTypeId VisuSeries VisuCoilReceive
##$VisuManufacturer=( 65 )
<Bruker BioSpin MRI GmbH>
##$VisuAcqSoftwareVersion=( 65 )
<6.0.1>
$$ @vis= VisuCoilTransmit VisuContrastAgent VisuManufacturer
##$VisuInstitution=( 65 )
<Tel Aviv University>
##$VisuStation=( 65 )
<BioSpec 70/30>
##$VisuSystemOrderNumber=( 65 )
<10271051>
$$ @vis= VisuAcqSoftwareVersion VisuInstitution VisuStation
##$VisuAcqDate=<2018-09-06T11:10:49,349+0200>
##$VisuAcqEchoTrainLength=1
$$ @vis= VisuSystemOrderNumber VisuEquipment VisuAcqDate
##$VisuAcqSequenceName=( 40 )
<Bruker:MSME>
##$VisuAcqNumberOfAverages=1
##$VisuAcqImagingFrequency=300.336375116418
$$ @vis= VisuAcqEchoTrainLength VisuAcqSequenceName VisuAcqNumberOfAverages
##$VisuAcqImagedNucleus=( 8 )
<1H>
##$VisuAcqRepetitionTime=( 1 )
4468.59116983092
##$VisuAcqPhaseEncSteps=128
$$ @vis= VisuAcqImagingFrequency VisuAcqImagedNucleus VisuAcqRepetitionTime
##$VisuAcqPixelBandwidth=390.625
##$VisuAcqFlipAngle=90
##$VisuAcqSize=( 2 )
128 128
$$ @vis= VisuAcqPhaseEncSteps VisuAcqPixelBandwidth VisuAcqFlipAngle
##$VisuAcqImageSizeAccellerated=No
##$VisuAcqGradEncoding=( 2 )
read_enc phase_enc
##$VisuAcqEchoTime=( 50 )
5.50239501216698 11.004790024334 16.5071850365009 22.0095800486679 
27.5119750608349 33.0143700730019 38.5167650851689 44.0191600973359 
49.5215551095029 55.0239501216698 60.5263451338368 66.0287401460038 
71.5311351581708 77.0335301703378 82.5359251825048 88.0383201946717 
93.5407152068387 99.0431102190057 104.545505231173 110.04790024334 
115.550295255507 121.052690267674 126.555085279841 132.057480292008 
137.559875304175 143.062270316342 148.564665328509 154.067060340676 
159.569455352843 165.07185036501 170.574245377177 176.076640389343 
181.57903540151 187.081430413677 192.583825425844 198.086220438011 
203.588615450178 209.091010462345 214.593405474512 220.095800486679 
225.598195498846 231.100590511013 236.60298552318 242.105380535347 
247.607775547514 253.110170559681 258.612565571848 264.114960584015 
269.617355596182 275.119750608349
$$ @vis= VisuAcqSize VisuAcqImageSizeAccellerated VisuAcqGradEncoding
##$VisuAcquisitionProtocol=( 65 )
<MSME>
##$VisuAcqScanTime=571979.669738358
##$VisuAcqAntiAlias=( 2 )
1 1
$$ @vis= VisuAcqEchoTime VisuAcquisitionProtocol VisuAcqScanTime
##$VisuAcqEchoSequenceType=Both
##$VisuAcqSpinsVelocityEncoded=No
##$VisuAcqHasTimeOfFlightContrast=No
$$ @vis= VisuAcqAntiAlias VisuAcqEchoSequenceType VisuAcqSpinsVelocityEncoded
##$VisuAcqIsEpiSequence=No
##$VisuAcqSpectralSuppression=NoSuppression
$$ @vis= VisuAcqHasTimeOfFlightContrast VisuAcqIsEpiSequence
##$VisuAcqKSpaceTraversal=RectilinearTraversal
##$VisuAcqEncodingOrder=( 2 )
LinearEncoding LinearEncoding
$$ @vis= VisuAcqSpectralSuppression VisuAcqKSpaceTraversal
##$VisuAcqKSpaceTrajectoryCnt=1
##$VisuAcqKSpaceFiltering=( 2 )
NO_WDW NO_WDW
$$ @vis= VisuAcqEncodingOrder VisuAcqKSpaceTrajectoryCnt
##$VisuAcqFlowCompensation=FlowNone
##$VisuAcqSpoiling=GradientSpoiled
##$VisuAcqPartialFourier=( 2 )
1 1
$$ @vis= VisuAcqKSpaceFiltering VisuAcqFlowCompensation VisuAcqSpoiling
##$VisuAcqParallelReductionFactor=( 2 )
1 1
##$VisuAcqMagnetizationTransfer=No
$$ @vis= VisuAcqPartialFourier VisuAcqParallelReductionFactor
##$VisuAcqBloodSignalNulling=No
##$VisuCardiacSynchUsed=No
$$ @vis= VisuAcqMagnetizationTransfer VisuAcqBloodSignalNulling
##$VisuRespSynchUsed=No
$$ @vis= VisuCardiacSynchUsed VisuRespSynchUsed VisuAcquisition VisuMpi
$$ @vis= VisuDepricated Visu
##END=
$$ File finished by PARX at 2018-09-06 11:20:37.042 +0200
