##TITLE=Parameter List, ParaVision 6.0.1
##JCAMPDX=4.24
##DATATYPE=Parameter Values
##ORIGIN=Bruker BioSpin MRI GmbH
##OWNER=gilnavon
$$ 2018-09-07 10:58:13.551 +0200  gilnavon@CZC7238NT5
$$ /opt/PV6.0.1/data/gilnavon/20180907_072943_EW_Cup_control_03_TT_EW_Cup_control_03_TT_1_1/16/acqp
$$ process /opt/PV6.0.1/prog/mod/acq_out
##$PULPROG=( 32 )
<MSME.ppg>
##$GRDPROG=( 16 )
<>
##$ACQ_experiment_mode=ParallelExperiment
##$ACQ_ReceiverSelect=( 4 )
Yes Yes Yes Yes
##$ACQ_PexSelect=0
##$ACQ_load_shim_set_list=No
$$ @vis= PULPROG GRDPROG ACQ_experiment_mode ACQ_ReceiverSelect
##$ACQ_user_filter=No
##$ACQ_DS_enabled=Yes
##$ACQ_switch_pll_enabled=No
$$ @vis= ACQ_load_shim_set_list ACQ_user_filter ACQ_DS_enabled
##$ACQ_preload=0
##$ACQ_branch_preload=( 10, 2 )
1000000 1000000 1000000 1000000 1000000 1000000 1000000 1000000 1000000 
1000000 1000000 1000000 1000000 1000000 1000000 1000000 1000000 1000000 500 
500
##$ACQ_jobs_size=0
##$ACQ_jobs=( 1 )
(0, 1, 0, 1, 64, 100, 0, 0)
##$ACQ_dim=2
$$ @vis= ACQ_switch_pll_enabled ACQ_preload ACQ_branch_preload ACQ_jobs_size
##$ACQ_dim_desc=( 2 )
Spatial Spatial
##$ACQ_size=( 2 )
256 128
##$ACQ_ns_list_size=20
##$ACQ_ns_list=( 20 )
1 1 1 1 1 1 1 1 1 1 1 1 1 1 1 1 1 1 1 1
##$ACQ_phase_factor=1
$$ @vis= ACQ_dim ACQ_dim_desc ACQ_size ACQ_ns_list_size ACQ_ns_list
##$ACQ_scan_size=One_scan
##$NI=320
##$NA=2
##$NAE=1
##$NR=1
##$DS=1
##$D=( 64 )
0.073639 0.00012 0.000589 0.000141 0 0.000359 0.00012 0 2.5e-05 0.000705 
1e-05 0.000589 0 0 0 0 0 0 0 0 0 0 0 0 0 0 0 0 0 0 0 0 0 0 0 0 0 0 0 0 0 0 0 
0 0 0 0 0 0 0 0 0 0 0 0 0 0 0 0 0 0 0 0 0
##$P=( 64 )
2100 1700 0 0 0 0 0 0 0 0 0 0 0 0 0 0 0 0 0 0 0 0 0 0 0 0 0 0 0 0 0 0 0 0 0 0 
0 0 0 0 0 0 0 0 0 0 0 0 0 0 0 0 0 0 0 0 0 0 0 0 0 0 0 0
##$PLW=( 64 )
0 0 0 0 0 0 0 0 0 0 0 0 0 0 0 0 0 0 0 0 0 0 0 0 0 0 0 0 0 0 0 0 0 0 0 0 0 0 0 
0 0 0 0 0 0 0 0 0 0 0 0 0 0 0 0 0 0 0 0 0 0 0 0 0
##$SPPEX=( 64 )
0 0 0 0 0 0 0 0 0 0 0 0 0 0 0 0 0 0 0 0 0 0 0 0 0 0 0 0 0 0 0 0 0 0 0 0 0 0 0 
0 0 0 0 0 0 0 0 0 0 0 0 0 0 0 0 0 0 0 0 0 0 0 0 0
##$ACQ_RfShapes=( 64 )
(<$ExcPulse1Shape>, 8.05645932457741, 0, 0.5, 0, 100 100 100 100 100 100 100 
100, 0 0 0 0 0 0 0 0) (<$RefPulse1Shape>, 96.3919113896575, 0, 0, 0, 100 100 
100 100 100 100 100 100, 0 0 0 0 0 0 0 0) (<>, 0, 0, 0.5, 0, 0 0 0 0 0 0 0 0, 
0 0 0 0 0 0 0 0) (<>, 0, 0, 0.5, 0, 0 0 0 0 0 0 0 0, 0 0 0 0 0 0 0 0) (<>, 0, 
0, 0.5, 0, 0 0 0 0 0 0 0 0, 0 0 0 0 0 0 0 0) (<>, 0, 0, 0.5, 0, 0 0 0 0 0 0 0 
0, 0 0 0 0 0 0 0 0) (<>, 0, 0, 0.5, 0, 0 0 0 0 0 0 0 0, 0 0 0 0 0 0 0 0) (<>, 
0, 0, 0.5, 0, 0 0 0 0 0 0 0 0, 0 0 0 0 0 0 0 0) (<>, 0, 0, 0.5, 0, 0 0 0 0 0 
0 0 0, 0 0 0 0 0 0 0 0) (<>, 0, 0, 0.5, 0, 0 0 0 0 0 0 0 0, 0 0 0 0 0 0 0 0) 
(<>, 0, 0, 0.5, 0, 0 0 0 0 0 0 0 0, 0 0 0 0 0 0 0 0) (<>, 0, 0, 0.5, 0, 0 0 0 
0 0 0 0 0, 0 0 0 0 0 0 0 0) (<>, 0, 0, 0.5, 0, 0 0 0 0 0 0 0 0, 0 0 0 0 0 0 0 
0) (<>, 0, 0, 0.5, 0, 0 0 0 0 0 0 0 0, 0 0 0 0 0 0 0 0) (<>, 0, 0, 0.5, 0, 0 
0 0 0 0 0 0 0, 0 0 0 0 0 0 0 0) (<>, 0, 0, 0.5, 0, 0 0 0 0 0 0 0 0, 0 0 0 0 0 
0 0 0) (<>, 0, 0, 0.5, 0, 0 0 0 0 0 0 0 0, 0 0 0 0 0 0 0 0) (<>, 0, 0, 0.5, 0,
 0 0 0 0 0 0 0 0, 0 0 0 0 0 0 0 0) (<>, 0, 0, 0.5, 0, 0 0 0 0 0 0 0 0, 0 0 0 
0 0 0 0 0) (<>, 0, 0, 0.5, 0, 0 0 0 0 0 0 0 0, 0 0 0 0 0 0 0 0) (<>, 0, 0, 
0.5, 0, 0 0 0 0 0 0 0 0, 0 0 0 0 0 0 0 0) (<>, 0, 0, 0.5, 0, 0 0 0 0 0 0 0 0, 
0 0 0 0 0 0 0 0) (<>, 0, 0, 0.5, 0, 0 0 0 0 0 0 0 0, 0 0 0 0 0 0 0 0) (<>, 0, 
0, 0.5, 0, 0 0 0 0 0 0 0 0, 0 0 0 0 0 0 0 0) (<>, 0, 0, 0.5, 0, 0 0 0 0 0 0 0 
0, 0 0 0 0 0 0 0 0) (<>, 0, 0, 0.5, 0, 0 0 0 0 0 0 0 0, 0 0 0 0 0 0 0 0) (<>, 
0, 0, 0.5, 0, 0 0 0 0 0 0 0 0, 0 0 0 0 0 0 0 0) (<>, 0, 0, 0.5, 0, 0 0 0 0 0 
0 0 0, 0 0 0 0 0 0 0 0) (<>, 0, 0, 0.5, 0, 0 0 0 0 0 0 0 0, 0 0 0 0 0 0 0 0) 
(<>, 0, 0, 0.5, 0, 0 0 0 0 0 0 0 0, 0 0 0 0 0 0 0 0) (<>, 0, 0, 0.5, 0, 0 0 0 
0 0 0 0 0, 0 0 0 0 0 0 0 0) (<>, 0, 0, 0.5, 0, 0 0 0 0 0 0 0 0, 0 0 0 0 0 0 0 
0) (<>, 0, 0, 0.5, 0, 0 0 0 0 0 0 0 0, 0 0 0 0 0 0 0 0) (<>, 0, 0, 0.5, 0, 0 
0 0 0 0 0 0 0, 0 0 0 0 0 0 0 0) (<>, 0, 0, 0.5, 0, 0 0 0 0 0 0 0 0, 0 0 0 0 0 
0 0 0) (<>, 0, 0, 0.5, 0, 0 0 0 0 0 0 0 0, 0 0 0 0 0 0 0 0) (<>, 0, 0, 0.5, 0,
 0 0 0 0 0 0 0 0, 0 0 0 0 0 0 0 0) (<>, 0, 0, 0.5, 0, 0 0 0 0 0 0 0 0, 0 0 0 
0 0 0 0 0) (<>, 0, 0, 0.5, 0, 0 0 0 0 0 0 0 0, 0 0 0 0 0 0 0 0) (<>, 0, 0, 
0.5, 0, 0 0 0 0 0 0 0 0, 0 0 0 0 0 0 0 0) (<$PVM_FatSupPulShape>, 
2.22552111178799, 0, 0.5, 0, 100 100 100 100 100 100 100 100, 0 0 0 0 0 0 0 0)
 (<sech.exc>, 10.6645988398596, 0, 0.5, 0, 100 100 100 100 100 100 100 100, 0 
0 0 0 0 0 0 0) (<$PVM_SelIrPulShape>, 94.0064440532157, 0, 0, 0, 100 100 100 
100 100 100 100 100, 0 0 0 0 0 0 0 0) (<>, 0, 0, 0.5, 0, 0 0 0 0 0 0 0 0, 0 0 
0 0 0 0 0 0) (<$PVM_FlowSatPulShape>, 18.1270334802992, 0, 0.5, 0, 100 100 
100 100 100 100 100 100, 0 0 0 0 0 0 0 0) (<>, 0, 0, 0.5, 0, 0 0 0 0 0 0 0 0, 
0 0 0 0 0 0 0 0) (<>, 0, 0, 0.5, 0, 0 0 0 0 0 0 0 0, 0 0 0 0 0 0 0 0) (<>, 0, 
0, 0.5, 0, 0 0 0 0 0 0 0 0, 0 0 0 0 0 0 0 0) (<>, 0, 0, 0.5, 0, 0 0 0 0 0 0 0 
0, 0 0 0 0 0 0 0 0) (<>, 0, 0, 0.5, 0, 0 0 0 0 0 0 0 0, 0 0 0 0 0 0 0 0) (<>, 
0, 0, 0.5, 0, 0 0 0 0 0 0 0 0, 0 0 0 0 0 0 0 0) (<>, 0, 0, 0.5, 0, 0 0 0 0 0 
0 0 0, 0 0 0 0 0 0 0 0) (<>, 0, 0, 0.5, 0, 0 0 0 0 0 0 0 0, 0 0 0 0 0 0 0 0) 
(<>, 0, 0, 0.5, 0, 0 0 0 0 0 0 0 0, 0 0 0 0 0 0 0 0) (<>, 0, 0, 0.5, 0, 0 0 0 
0 0 0 0 0, 0 0 0 0 0 0 0 0) (<>, 0, 0, 0.5, 0, 0 0 0 0 0 0 0 0, 0 0 0 0 0 0 0 
0) (<>, 0, 0, 0.5, 0, 0 0 0 0 0 0 0 0, 0 0 0 0 0 0 0 0) (<>, 0, 0, 0.5, 0, 0 
0 0 0 0 0 0 0, 0 0 0 0 0 0 0 0) (<>, 0, 0, 0.5, 0, 0 0 0 0 0 0 0 0, 0 0 0 0 0 
0 0 0) (<>, 0, 0, 0.5, 0, 0 0 0 0 0 0 0 0, 0 0 0 0 0 0 0 0) (<>, 0, 0, 0.5, 0,
 0 0 0 0 0 0 0 0, 0 0 0 0 0 0 0 0) (<>, 0, 0, 0.5, 0, 0 0 0 0 0 0 0 0, 0 0 0 
0 0 0 0 0) (<>, 0, 0, 0.5, 0, 0 0 0 0 0 0 0 0, 0 0 0 0 0 0 0 0) (<>, 0, 0, 
0.5, 0, 0 0 0 0 0 0 0 0, 0 0 0 0 0 0 0 0)
##$SW_h=50000
$$ @vis= ACQ_phase_factor ACQ_scan_size NI NA NAE NR DS D P PLW ACQ_RfShapes
##$SW=166.480059839335
##$FW=0
##$RG=71.8
##$AQ_mod=qdig
##$DR=21
##$PAPS=QP
##$PH_ref=0
##$BF1=300.336268789509
##$SFO1=300.336268789509
##$O1=0
##$ACQ_O1_list_size=16
##$ACQ_O1_list=( 16 )
-25923.3 -20923.3 -15923.3 -10923.3 -5923.3 -923.3 4076.7 9076.7 -23423.3 
-18423.3 -13423.3 -8423.3 -3423.3 1576.7 6576.7 11576.7
$$ @vis= SW_h SW RG AQ_mod DR PAPS PH_ref BF1 SFO1 O1 ACQ_O1_list_size
##$ACQ_O1B_list_size=16
##$ACQ_O1B_list=( 16 )
-1499.71471671551 -1499.71471671551 -1499.71471671551 -1499.71471671551 
-1499.71471671551 -1499.71471671551 -1499.71471671551 -1499.71471671551 
-1499.71471671551 -1499.71471671551 -1499.71471671551 -1499.71471671551 
-1499.71471671551 -1499.71471671551 -1499.71471671551 -1499.71471671551
##$BF2=300.337
##$SFO2=300.337
##$O2=0
##$ACQ_O2_list_size=1
$$ @vis= ACQ_O1_list ACQ_O1B_list_size ACQ_O1B_list BF2 SFO2 O2
##$ACQ_O2_list=( 1 )
0
##$BF3=300.337
##$SFO3=300.337
##$O3=0
##$ACQ_O3_list_size=1
##$ACQ_O3_list=( 1 )
0
$$ @vis= ACQ_O2_list_size ACQ_O2_list BF3 SFO3 O3 ACQ_O3_list_size
##$BF4=300.337
##$SFO4=300.337
##$O4=0
##$BF5=300.337
##$SFO5=300.337
##$O5=0
##$BF6=300.337
##$SFO6=300.337
##$O6=0
##$BF7=300.337
##$SFO7=300.337
##$O7=0
##$BF8=300.337
##$SFO8=300.337
##$O8=0
$$ @vis= ACQ_O3_list BF4 SFO4 O4 BF5 SFO5 O5 BF6 SFO6 O6 BF7 SFO7 O7 BF8 SFO8
##$NUC1=( 8 )
<1H>
##$NUC2=( 8 )
<off>
##$NUC3=( 8 )
<off>
##$NUC4=( 8 )
<off>
##$NUC5=( 8 )
<off>
##$NUC6=( 8 )
<off>
##$NUC7=( 8 )
<off>
##$NUC8=( 8 )
<off>
##$NUCLEUS=( 8 )
<1H>
##$ACQ_Routing=RouteDefinedByCoil
##$ACQ_Routing_base_ext=( 128 )
<parallel>
##$ACQ_vd_list_size=1
##$ACQ_vd_list=( 1 )
1e-06
$$ @vis= O8 NUC1 NUC2 NUC3 NUC4 NUC5 NUC6 NUC7 NUC8 NUCLEUS ACQ_vd_list_size
##$ACQ_vp_list_size=1
##$ACQ_vp_list=( 1 )
1e-06
##$ACQ_protocol_name=( 64 )
<MSME>
##$ACQ_scan_name=( 64 )
<MSME (E16)>
$$ @vis= ACQ_vd_list ACQ_vp_list_size ACQ_vp_list ACQ_protocol_name
##$ACQ_method=( 40 )
<Bruker:MSME>
##$ACQ_completed=Yes
##$ACQ_pipe_status=Wrapup
##$ACQ_scans_completed=0
$$ @vis= ACQ_scan_name ACQ_method ACQ_completed ACQ_pipe_status
##$ACQ_nr_completed=1
##$ACQ_total_completed=40960
##$ACQ_word_size=_32_BIT
$$ @vis= ACQ_scans_completed ACQ_nr_completed ACQ_total_completed
##$NECHOES=20
##$ACQ_n_echo_images=20
##$ACQ_n_movie_frames=1
##$ACQ_echo_descr=( 1, 20 )
<>
$$ @vis= ACQ_word_size NECHOES ACQ_n_echo_images ACQ_n_movie_frames
##$ACQ_movie_descr=( 1, 20 )
<>
##$ACQ_fov=( 2 )
2 2
##$ACQ_read_ext=1
##$ACQ_slice_angle=( 1 )
0
##$ACQ_slice_orient=Arbitrary_Oblique
$$ @vis= ACQ_echo_descr ACQ_movie_descr ACQ_fov ACQ_read_ext ACQ_slice_angle
##$ACQ_patient_pos=Head_Prone
##$ACQ_read_offset=( 16 )
-0.599885886686204 -0.599885886686204 -0.599885886686204 -0.599885886686204 
-0.599885886686204 -0.599885886686204 -0.599885886686204 -0.599885886686204 
-0.599885886686204 -0.599885886686204 -0.599885886686204 -0.599885886686204 
-0.599885886686204 -0.599885886686204 -0.599885886686204 -0.599885886686204
##$ACQ_phase1_offset=( 16 )
8.26139785144467 8.26139785144467 8.26139785144467 8.26139785144467 
8.26139785144467 8.26139785144467 8.26139785144467 8.26139785144467 
8.26139785144467 8.26139785144467 8.26139785144467 8.26139785144467 
8.26139785144467 8.26139785144467 8.26139785144467 8.26139785144467
##$ACQ_phase2_offset=( 16 )
0 0 0 0 0 0 0 0 0 0 0 0 0 0 0 0
$$ @vis= ACQ_slice_orient ACQ_patient_pos ACQ_read_offset ACQ_phase1_offset
##$ACQ_slice_sepn=( 1 )
1
##$ACQ_slice_sepn_mode=Contiguous
##$ACQ_slice_thick=0.8
##$ACQ_slice_offset=( 16 )
-10.36932 -9.36932 -8.36932 -7.36932 -6.36932 -5.36932 -4.36932 -3.36932 
-2.36932 -1.36932 -0.36932 0.63068 1.63068 2.63068 3.63068 4.63068
$$ @vis= ACQ_phase2_offset ACQ_slice_sepn ACQ_slice_sepn_mode ACQ_slice_thick
##$ACQ_obj_order=( 320 )
0 1 2 3 4 5 6 7 8 9 10 11 12 13 14 15 16 17 18 19 40 41 42 43 44 45 46 47 48 
49 50 51 52 53 54 55 56 57 58 59 80 81 82 83 84 85 86 87 88 89 90 91 92 93 94 
95 96 97 98 99 120 121 122 123 124 125 126 127 128 129 130 131 132 133 134 
135 136 137 138 139 160 161 162 163 164 165 166 167 168 169 170 171 172 173 
174 175 176 177 178 179 200 201 202 203 204 205 206 207 208 209 210 211 212 
213 214 215 216 217 218 219 240 241 242 243 244 245 246 247 248 249 250 251 
252 253 254 255 256 257 258 259 280 281 282 283 284 285 286 287 288 289 290 
291 292 293 294 295 296 297 298 299 20 21 22 23 24 25 26 27 28 29 30 31 32 33 
34 35 36 37 38 39 60 61 62 63 64 65 66 67 68 69 70 71 72 73 74 75 76 77 78 79 
100 101 102 103 104 105 106 107 108 109 110 111 112 113 114 115 116 117 118 
119 140 141 142 143 144 145 146 147 148 149 150 151 152 153 154 155 156 157 
158 159 180 181 182 183 184 185 186 187 188 189 190 191 192 193 194 195 196 
197 198 199 220 221 222 223 224 225 226 227 228 229 230 231 232 233 234 235 
236 237 238 239 260 261 262 263 264 265 266 267 268 269 270 271 272 273 274 
275 276 277 278 279 300 301 302 303 304 305 306 307 308 309 310 311 312 313 
314 315 316 317 318 319
##$ACQ_flip_angle=90
##$ACQ_flipback=No
##$ACQ_echo_time=( 20 )
5.5 11 16.5 22 27.5 33 38.5 44 49.5 55 60.5 66 71.5 77 82.5 88 93.5 99 104.5 
110
$$ @vis= ACQ_slice_offset ACQ_obj_order ACQ_flip_angle ACQ_flipback
##$ACQ_inter_echo_time=( 1 )
5.5
##$ACQ_recov_time=( 1 )
2892.75
##$ACQ_repetition_time=( 1 )
3000
##$ACQ_scan_time=0
$$ @vis= ACQ_echo_time ACQ_inter_echo_time ACQ_recov_time ACQ_repetition_time
##$ACQ_temporal_delay=( 1 )
0
##$ACQ_time=<2018-09-07T10:45:13,415+0200>
##$ACQ_time_points=( 1 )
0
##$ACQ_abs_time=(1536309913, 415, 120)
$$ @vis= ACQ_scan_time ACQ_temporal_delay ACQ_time ACQ_time_points
##$ACQ_operator=( 16 )
<gilnavon>
##$ACQ_RF_power=0
##$ACQ_transmitter_coil=( 16 )
<>
##$ACQ_contrast_agent=( 20 )
<>
$$ @vis= ACQ_abs_time ACQ_operator ACQ_RF_power ACQ_transmitter_coil
##$ACQ_trigger_enable=No
##$ACQ_institution=( 48 )
<Tel Aviv University>
##$ACQ_station=( 64 )
<BioSpec 70/30>
##$ACQ_system_order_number=( 24 )
<10271051>
$$ @vis= ACQ_contrast_agent ACQ_trigger_enable ACQ_institution ACQ_station
##$ACQ_sw_version=( 65 )
<PV 6.0.1>
##$ACQ_grad_str_X=0
##$ACQ_grad_str_Y=0
##$ACQ_grad_str_Z=0
$$ @vis= ACQ_system_order_number ACQ_sw_version ACQ_grad_str_X ACQ_grad_str_Y
##$ACQ_position_X=0
##$ACQ_position_Y=0
##$ACQ_position_Z=0
##$BYTORDA=little
##$INSTRUM=( 64 )
<spect>
$$ @vis= ACQ_grad_str_Z ACQ_position_X ACQ_position_Y ACQ_position_Z BYTORDA
##$ACQ_fit_function_name=( 32 )
<t2vtr>
##$ACQ_adc_overflow=( 4 )
No No No No
##$GRPDLY=35.9937744140625
##$FRQLO3=0
##$ACQ_CalibratedRG=( 4, 1 )
69.3 75.01 71.8 68.84
$$ @vis= INSTRUM ACQ_fit_function_name ACQ_adc_overflow GRPDLY FRQLO3
##$FQ1LIST=( 16 )
<ACQ_O1_list>
##$FQ2LIST=( 16 )
<ACQ_O2_list>
##$FQ3LIST=( 16 )
<ACQ_O3_list>
##$FQ8LIST=( 16 )
<ACQ_O1B_list>
##$SPW=( 64 )
8.05645932457741 96.3919113896575 0 0 0 0 0 0 0 0 0 0 0 0 0 0 0 0 0 0 0 0 0 0 
0 0 0 0 0 0 0 0 0 0 0 0 0 0 0 0 2.22552111178799 10.6645988398596 
94.0064440532157 0 18.1270334802992 0 0 0 0 0 0 0 0 0 0 0 0 0 0 0 0 0 0 0
##$SPOAL=( 64 )
0.5 0 0.5 0.5 0.5 0.5 0.5 0.5 0.5 0.5 0.5 0.5 0.5 0.5 0.5 0.5 0.5 0.5 0.5 0.5 
0.5 0.5 0.5 0.5 0.5 0.5 0.5 0.5 0.5 0.5 0.5 0.5 0.5 0.5 0.5 0.5 0.5 0.5 0.5 
0.5 0.5 0.5 0 0.5 0.5 0.5 0.5 0.5 0.5 0.5 0.5 0.5 0.5 0.5 0.5 0.5 0.5 0.5 0.5 
0.5 0.5 0.5 0.5 0.5
##$SPOFFS=( 64 )
0 0 0 0 0 0 0 0 0 0 0 0 0 0 0 0 0 0 0 0 0 0 0 0 0 0 0 0 0 0 0 0 0 0 0 0 0 0 0 
0 0 0 0 0 0 0 0 0 0 0 0 0 0 0 0 0 0 0 0 0 0 0 0 0
$$ @vis= ACQ_CalibratedRG ACQ_INFO FQ1LIST FQ2LIST FQ3LIST FQ8LIST SPW SPOAL
##$SPNAM0=( 64 )
<$ExcPulse1Shape>
##$SPNAM1=( 64 )
<$RefPulse1Shape>
##$SPNAM2=( 64 )
<>
##$SPNAM3=( 64 )
<>
##$SPNAM4=( 64 )
<>
##$SPNAM5=( 64 )
<>
##$SPNAM6=( 64 )
<>
##$SPNAM7=( 64 )
<>
##$SPNAM8=( 64 )
<>
$$ @vis= SPOFFS SPNAM0 SPNAM1 SPNAM2 SPNAM3 SPNAM4 SPNAM5 SPNAM6 SPNAM7
##$SPNAM9=( 64 )
<>
##$SPNAM10=( 64 )
<>
##$SPNAM11=( 64 )
<>
##$SPNAM12=( 64 )
<>
##$SPNAM13=( 64 )
<>
##$SPNAM14=( 64 )
<>
##$SPNAM15=( 64 )
<>
##$SPNAM16=( 64 )
<>
$$ @vis= SPNAM8 SPNAM9 SPNAM10 SPNAM11 SPNAM12 SPNAM13 SPNAM14 SPNAM15
##$SPNAM17=( 64 )
<>
##$SPNAM18=( 64 )
<>
##$SPNAM19=( 64 )
<>
##$SPNAM20=( 64 )
<>
##$SPNAM21=( 64 )
<>
##$SPNAM22=( 64 )
<>
##$SPNAM23=( 64 )
<>
##$SPNAM24=( 64 )
<>
$$ @vis= SPNAM16 SPNAM17 SPNAM18 SPNAM19 SPNAM20 SPNAM21 SPNAM22 SPNAM23
##$SPNAM25=( 64 )
<>
##$SPNAM26=( 64 )
<>
##$SPNAM27=( 64 )
<>
##$SPNAM28=( 64 )
<>
##$SPNAM29=( 64 )
<>
##$SPNAM30=( 64 )
<>
##$SPNAM31=( 64 )
<>
##$SPNAM32=( 64 )
<>
$$ @vis= SPNAM24 SPNAM25 SPNAM26 SPNAM27 SPNAM28 SPNAM29 SPNAM30 SPNAM31
##$SPNAM33=( 64 )
<>
##$SPNAM34=( 64 )
<>
##$SPNAM35=( 64 )
<>
##$SPNAM36=( 64 )
<>
##$SPNAM37=( 64 )
<>
##$SPNAM38=( 64 )
<>
##$SPNAM39=( 64 )
<>
##$SPNAM40=( 64 )
<$PVM_FatSupPulShape>
$$ @vis= SPNAM32 SPNAM33 SPNAM34 SPNAM35 SPNAM36 SPNAM37 SPNAM38 SPNAM39
##$SPNAM41=( 64 )
<sech.exc>
##$SPNAM42=( 64 )
<$PVM_SelIrPulShape>
##$SPNAM43=( 64 )
<>
##$SPNAM44=( 64 )
<$PVM_FlowSatPulShape>
##$SPNAM45=( 64 )
<>
##$SPNAM46=( 64 )
<>
##$SPNAM47=( 64 )
<>
##$SPNAM48=( 64 )
<>
$$ @vis= SPNAM40 SPNAM41 SPNAM42 SPNAM43 SPNAM44 SPNAM45 SPNAM46 SPNAM47
##$SPNAM49=( 64 )
<>
##$SPNAM50=( 64 )
<>
##$SPNAM51=( 64 )
<>
##$SPNAM52=( 64 )
<>
##$SPNAM53=( 64 )
<>
##$SPNAM54=( 64 )
<>
##$SPNAM55=( 64 )
<>
##$SPNAM56=( 64 )
<>
$$ @vis= SPNAM48 SPNAM49 SPNAM50 SPNAM51 SPNAM52 SPNAM53 SPNAM54 SPNAM55
##$SPNAM57=( 64 )
<>
##$SPNAM58=( 64 )
<>
##$SPNAM59=( 64 )
<>
##$SPNAM60=( 64 )
<>
##$SPNAM61=( 64 )
<>
##$SPNAM62=( 64 )
<>
##$SPNAM63=( 64 )
<>
$$ @vis= SPNAM56 SPNAM57 SPNAM58 SPNAM59 SPNAM60 SPNAM61 SPNAM62 SPNAM63
##$HPPRGN=normal
##$LOCNUC=( 8 )
<off>
##$QNP=1
##$SOLVENT=( 16 )
<>
##$DIGMOD=digital_mode
##$DIGTYP=DRU
##$DQDMODE=DQDMODE_add
##$DSPFIRM=DSP_medium
$$ @vis= SPNAMES HPPRGN LOCNUC QNP SOLVENT HIRES DIGMOD DIGTYP DQDMODE
##$DECIM=400
##$DSPFVS=23
##$ACQ_scan_shift=-72
##$DEOSC=2999
##$DE=6
##$HDDUTY=20
##$HDRATE=1
$$ @vis= DSPFIRM DECIM DSPFVS ACQ_scan_shift DEOSC DE HDDUTY HDRATE
##$ACQ_n_trim=1
##$ACQ_scaling_read=1
##$ACQ_scaling_phase=1
$$ @vis= AVANCE_PARS ACQ_n_trim ACQ_trim_values ACQ_scaling_read
##$ACQ_scaling_slice=1
##$ACQ_grad_matrix_size=16
##$ACQ_grad_matrix=( 16, 3, 3 )
-0.999126426370027 -0.0417897610552952 1.22464679914735e-16 
-0.0417897610552952 0.999126426370027 7.49879891330929e-33 
1.22357697999758e-16 5.11776971134998e-18 1 -0.999126426370027 
-0.0417897610552952 1.22464679914735e-16 -0.0417897610552952 
0.999126426370027 7.49879891330929e-33 1.22357697999758e-16 
5.11776971134998e-18 1 -0.999126426370027 -0.0417897610552952 
1.22464679914735e-16 -0.0417897610552952 0.999126426370027 
7.49879891330929e-33 1.22357697999758e-16 5.11776971134998e-18 1 
-0.999126426370027 -0.0417897610552952 1.22464679914735e-16 
-0.0417897610552952 0.999126426370027 7.49879891330929e-33 
1.22357697999758e-16 5.11776971134998e-18 1 -0.999126426370027 
-0.0417897610552952 1.22464679914735e-16 -0.0417897610552952 
0.999126426370027 7.49879891330929e-33 1.22357697999758e-16 
5.11776971134998e-18 1 -0.999126426370027 -0.0417897610552952 
1.22464679914735e-16 -0.0417897610552952 0.999126426370027 
7.49879891330929e-33 1.22357697999758e-16 5.11776971134998e-18 1 
-0.999126426370027 -0.0417897610552952 1.22464679914735e-16 
-0.0417897610552952 0.999126426370027 7.49879891330929e-33 
1.22357697999758e-16 5.11776971134998e-18 1 -0.999126426370027 
-0.0417897610552952 1.22464679914735e-16 -0.0417897610552952 
0.999126426370027 7.49879891330929e-33 1.22357697999758e-16 
5.11776971134998e-18 1 -0.999126426370027 -0.0417897610552952 
1.22464679914735e-16 -0.0417897610552952 0.999126426370027 
7.49879891330929e-33 1.22357697999758e-16 5.11776971134998e-18 1 
-0.999126426370027 -0.0417897610552952 1.22464679914735e-16 
-0.0417897610552952 0.999126426370027 7.49879891330929e-33 
1.22357697999758e-16 5.11776971134998e-18 1 -0.999126426370027 
-0.0417897610552952 1.22464679914735e-16 -0.0417897610552952 
0.999126426370027 7.49879891330929e-33 1.22357697999758e-16 
5.11776971134998e-18 1 -0.999126426370027 -0.0417897610552952 
1.22464679914735e-16 -0.0417897610552952 0.999126426370027 
7.49879891330929e-33 1.22357697999758e-16 5.11776971134998e-18 1 
-0.999126426370027 -0.0417897610552952 1.22464679914735e-16 
-0.0417897610552952 0.999126426370027 7.49879891330929e-33 
1.22357697999758e-16 5.11776971134998e-18 1 -0.999126426370027 
-0.0417897610552952 1.22464679914735e-16 -0.0417897610552952 
0.999126426370027 7.49879891330929e-33 1.22357697999758e-16 
5.11776971134998e-18 1 -0.999126426370027 -0.0417897610552952 
1.22464679914735e-16 -0.0417897610552952 0.999126426370027 
7.49879891330929e-33 1.22357697999758e-16 5.11776971134998e-18 1 
-0.999126426370027 -0.0417897610552952 1.22464679914735e-16 
-0.0417897610552952 0.999126426370027 7.49879891330929e-33 
1.22357697999758e-16 5.11776971134998e-18 1
$$ @vis= ACQ_scaling_phase ACQ_scaling_slice ACQ_grad_matrix_size
##$NSLICES=16
##$ACQ_rare_factor=1
##$ACQ_phase_encoding_mode=( 2 )
Read User_Defined_Encoding
##$ACQ_phase_enc_start=( 2 )
-1 -1
$$ @vis= ACQ_grad_matrix NSLICES ACQ_rare_factor ACQ_phase_encoding_mode
##$ACQ_spatial_size_1=128
##$ACQ_spatial_phase_1=( 128 )
-1 -0.984375 -0.96875 -0.953125 -0.9375 -0.921875 -0.90625 -0.890625 -0.875 
-0.859375 -0.84375 -0.828125 -0.8125 -0.796875 -0.78125 -0.765625 -0.75 
-0.734375 -0.71875 -0.703125 -0.6875 -0.671875 -0.65625 -0.640625 -0.625 
-0.609375 -0.59375 -0.578125 -0.5625 -0.546875 -0.53125 -0.515625 -0.5 
-0.484375 -0.46875 -0.453125 -0.4375 -0.421875 -0.40625 -0.390625 -0.375 
-0.359375 -0.34375 -0.328125 -0.3125 -0.296875 -0.28125 -0.265625 -0.25 
-0.234375 -0.21875 -0.203125 -0.1875 -0.171875 -0.15625 -0.140625 -0.125 
-0.109375 -0.09375 -0.078125 -0.0625 -0.046875 -0.03125 -0.015625 0 0.015625 
0.03125 0.046875 0.0625 0.078125 0.09375 0.109375 0.125 0.140625 0.15625 
0.171875 0.1875 0.203125 0.21875 0.234375 0.25 0.265625 0.28125 0.296875 
0.3125 0.328125 0.34375 0.359375 0.375 0.390625 0.40625 0.421875 0.4375 
0.453125 0.46875 0.484375 0.5 0.515625 0.53125 0.546875 0.5625 0.578125 
0.59375 0.609375 0.625 0.640625 0.65625 0.671875 0.6875 0.703125 0.71875 
0.734375 0.75 0.765625 0.78125 0.796875 0.8125 0.828125 0.84375 0.859375 
0.875 0.890625 0.90625 0.921875 0.9375 0.953125 0.96875 0.984375
##$ACQ_gradient_amplitude=( 100 )
9.02791068868514 25.6110941522983 30.5094333205904 40.7513350167528 
32.1886509234456 9.02791068868514 0 7.66376119582779 16.0943254617228 0 0 0 0 
0 0 0 0 0 0 0 0 0 0 0 0 0 0 0 0 0 0 0 0 0 0 0 0 0 0 0 0 0 0 0 0 0 0 0 0 0 0 0 
0 0 0 0 0 0 0 0 0 0 0 0 0 0 0 0 0 0 0 0 0 0 0 0 0 0 0 0 0 0 0 0 0 0 0 0 0 0 0 
0 0 0 0 0 0 0 0 0
$$ @vis= ACQ_phase_enc_start ACQ_spatial_size_1 ACQ_spatial_phase_1
##$GS_dim=1
##$GS_disp_update=Each_Accum
##$GS_online_reco=Yes
$$ @vis= ACQ_gradient_amplitude GRAD_PARS GS_dim GS_disp_update
##$GS_reco_display=Yes
##$GS_shuffle_profiles=Yes
##$GS_typ=Spectrometer_Parameters
##$GS_info_dig_filling=Yes
$$ @vis= GS_online_reco GS_reco_display GS_shuffle_profiles GS_typ
##$GS_info_normalized_area=No_info
##$GS_info_max_point=No_info
##$GS_get_info_points=No_info
$$ @vis= GS_info_dig_filling GS_info_normalized_area GS_info_max_point
##$GS_continue=Exit_gsauto
##$GO_init_files=No
##$GO_data_save=Yes
##$GO_block_size=Standard_KBlock_Format
$$ @vis= GS_get_info_points GS_continue GS GO_init_files GO_data_save
##$GO_raw_data_format=GO_32BIT_SGN_INT
##$GO_disp_update=Each_Accum
##$GO_online_reco=Yes
##$GO_reco_display=Yes
$$ @vis= GO_block_size GO_raw_data_format GO_disp_update GO_online_reco
##$GO_reco_each_nr=No
##$GO_max_reco_mem=0
##$GO_time_est=Yes
##$GO_use_macro=No
$$ @vis= GO_reco_display GO_reco_each_nr GO_max_reco_mem GO_time_est
##$GO_macro=( 4096 )
<>
##$GO_LogTimestamp=No
##$ACQ_DriftCompActive=No
##$ACQ_DriftCompJob=1
##$ACQ_DriftCompFilterWidth=1
$$ @vis= GO_use_macro GO_LogTimestamp GO ACQ_DriftCompActive ACQ_DriftCompJob
##$ACQ_DriftCompStep=1
##$ACQ_DriftCompOffset=0
##$ACQ_DriftCompDebug=No
$$ @vis= ACQ_DriftCompFilterWidth ACQ_DriftCompStep ACQ_DriftCompOffset
##$ACQ_MPI_field_steps=1
##$ACQ_MPI_drive_field_cycle=0
$$ @vis= ACQ_DriftCompDebug Drift ACQ_MPI_field_steps
##$ACQ_MPI_selection_field_gradient=0
##$ACQ_MPI_base_frequency=0
$$ @vis= ACQ_MPI_drive_field_cycle ACQ_MPI_selection_field_gradient
##$ACQ_MPI_drive_field_strength=( 3 )
0 0 0
##$ACQ_MPI_div=( 3 )
0 0 0
##$ACQ_MPI_frequency_select=( 3 )
Yes Yes Yes
$$ @vis= ACQ_MPI_base_frequency ACQ_MPI_drive_field_strength ACQ_MPI_div
$$ @vis= ACQ_MPI_frequency_select MPI ACQP
##END=
$$ File finished by PARX at 2018-09-07 10:58:13.553 +0200
