##TITLE=Parameter List, ParaVision 6.0.1
##JCAMPDX=4.24
##DATATYPE=Parameter Values
##ORIGIN=Bruker BioSpin MRI GmbH
##OWNER=gilnavon
$$ 2018-09-07 10:58:13.554 +0200  gilnavon@CZC7238NT5
$$ /opt/PV6.0.1/data/gilnavon/20180907_072943_EW_Cup_control_03_TT_EW_Cup_control_03_TT_1_1/16/visu_pars
$$ process /opt/PV6.0.1/prog/mod/acq_out
##$VisuVersion=3
##$VisuUid=( 65 )
<2.16.756.5.5.100.8323328.172509.1536310693.1>
##$VisuCreator=( 65 )
<ParaVision>
##$VisuCreatorVersion=( 65 )
<6.0.1>
##$VisuCreationDate=<2018-09-07T10:58:13,514+0200>
##$VisuInstanceModality=( 65 )
<MR>
##$VisuCoreFrameCount=320
##$VisuCoreDim=2
##$VisuCoreSize=( 2 )
128 128
##$VisuCoreDimDesc=( 2 )
spatial spatial
##$VisuCoreExtent=( 2 )
20 20
##$VisuCoreFrameThickness=( 1 )
0.8
##$VisuCoreUnits=( 2, 65 )
<mm> <mm>
##$VisuCoreOrientation=( 16, 9 )
-0.999126426370027 -0.0417897610552952 -1.22464679914735e-16 
-0.0417897610552952 0.999126426370027 -7.49879891330929e-33 
1.22357697999758e-16 5.11776971134998e-18 -1 -0.999126426370027 
-0.0417897610552952 -1.22464679914735e-16 -0.0417897610552952 
0.999126426370027 -7.49879891330929e-33 1.22357697999758e-16 
5.11776971134998e-18 -1 -0.999126426370027 -0.0417897610552952 
-1.22464679914735e-16 -0.0417897610552952 0.999126426370027 
-7.49879891330929e-33 1.22357697999758e-16 5.11776971134998e-18 -1 
-0.999126426370027 -0.0417897610552952 -1.22464679914735e-16 
-0.0417897610552952 0.999126426370027 -7.49879891330929e-33 
1.22357697999758e-16 5.11776971134998e-18 -1 -0.999126426370027 
-0.0417897610552952 -1.22464679914735e-16 -0.0417897610552952 
0.999126426370027 -7.49879891330929e-33 1.22357697999758e-16 
5.11776971134998e-18 -1 -0.999126426370027 -0.0417897610552952 
-1.22464679914735e-16 -0.0417897610552952 0.999126426370027 
-7.49879891330929e-33 1.22357697999758e-16 5.11776971134998e-18 -1 
-0.999126426370027 -0.0417897610552952 -1.22464679914735e-16 
-0.0417897610552952 0.999126426370027 -7.49879891330929e-33 
1.22357697999758e-16 5.11776971134998e-18 -1 -0.999126426370027 
-0.0417897610552952 -1.22464679914735e-16 -0.0417897610552952 
0.999126426370027 -7.49879891330929e-33 1.22357697999758e-16 
5.11776971134998e-18 -1 -0.999126426370027 -0.0417897610552952 
-1.22464679914735e-16 -0.0417897610552952 0.999126426370027 
-7.49879891330929e-33 1.22357697999758e-16 5.11776971134998e-18 -1 
-0.999126426370027 -0.0417897610552952 -1.22464679914735e-16 
-0.0417897610552952 0.999126426370027 -7.49879891330929e-33 
1.22357697999758e-16 5.11776971134998e-18 -1 -0.999126426370027 
-0.0417897610552952 -1.22464679914735e-16 -0.0417897610552952 
0.999126426370027 -7.49879891330929e-33 1.22357697999758e-16 
5.11776971134998e-18 -1 -0.999126426370027 -0.0417897610552952 
-1.22464679914735e-16 -0.0417897610552952 0.999126426370027 
-7.49879891330929e-33 1.22357697999758e-16 5.11776971134998e-18 -1 
-0.999126426370027 -0.0417897610552952 -1.22464679914735e-16 
-0.0417897610552952 0.999126426370027 -7.49879891330929e-33 
1.22357697999758e-16 5.11776971134998e-18 -1 -0.999126426370027 
-0.0417897610552952 -1.22464679914735e-16 -0.0417897610552952 
0.999126426370027 -7.49879891330929e-33 1.22357697999758e-16 
5.11776971134998e-18 -1 -0.999126426370027 -0.0417897610552952 
-1.22464679914735e-16 -0.0417897610552952 0.999126426370027 
-7.49879891330929e-33 1.22357697999758e-16 5.11776971134998e-18 -1 
-0.999126426370027 -0.0417897610552952 -1.22464679914735e-16 
-0.0417897610552952 0.999126426370027 -7.49879891330929e-33 
1.22357697999758e-16 5.11776971134998e-18 -1
##$VisuCorePosition=( 16, 3 )
10.1550418742532 -17.8526166531473 -10.36932 10.1550418742532 
-17.8526166531473 -9.36932 10.1550418742532 -17.8526166531473 -8.36932 
10.1550418742532 -17.8526166531473 -7.36932 10.1550418742532 
-17.8526166531473 -6.36932 10.1550418742532 -17.8526166531473 -5.36932 
10.1550418742532 -17.8526166531473 -4.36932 10.1550418742532 
-17.8526166531473 -3.36932 10.1550418742532 -17.8526166531473 -2.36932 
10.1550418742532 -17.8526166531473 -1.36932 10.1550418742532 
-17.8526166531473 -0.369319999999999 10.1550418742532 -17.8526166531473 
0.630680000000001 10.1550418742532 -17.8526166531473 1.63068 10.1550418742532 
-17.8526166531473 2.63068 10.1550418742532 -17.8526166531473 3.63068 
10.1550418742532 -17.8526166531473 4.63068
##$VisuCoreDataMin=( 320 )
58.9413980424098 60.5790181423399 67.4471596874318 51.96678836759 
49.2806090757313 39.2434160191754 47.3559012208702 50.6659238926894 
58.4436176386308 60.4807835176587 55.2139217336339 56.9028950181647 
50.1155366487 52.3804328342563 50.777503633483 42.8143182522144 
38.3071544775368 48.9509184948069 41.9636466127587 54.8216642723106 
38.8410831158002 44.5711806658142 48.7431216319428 51.6591074785912 
40.6424599100437 53.189395206005 44.2354093430136 45.9628425089091 
51.5983875504138 50.5223023247283 49.6227863023658 47.7498393034599 
41.9957820032821 33.4310262293894 41.4344711726028 48.0509641103187 
52.437191235545 48.366114850936 44.2069230268246 40.5671797366855 
39.0992782152759 32.7017647430038 28.8328491273077 54.3238612960102 
55.7628703175359 38.7850773325064 59.4380129417134 45.3865635586789 
45.8871190758979 44.35343713542 34.5104221608132 46.5739904788967 
47.222529414078 46.225380218448 34.4527352709727 40.0960735930705 
56.4556772779978 43.0135259550557 33.797381583893 42.7249291894935 
35.0938061174478 44.0318329764424 44.7281021527959 52.3761343751121 
25.4545930932758 46.0803506612745 51.8092403419629 54.0432444764834 
47.0611481867612 50.0996437971924 35.2041188194657 46.2288032733228 
47.49149229485 49.8330145151493 52.4756696674269 48.951823715397 
48.7439438105634 53.8187745004818 46.245569152014 57.781964567011 
49.4060406647298 47.9541315809606 53.7778604310204 38.8761494427384 
46.7217033064724 22.534921348117 42.0557306329356 53.7424868780104 
54.0452046346714 43.2879615245783 49.9096138860181 45.6703239550312 
51.6817306678469 48.0278969082271 36.1550394254309 26.5367115009494 
43.5399259765916 43.5998436123108 31.9284845074475 33.8843912595764 
54.3582515586703 38.3292783304472 41.7321782832395 27.3434354305109 
44.4410621510856 55.6770566778581 47.6150523521681 36.2808064331618 
42.7093926943293 53.3147609709258 47.1835727236537 39.4761656948486 
39.3448210047838 43.8336821887073 42.8407722920986 48.8174786957489 
51.3177460782873 49.1178360209158 45.2355254838292 52.5005105522368 
48.971677211496 45.7103400508747 42.6633647358702 35.8022400719454 
41.7244008145663 40.7011547682587 44.7829508104987 50.8762737268963 
34.2234917578404 37.3831771919407 46.3609394133001 49.5842462258587 
52.0307238364933 40.8803367011112 45.7020857526414 37.2641696252087 
48.7647127970957 44.3394509296066 46.0529272307479 53.2141602780102 
39.032952075682 51.6550136621871 39.4138808216498 32.5613874502515 
47.1428832727003 47.7394267611677 37.318483327233 41.9610155692818 
52.4590562166063 43.919596055418 43.9491591012037 34.4062906995261 
42.1713410270004 49.8234614856885 45.3177048294802 45.1748717674552 
51.4547356719818 50.2175613131547 53.4735004088066 53.4871229668301 
64.276968164294 53.601072673357 45.449111604651 46.0892681989134 
33.3770886042154 45.5745950022751 49.4292996879877 46.8418542830555 
40.2259335915179 47.3649527310059 44.5302672667667 40.0032875356977 
40.5682096575027 40.4678954715374 45.619892590945 55.8949312787586 
33.9541042015908 48.7821616551706 47.4654771091376 47.3050428662806 
54.1486608331145 37.2199995236338 56.011976591713 33.9044511053902 
50.0186262605813 43.429231135656 45.4885077139879 52.6623208545256 
44.0380377880951 45.9466465210144 45.1253693638333 39.5773560388563 
36.5554572238286 39.8394436620592 34.7356328926178 46.3471591201396 
34.6755802929983 30.801770354701 46.2062349918176 38.9148949387904 
48.2908309682564 40.0126514141365 43.1855851992897 37.4856355651691 
51.7861250333388 35.7984972009373 50.5924253389388 43.0702916153682 
52.4919588434694 40.303373766371 53.1175648658659 41.6253944063297 
53.0230587712972 29.0549781011193 40.0019783289404 40.6851363579548 
47.3720650292726 44.8716369926078 40.836227774729 32.1927495146483 
39.4461781000564 38.7217143019155 40.5131513323572 45.3646176971673 
37.9451244194042 51.8835691067653 47.3754312685092 41.7383827699092 
40.2243927406571 40.6195492245113 37.4522295542513 34.8249857150809 
31.934998550565 43.2179898992271 48.5829943721733 38.1499266184636 
31.8693565222569 43.8289036983609 51.3013622731834 44.7884637889049 
53.2834871432462 54.5832591957785 34.0745552130968 45.8174225942684 
29.5773241028196 45.7702784139711 52.4757228465396 36.8194020796245 
40.4724311805152 51.56078287647 46.288917594656 39.960277340298 
44.3508754989043 48.3975542087868 36.3310807391505 39.2825840973056 
33.3555918466205 41.2155389235555 43.1271023205472 34.4368674646624 
48.1423439934685 42.0341050119822 43.7766773535079 47.5285293327376 
50.5475263288543 49.5940872351267 45.4359479272778 35.5012520446709 
46.8526618989313 24.7329279322452 49.4787876263679 48.5465639029042 
39.0372618592521 46.4054497819381 49.5946651904295 43.6653082217399 
49.5493269239542 49.1086986781391 50.2697755562028 31.613681434304 
41.7704716794074 39.878347027975 38.2483776725898 55.915720320674 
44.6790033147223 42.7589108298293 42.2647079487177 48.5917644816622 
38.7162143408688 39.2671197209676 46.9085111241056 47.8658001705574 
41.1747361429157 46.8028824808138 38.3470976731243 40.15510970822 
34.8094050913128 50.7818859317884 53.5716236237209 35.9119504914538 
38.5361766243616 39.0089848137288 47.6672968860821 29.5979714298789 
47.150833597945 47.7456870947981 46.885127120551 43.153648603797 
44.0704810581734 42.2301495077985 44.6206945199468 36.1497072514408 
41.4886807015869 34.2574138550314 43.5610841891018 33.3629737556304 
42.8849935629886 43.2533795425402 38.0313101245305 25.0788099330595
##$VisuCoreDataMax=( 320 )
31707.2819934007 31427.4826739342 26525.1086247241 24773.8174791119 
21740.1660660963 20435.0248926554 18638.2504591097 17780.465742864 
16680.0402698399 16073.2893782398 15051.0901741844 14571.4922731931 
13826.4179258197 13410.3595463651 12835.4250273401 12423.906274904 
11961.3053329118 11564.1385897157 11302.2649408142 10959.2398386432 
27924.1011675052 26825.5365955212 23697.762655554 22084.0173692563 
20205.8562021534 19428.0381021942 17856.048325978 17209.9239789816 
16044.7482339894 15599.488290184 14707.898110238 14145.862454504 
13497.3143959213 13098.3251022932 12559.2336275644 12181.3575592839 
11813.2842951757 11542.8009933694 11130.4594066207 10780.6528984961 
26841.445012926 27865.552334332 24650.2148949832 23813.0993632994 
21841.1259963337 20952.5125844213 19673.6857925601 19022.6584121827 
17873.9093935794 17158.2532261412 16415.9756050219 15866.5402670065 
15151.189051503 14828.5390360098 14249.2504831939 13885.5557821861 
13392.4220087559 13068.7975817881 12645.5541925483 12336.9670208062 
31666.286035406 32766.5 29504.9524791591 28154.7201745731 25903.9633974802 
24327.9532457668 22685.3174819256 21420.851051574 20041.0355375554 
19055.1604279355 18144.7826156253 17462.1850685079 16556.7894301949 
16082.7091565582 15649.6723858436 15131.489294066 14552.747078504 
14159.5652230413 13627.192167469 13340.4161565281 28203.5656645927 
27512.3446309168 24545.92502952 23149.6470993859 21153.5738253835 
19900.7364573023 18107.3129326786 17211.3945237675 15924.3913397732 
15238.4901231433 14254.187408704 13859.5963792177 13025.4514969379 
12817.7971308966 12282.5092897414 12074.4163999646 11613.772517184 
11333.6571201998 11087.3535447584 10684.4034294217 16757.9398175209 
16878.4354627481 14701.3138508066 14363.7716871457 12905.9350726207 
12689.8976772417 11612.3580505147 11123.3535513495 10538.1102912971 
10170.8497121157 9559.86216911464 9387.66790488543 8936.61350026682 
8714.39952101217 8261.40981704109 8154.10860182487 7811.90347510877 
7772.89956709169 7470.94687444824 7363.89942270517 19166.2068803987 
19416.56438223 17750.4321575951 16626.7277524151 15287.1212019479 
14564.6480552808 13546.2956605799 12866.9538334634 12441.4035856435 
11983.8126222475 11379.7532984716 11001.0117551408 10443.0367880256 
10141.2931374705 9762.34500534186 9495.85872424181 9101.98070655358 
8861.68526038597 8391.30261214935 8200.51975053296 26762.793740513 
27676.2512806383 25158.8689259015 23879.2787360322 22246.2974598585 
20758.0098622503 19490.4154589466 18391.9766334092 17336.9792333481 
16552.0487010193 15653.2368594353 15137.5926569766 14539.050845446 
14120.2202908629 13437.3362547559 13239.9019974174 12603.9114385681 
12370.4312402824 11840.2327115089 11589.4205240826 19852.3963842036 
20046.3076279373 17114.6599246406 16098.126328828 14703.4980723053 
14031.9530988239 12983.8815068781 12443.5245735185 11610.1285216675 
11146.300095157 10613.4657103639 10181.1593774043 9705.13562243049 
9420.30582187616 9018.38258527201 8851.05972059284 8480.50721196713 
8337.32000821418 7970.74430023114 7809.04061122786 14173.9424222701 
14403.6029294346 12571.0874737497 11773.7387717694 10722.3524994765 
10111.5687450053 9144.8158190605 8899.10353172089 8223.71596450815 
7730.7306968185 7376.55921362858 7130.21145070731 6822.08177861662 
6506.86261365182 6340.03085542876 5948.39628768512 5819.08302486934 
5580.04440000388 5473.95062542421 5195.89524516676 13779.3047820377 
14153.6576735945 12582.0163147783 11862.6151599322 10792.0516642504 
10432.7274509842 9495.69938726073 8993.30247016678 8401.97285571518 
8031.87877565384 7475.77127476445 7272.2568593639 6964.0517169707 
6892.28453134344 6464.94125157189 6292.59304390454 5854.27530093079 
5824.42322251791 5499.7886133585 5361.55138404512 15435.483458082 
15865.3552332898 14208.3314813822 13566.9545681966 12350.1196789352 
11690.5340377764 10860.9140875704 10407.5276665829 9525.05464006455 
9194.92486743023 8568.7430602163 8216.3878339779 7717.15077094581 
7418.45049665905 6997.41957840522 6886.6461650267 6505.10699079222 
6305.68474216365 5974.30163239247 5786.30967204112 11858.7740635719 
12109.6830928506 10574.0111233667 10123.8137769012 9041.33339527284 
8585.56338769807 7836.31960688522 7458.53313006186 6759.20586242993 
6542.65638026621 6208.38903352639 5792.31637073291 5526.84082394431 
5246.47050791657 4989.98790872586 4756.11453316816 4659.72559663409 
4377.41479619114 4266.89969996279 4096.14915819402 12979.4984504225 
12629.2759042312 11309.2447540579 10422.5072753979 9574.73263357048 
8812.24466419149 8167.65523801469 7487.18335397594 6744.55882517113 
6412.8522946403 6141.08336822413 5882.73326178706 5439.00948765312 
5393.37754717665 5043.76832497583 4865.6165200834 4574.43572167759 
4365.04743756521 4195.3554372283 4175.92704201241 10635.7714996858 
10933.1194197455 9797.36752956963 9411.91244241099 9014.51581823163 
8579.85057121986 8237.4488559843 7974.91547199332 7686.2187744043 
7480.86398215157 7093.26874039339 7025.54596883255 6802.90352295696 
6685.01307682162 6488.86333160577 6298.0680111972 6126.03040393368 
5970.15044473748 5665.47816767151 5587.92933486028 9986.36944779446 
10817.3441239115 10056.4961957858 10077.5723394528 9721.69790889649 
9574.45117218954 9364.09584196157 9154.09841135692 9046.13930362814 
8847.5977376514 8451.42646739152 8318.13302362572 8157.49580336722 
8068.23706425 7743.79067729868 7578.99073850526 7371.76102069457 
7143.00949502988 6866.1217691074 6765.82356482989
##$VisuCoreDataOffs=( 320 )
0 0 0 0 0 0 0 0 0 0 0 0 0 0 0 0 0 0 0 0 0 0 0 0 0 0 0 0 0 0 0 0 0 0 0 0 0 0 0 
0 0 0 0 0 0 0 0 0 0 0 0 0 0 0 0 0 0 0 0 0 0 0 0 0 0 0 0 0 0 0 0 0 0 0 0 0 0 0 
0 0 0 0 0 0 0 0 0 0 0 0 0 0 0 0 0 0 0 0 0 0 0 0 0 0 0 0 0 0 0 0 0 0 0 0 0 0 0 
0 0 0 0 0 0 0 0 0 0 0 0 0 0 0 0 0 0 0 0 0 0 0 0 0 0 0 0 0 0 0 0 0 0 0 0 0 0 0 
0 0 0 0 0 0 0 0 0 0 0 0 0 0 0 0 0 0 0 0 0 0 0 0 0 0 0 0 0 0 0 0 0 0 0 0 0 0 0 
0 0 0 0 0 0 0 0 0 0 0 0 0 0 0 0 0 0 0 0 0 0 0 0 0 0 0 0 0 0 0 0 0 0 0 0 0 0 0 
0 0 0 0 0 0 0 0 0 0 0 0 0 0 0 0 0 0 0 0 0 0 0 0 0 0 0 0 0 0 0 0 0 0 0 0 0 0 0 
0 0 0 0 0 0 0 0 0 0 0 0 0 0 0 0 0 0 0 0 0 0 0 0 0 0 0 0 0 0 0 0 0 0 0 0 0 0 0 
0 0 0 0 0 0 0 0
##$VisuCoreDataSlope=( 320 )
0.0175694807667055 0.0175694807667055 0.0175694807667055 0.0175694807667055 
0.0175694807667055 0.0175694807667055 0.0175694807667055 0.0175694807667055 
0.0175694807667055 0.0175694807667055 0.0175694807667055 0.0175694807667055 
0.0175694807667055 0.0175694807667055 0.0175694807667055 0.0175694807667055 
0.0175694807667055 0.0175694807667055 0.0175694807667055 0.0175694807667055 
0.0175694807667055 0.0175694807667055 0.0175694807667055 0.0175694807667055 
0.0175694807667055 0.0175694807667055 0.0175694807667055 0.0175694807667055 
0.0175694807667055 0.0175694807667055 0.0175694807667055 0.0175694807667055 
0.0175694807667055 0.0175694807667055 0.0175694807667055 0.0175694807667055 
0.0175694807667055 0.0175694807667055 0.0175694807667055 0.0175694807667055 
0.0175694807667055 0.0175694807667055 0.0175694807667055 0.0175694807667055 
0.0175694807667055 0.0175694807667055 0.0175694807667055 0.0175694807667055 
0.0175694807667055 0.0175694807667055 0.0175694807667055 0.0175694807667055 
0.0175694807667055 0.0175694807667055 0.0175694807667055 0.0175694807667055 
0.0175694807667055 0.0175694807667055 0.0175694807667055 0.0175694807667055 
0.0175694807667055 0.0175694807667055 0.0175694807667055 0.0175694807667055 
0.0175694807667055 0.0175694807667055 0.0175694807667055 0.0175694807667055 
0.0175694807667055 0.0175694807667055 0.0175694807667055 0.0175694807667055 
0.0175694807667055 0.0175694807667055 0.0175694807667055 0.0175694807667055 
0.0175694807667055 0.0175694807667055 0.0175694807667055 0.0175694807667055 
0.0175694807667055 0.0175694807667055 0.0175694807667055 0.0175694807667055 
0.0175694807667055 0.0175694807667055 0.0175694807667055 0.0175694807667055 
0.0175694807667055 0.0175694807667055 0.0175694807667055 0.0175694807667055 
0.0175694807667055 0.0175694807667055 0.0175694807667055 0.0175694807667055 
0.0175694807667055 0.0175694807667055 0.0175694807667055 0.0175694807667055 
0.0175694807667055 0.0175694807667055 0.0175694807667055 0.0175694807667055 
0.0175694807667055 0.0175694807667055 0.0175694807667055 0.0175694807667055 
0.0175694807667055 0.0175694807667055 0.0175694807667055 0.0175694807667055 
0.0175694807667055 0.0175694807667055 0.0175694807667055 0.0175694807667055 
0.0175694807667055 0.0175694807667055 0.0175694807667055 0.0175694807667055 
0.0175694807667055 0.0175694807667055 0.0175694807667055 0.0175694807667055 
0.0175694807667055 0.0175694807667055 0.0175694807667055 0.0175694807667055 
0.0175694807667055 0.0175694807667055 0.0175694807667055 0.0175694807667055 
0.0175694807667055 0.0175694807667055 0.0175694807667055 0.0175694807667055 
0.0175694807667055 0.0175694807667055 0.0175694807667055 0.0175694807667055 
0.0175694807667055 0.0175694807667055 0.0175694807667055 0.0175694807667055 
0.0175694807667055 0.0175694807667055 0.0175694807667055 0.0175694807667055 
0.0175694807667055 0.0175694807667055 0.0175694807667055 0.0175694807667055 
0.0175694807667055 0.0175694807667055 0.0175694807667055 0.0175694807667055 
0.0175694807667055 0.0175694807667055 0.0175694807667055 0.0175694807667055 
0.0175694807667055 0.0175694807667055 0.0175694807667055 0.0175694807667055 
0.0175694807667055 0.0175694807667055 0.0175694807667055 0.0175694807667055 
0.0175694807667055 0.0175694807667055 0.0175694807667055 0.0175694807667055 
0.0175694807667055 0.0175694807667055 0.0175694807667055 0.0175694807667055 
0.0175694807667055 0.0175694807667055 0.0175694807667055 0.0175694807667055 
0.0175694807667055 0.0175694807667055 0.0175694807667055 0.0175694807667055 
0.0175694807667055 0.0175694807667055 0.0175694807667055 0.0175694807667055 
0.0175694807667055 0.0175694807667055 0.0175694807667055 0.0175694807667055 
0.0175694807667055 0.0175694807667055 0.0175694807667055 0.0175694807667055 
0.0175694807667055 0.0175694807667055 0.0175694807667055 0.0175694807667055 
0.0175694807667055 0.0175694807667055 0.0175694807667055 0.0175694807667055 
0.0175694807667055 0.0175694807667055 0.0175694807667055 0.0175694807667055 
0.0175694807667055 0.0175694807667055 0.0175694807667055 0.0175694807667055 
0.0175694807667055 0.0175694807667055 0.0175694807667055 0.0175694807667055 
0.0175694807667055 0.0175694807667055 0.0175694807667055 0.0175694807667055 
0.0175694807667055 0.0175694807667055 0.0175694807667055 0.0175694807667055 
0.0175694807667055 0.0175694807667055 0.0175694807667055 0.0175694807667055 
0.0175694807667055 0.0175694807667055 0.0175694807667055 0.0175694807667055 
0.0175694807667055 0.0175694807667055 0.0175694807667055 0.0175694807667055 
0.0175694807667055 0.0175694807667055 0.0175694807667055 0.0175694807667055 
0.0175694807667055 0.0175694807667055 0.0175694807667055 0.0175694807667055 
0.0175694807667055 0.0175694807667055 0.0175694807667055 0.0175694807667055 
0.0175694807667055 0.0175694807667055 0.0175694807667055 0.0175694807667055 
0.0175694807667055 0.0175694807667055 0.0175694807667055 0.0175694807667055 
0.0175694807667055 0.0175694807667055 0.0175694807667055 0.0175694807667055 
0.0175694807667055 0.0175694807667055 0.0175694807667055 0.0175694807667055 
0.0175694807667055 0.0175694807667055 0.0175694807667055 0.0175694807667055 
0.0175694807667055 0.0175694807667055 0.0175694807667055 0.0175694807667055 
0.0175694807667055 0.0175694807667055 0.0175694807667055 0.0175694807667055 
0.0175694807667055 0.0175694807667055 0.0175694807667055 0.0175694807667055 
0.0175694807667055 0.0175694807667055 0.0175694807667055 0.0175694807667055 
0.0175694807667055 0.0175694807667055 0.0175694807667055 0.0175694807667055 
0.0175694807667055 0.0175694807667055 0.0175694807667055 0.0175694807667055 
0.0175694807667055 0.0175694807667055 0.0175694807667055 0.0175694807667055 
0.0175694807667055 0.0175694807667055 0.0175694807667055 0.0175694807667055 
0.0175694807667055 0.0175694807667055 0.0175694807667055 0.0175694807667055 
0.0175694807667055 0.0175694807667055 0.0175694807667055 0.0175694807667055 
0.0175694807667055 0.0175694807667055 0.0175694807667055 0.0175694807667055 
0.0175694807667055 0.0175694807667055 0.0175694807667055 0.0175694807667055 
0.0175694807667055 0.0175694807667055 0.0175694807667055 0.0175694807667055
##$VisuCoreFrameType=( 1 )
MAGNITUDE_IMAGE
##$VisuCoreSlicePacksDef=(1, 1)
##$VisuCoreSlicePacksSlices=( 1 )
(0, 16)
##$VisuCoreSlicePacksSliceDist=( 1 )
1
##$VisuCoreWordType=_16BIT_SGN_INT
##$VisuCoreByteOrder=littleEndian
##$VisuFGOrderDescDim=2
##$VisuFGOrderDesc=( 2 )
(20, <FG_ECHO>, <>, 0, 1) (16, <FG_SLICE>, <>, 1, 2)
##$VisuGroupDepVals=( 3 )
(<VisuAcqEchoTime>, 0) (<VisuCoreOrientation>, 0) (<VisuCorePosition>, 0)
##$VisuSubjectName=( 65 )
<EW_Cup_control_03_TT>
##$VisuSubjectId=( 65 )
<EW_Cup_control_03_TT>
##$VisuSubjectUid=( 65 )
<2.16.756.5.5.100.8323328.103382.1536241239.2676>
##$VisuSubjectInstanceCreationDate=(1536241239, 982, 120)
##$VisuSubjectBirthDate=( 9 )
<20180906>
##$VisuSubjectSex=UNKNOWN
##$VisuSubjectType=Quadruped
##$VisuStudyUid=( 65 )
<2.16.756.5.5.100.8323328.143597.1536298183.4>
##$VisuStudyDate=<2018-09-07T07:29:43,724+0200>
##$VisuStudyId=( 65 )
<EW_Cup_control_03_TT>
##$VisuStudyNumber=1
##$VisuSubjectWeight=0.001
##$VisuStudyReferringPhysician=( 65 )
<gilnavon>
##$VisuStudyDescription=( 2048 )
<\
>
##$VisuExperimentNumber=16
##$VisuProcessingNumber=1
##$VisuSeriesDate=<2018-09-07T10:58:13,514+0200>
##$VisuSubjectPosition=Head_Prone
##$VisuSeriesTypeId=( 65 )
<ACQ_BRUKER_PVM>
##$VisuManufacturer=( 65 )
<Bruker BioSpin MRI GmbH>
##$VisuAcqSoftwareVersion=( 65 )
<6.0.1>
##$VisuInstitution=( 65 )
<Tel Aviv University>
##$VisuStation=( 65 )
<BioSpec 70/30>
##$VisuSystemOrderNumber=( 65 )
<10271051>
##$VisuAcqDate=<2018-09-07T10:45:13,415+0200>
##$VisuAcqEchoTrainLength=1
##$VisuAcqSequenceName=( 40 )
<Bruker:MSME>
##$VisuAcqNumberOfAverages=2
##$VisuAcqImagingFrequency=300.336268789509
##$VisuAcqImagedNucleus=( 8 )
<1H>
##$VisuAcqRepetitionTime=( 1 )
3000
##$VisuAcqPhaseEncSteps=128
##$VisuAcqPixelBandwidth=390.625
##$VisuAcqFlipAngle=90
##$VisuAcqSize=( 2 )
128 128
##$VisuAcqImageSizeAccellerated=No
##$VisuAcqGradEncoding=( 2 )
read_enc phase_enc
##$VisuAcqEchoTime=( 20 )
5.5 11 16.5 22 27.5 33 38.5 44 49.5 55 60.5 66 71.5 77 82.5 88 93.5 99 104.5 
110
##$VisuAcquisitionProtocol=( 65 )
<MSME>
##$VisuAcqScanTime=768000
##$VisuAcqAntiAlias=( 2 )
1 1
##$VisuAcqEchoSequenceType=Both
##$VisuAcqSpinsVelocityEncoded=No
##$VisuAcqHasTimeOfFlightContrast=No
##$VisuAcqIsEpiSequence=No
##$VisuAcqSpectralSuppression=NoSuppression
##$VisuAcqKSpaceTraversal=RectilinearTraversal
##$VisuAcqEncodingOrder=( 2 )
LinearEncoding LinearEncoding
##$VisuAcqKSpaceTrajectoryCnt=1
##$VisuAcqKSpaceFiltering=( 2 )
NO_WDW NO_WDW
##$VisuAcqFlowCompensation=FlowNone
##$VisuAcqSpoiling=GradientSpoiled
##$VisuAcqPartialFourier=( 2 )
1 1
##$VisuAcqParallelReductionFactor=( 2 )
1 1
##$VisuAcqMagnetizationTransfer=No
##$VisuAcqBloodSignalNulling=No
##$VisuCardiacSynchUsed=No
##$VisuRespSynchUsed=No
##END=
$$ File finished by PARX at 2018-09-07 10:58:13.555 +0200
