##TITLE=Parameter List, ParaVision 6.0.1
##JCAMPDX=4.24
##DATATYPE=Parameter Values
##ORIGIN=Bruker BioSpin MRI GmbH
##OWNER=gilnavon
$$ 2018-09-07 15:27:21.081 +0200  gilnavon@CZC7238NT5
$$ /opt/PV6.0.1/data/gilnavon/20180907_114442_EW_Cup_control_04_NN_EW_Cup_control_04_NN_1_1/20/visu_pars
$$ process /opt/PV6.0.1/prog/mod/acq_out
##$VisuVersion=3
##$VisuUid=( 65 )
<2.16.756.5.5.100.8323328.45252.1536326841.1>
##$VisuCreator=( 65 )
<ParaVision>
##$VisuCreatorVersion=( 65 )
<6.0.1>
##$VisuCreationDate=<2018-09-07T15:27:21,029+0200>
##$VisuInstanceModality=( 65 )
<MR>
##$VisuCoreFrameCount=800
##$VisuCoreDim=2
##$VisuCoreSize=( 2 )
128 128
##$VisuCoreDimDesc=( 2 )
spatial spatial
##$VisuCoreExtent=( 2 )
20 20
##$VisuCoreFrameThickness=( 1 )
0.8
##$VisuCoreUnits=( 2, 65 )
<mm> <mm>
##$VisuCoreOrientation=( 16, 9 )
-1 -6.12323399573677e-17 -1.22464679914735e-16 -6.12323399573677e-17 1 
-7.49879891330929e-33 1.22464679914735e-16 0 -1 -1 -6.12323399573677e-17 
-1.22464679914735e-16 -6.12323399573677e-17 1 -7.49879891330929e-33 
1.22464679914735e-16 0 -1 -1 -6.12323399573677e-17 -1.22464679914735e-16 
-6.12323399573677e-17 1 -7.49879891330929e-33 1.22464679914735e-16 0 -1 -1 
-6.12323399573677e-17 -1.22464679914735e-16 -6.12323399573677e-17 1 
-7.49879891330929e-33 1.22464679914735e-16 0 -1 -1 -6.12323399573677e-17 
-1.22464679914735e-16 -6.12323399573677e-17 1 -7.49879891330929e-33 
1.22464679914735e-16 0 -1 -1 -6.12323399573677e-17 -1.22464679914735e-16 
-6.12323399573677e-17 1 -7.49879891330929e-33 1.22464679914735e-16 0 -1 -1 
-6.12323399573677e-17 -1.22464679914735e-16 -6.12323399573677e-17 1 
-7.49879891330929e-33 1.22464679914735e-16 0 -1 -1 -6.12323399573677e-17 
-1.22464679914735e-16 -6.12323399573677e-17 1 -7.49879891330929e-33 
1.22464679914735e-16 0 -1 -1 -6.12323399573677e-17 -1.22464679914735e-16 
-6.12323399573677e-17 1 -7.49879891330929e-33 1.22464679914735e-16 0 -1 -1 
-6.12323399573677e-17 -1.22464679914735e-16 -6.12323399573677e-17 1 
-7.49879891330929e-33 1.22464679914735e-16 0 -1 -1 -6.12323399573677e-17 
-1.22464679914735e-16 -6.12323399573677e-17 1 -7.49879891330929e-33 
1.22464679914735e-16 0 -1 -1 -6.12323399573677e-17 -1.22464679914735e-16 
-6.12323399573677e-17 1 -7.49879891330929e-33 1.22464679914735e-16 0 -1 -1 
-6.12323399573677e-17 -1.22464679914735e-16 -6.12323399573677e-17 1 
-7.49879891330929e-33 1.22464679914735e-16 0 -1 -1 -6.12323399573677e-17 
-1.22464679914735e-16 -6.12323399573677e-17 1 -7.49879891330929e-33 
1.22464679914735e-16 0 -1 -1 -6.12323399573677e-17 -1.22464679914735e-16 
-6.12323399573677e-17 1 -7.49879891330929e-33 1.22464679914735e-16 0 -1 -1 
-6.12323399573677e-17 -1.22464679914735e-16 -6.12323399573677e-17 1 
-7.49879891330929e-33 1.22464679914735e-16 0 -1
##$VisuCorePosition=( 16, 3 )
11.07955 -18.57955 -10.25568 11.07955 -18.57955 -9.25568 11.07955 -18.57955 
-8.25568 11.07955 -18.57955 -7.25568 11.07955 -18.57955 -6.25568 11.07955 
-18.57955 -5.25568 11.07955 -18.57955 -4.25568 11.07955 -18.57955 -3.25568 
11.07955 -18.57955 -2.25568 11.07955 -18.57955 -1.25568 11.07955 -18.57955 
-0.255679999999999 11.07955 -18.57955 0.744320000000001 11.07955 -18.57955 
1.74432 11.07955 -18.57955 2.74432 11.07955 -18.57955 3.74432 11.07955 
-18.57955 4.74432
##$VisuCoreDataMin=( 800 )
82.7321336712578 87.8667125808251 67.7651339537214 86.1255791001361 
62.1659829153916 98.7649259019831 60.1279627826434 76.515815418157 
54.0646691566789 69.1440122065106 91.8345829233463 63.8126059870152 
74.868788754685 87.9650490004025 83.7399568488883 64.007980104378 
73.6180270997774 88.4240889483958 70.6967725696565 35.8896341143908 
81.5557151125042 51.734126450973 85.3191947136871 68.698529309184 
81.9042544473194 73.2169449869181 87.7098284766154 74.3340489311218 
66.3837678622513 72.5156466559316 75.7161838618382 43.9107349692787 
68.2398389462931 74.9469860996388 76.7192990726988 84.8919788769499 
59.4070832696855 46.6693220903806 75.5783044977145 62.5963852173707 
90.8565223371399 72.8253387760575 74.2941466741547 61.3943269222924 
68.289612631583 79.6296869058198 58.5243810010911 69.9897333304583 
80.3923727897279 60.5282601203113 82.4223365146676 79.0037795825362 
73.2461218666028 77.2089473714933 84.7141236638848 76.1263997957727 
74.2579129489884 67.5665174391873 74.8509895686615 68.3116430662818 
67.0562287608569 78.579820342296 78.2045973437755 93.2676114659559 
69.6036014213397 78.0874622990965 78.614574415667 64.8865907445822 
69.1638953857447 65.4364595653965 69.0586947878415 80.3395351021331 
80.5851874320311 52.1489932174557 64.4110059175349 92.3209022976357 
82.7020307535728 65.9980341264363 76.4562756949313 57.5819277285281 
70.2512126501583 77.9340005713842 79.1145340340338 67.3880545810619 
84.3938424964241 53.1717988433543 58.7917789854275 73.1667624265252 
48.8745269078742 76.3968174731915 90.1045029660963 70.94069708667 
73.1607944880855 60.9522712215944 83.2465413634403 80.0623478265104 
65.9741681082584 84.1430815882783 68.6859268561791 66.3659988979141 
87.9321112708409 81.551875768202 90.3868907430994 74.4652800512372 
88.7259788856562 66.0460171901581 48.7144731240212 71.8019325019083 
88.013711828481 66.4674536903067 66.427706951828 79.2019932253658 
86.2637131676015 79.120216165223 76.7404077149406 90.4096309185176 
66.8927352808358 40.2835953995168 86.0459458710141 76.6864188655843 
69.9975946847767 65.0392537432036 29.5665951072768 68.9336059756931 
76.3358839654982 88.2851469610898 71.6700631789217 60.8492665270221 
50.7626714044124 75.5895719489356 69.6175966113854 71.408993381872 
66.0991961566158 77.2114918220158 78.7682618700504 86.0147170622206 
94.4363214067162 64.632243088889 73.5730201654507 55.3380555783003 
75.3002448222913 54.6753556808626 77.1984475021578 65.9764165968722 
57.4203180646337 78.8328578148613 80.3520687866157 75.6674957734 
64.8603009702874 65.6041203378763 81.4104863178833 77.5247174613967 
93.5700182440298 70.221441104601 81.1750081494512 76.8329051173278 
70.0370344860243 75.7702567712779 84.0103679020394 76.7633069797621 
70.1921189809896 77.4177777965523 73.1888487289497 73.1795465927393 
63.6836349196239 86.9577100552537 75.6249264303567 68.1625540358639 
72.6883774307442 74.3804458597319 75.9688853311552 60.9259970146894 
64.1317790651556 77.6370003472801 63.6937752439133 85.6337532541656 
66.7839046101417 61.2974344675539 63.6558290892914 68.333951955478 
71.3743931514401 74.2332572902516 79.6861674932722 83.9361371808393 
44.7005903314138 77.2942578250129 73.1683378943602 62.1497248026753 
80.4772081580927 71.6587758111673 59.9678268737952 47.0697293837571 
82.4945918397295 44.9593958356612 70.7213536471697 76.1948733495628 
84.5885437183549 73.7523681718366 63.4468447212558 70.5097393725984 
64.4241436866741 75.0047156642892 86.3466381144011 65.6147001836035 
78.857123211106 68.4053750433828 73.0605143163536 74.7711254844847 
84.7769336344755 77.2634006119157 80.4736747443558 81.1848213319712 
84.8107196045881 83.9258945536965 84.9603274008068 73.3099013287231 
66.7186306783089 85.3099322343757 53.2416039225181 85.6639429434301 
85.4085658312159 68.503120772192 57.2341907251644 80.1649605722453 
73.3254722373319 49.6277694764553 56.4799768881375 40.9334486651693 
45.2364901013227 93.7633766284151 80.6903988122402 80.5658773782513 
74.0755061048203 74.6550350918599 52.1286002625296 74.0791634294388 
90.65637487309 49.7355052988493 77.9146325524057 56.0085492195116 
82.2374818935125 76.5104010207409 63.8412129185536 72.2331613423677 
88.0564274423684 55.854365851047 64.6356802303755 86.1999637313482 
67.3423396424977 71.8611878016719 82.0427173724622 79.070633248631 
87.2819172304423 74.2596923666365 67.6298034053762 80.5031702134373 
78.6771928176697 80.3137123866113 80.1156110969226 72.0909151109418 
61.92767426766 56.572070396346 70.9415445467641 72.4139963979256 
73.4030882484941 75.4140959644534 70.4228862874724 79.3589940846269 
82.4341177335172 61.4992872520157 92.2179836513218 66.1463968788774 
73.8240946467293 58.0095109077402 52.7081971101119 77.9945209700776 
88.0952281859303 88.7269617842312 81.83035908924 45.7510707124754 
75.7937223588185 65.6554906282173 71.9773554410686 73.8081157263284 
60.4788360018512 76.9097068489668 76.3005401821069 81.60063744449 
81.7944527439215 81.7858978908125 80.8825067355409 70.5118946051111 
73.8770258631739 72.3442827224637 67.1633226875934 75.6367056812046 
60.7694429460473 77.5639200701854 60.5956405443331 74.8941337375614 
82.4883419877048 92.9427481793202 76.8282926523759 72.7320864755686 
73.9792246317858 68.1054428202575 82.8566629796518 88.0974567213975 
85.1949729587226 79.5517126242861 91.2873387796831 65.3486223312158 
78.1423391982352 79.3653661122185 67.9206741092376 39.8759418208926 
88.0898599425568 75.0096150341096 90.0758502104596 52.7443626384183 
79.3429556464169 59.3721979046739 92.6031335927407 88.5006115609067 
68.6251952456045 77.2493463188098 68.4418024720912 76.3782261487277 
84.507162512958 79.4229536031502 48.6456681559607 68.7433506028203 
72.6033764492313 80.1012379750939 86.7918090008025 44.3089315838837 
58.5567978677449 79.6554104928314 67.4195332975413 71.1035534926791 
86.4356815415421 46.8670964924998 73.0788611404588 65.9499661500142 
60.4366982165937 55.1328776167723 80.1152484520696 51.1861329328335 
76.3028734385052 74.7638525536949 85.2775347088869 66.5881251578326 
85.5823826053137 61.4051692331903 71.9781035153146 86.3803914493892 
88.2924489677339 59.9020632396121 78.4101489589722 74.4956683646834 
68.215102115507 62.0252360130208 46.0312592755455 95.6867363965424 
93.1097523784528 95.6161315346567 79.1272511760839 75.0638650810312 
73.7064954785046 73.2911013156533 88.4501564617308 57.7469350891334 
78.664352534672 81.3479132031159 61.4920585575294 67.7835030991379 
76.2404354461576 83.2764245059654 67.3451684323929 61.851940332627 
81.4491461611101 79.7363147776355 74.6967705929554 69.3216230694326 
70.2412439424581 78.6286304399978 74.0822980493722 58.2123715608012 
64.7542291778694 66.2031990410739 72.1495482103968 68.1767372063428 
63.5568574362517 42.1657331852357 64.2133685370148 75.4494800481769 
67.0720962357101 83.9780415224685 82.747340614864 65.1212184681096 
85.881348414828 61.7601573995738 70.6106529421378 70.3499776164437 
82.8983380269728 65.2641411680278 74.8902370338698 63.6744930050295 
66.6589741619959 81.3179355158682 68.4747305054881 91.4215047497537 
66.7319518174204 70.5921276481242 97.2740495363395 77.3863588796112 
80.0583352569413 71.3641752354863 66.8127554395056 78.5794418614976 
85.0033995691314 77.9310566296468 83.2359812602812 50.7276522009216 
65.6014446238819 74.1315831214005 66.5964349439224 75.4575266640688 
78.9915948388054 44.2682237307974 71.1467910104309 71.9933307807592 
77.3007204024376 72.2637515589248 52.2076777466338 68.5054480170304 
72.3130769838517 72.0070006546996 76.2913435849123 75.4384443840154 
71.2613420976345 60.9764624143157 84.8272868348868 42.2016683412473 
82.5495745933098 64.4626582915569 64.6146737065597 82.7823221458763 
72.5426515946902 78.5955726843938 75.8965262697975 78.9528883609536 
73.3392969877879 86.1184662725604 82.5282242242869 54.1296112656061 
90.0407487277811 98.0923582537632 70.2721305640214 90.0329473724904 
57.4032811043202 72.3638797707447 81.2220045117019 63.3250922814856 
86.6652111137166 66.9438756955762 81.9259628723172 77.7330203915651 
68.5786912631376 95.8308474927707 79.919110740854 50.7278499355036 
62.1164323261417 65.5392713221144 62.5747709483204 60.5802245953035 
71.5024245132201 79.1419648483373 56.3230327832895 69.0084038358253 
85.453362447153 88.7304413079171 84.3788672963274 64.4602804666572 
76.6805686064583 64.8089913740579 76.9330941872029 70.6680999622124 
72.2808784782689 91.5725813639783 85.1213374306549 59.3796612274338 
65.6128143999035 82.6177566535481 81.2718402921654 52.3802495015817 
69.6325169832696 73.5482506548353 71.5163565290274 82.243055301844 
64.0049477240364 85.2256387282785 76.3210639328004 73.6444509726261 
77.4963221939518 83.8668679626866 65.7424602386487 72.4948963217065 
68.3022469272834 79.5717554159646 75.5833845639025 58.3764239234659 
82.7810504806091 79.556947318253 63.2028670788844 61.1042656113456 
78.1950580612304 82.3430733280595 90.5370622242272 61.5135841561518 
83.1613491871613 77.3992337431553 62.0345548238768 81.5952261467852 
65.8757315651759 84.1373733746475 60.3611160318683 77.6837484918454 
76.3023363771592 74.6391278038168 71.8361394648681 68.6532283017055 
60.1272062016949 63.7562819254841 76.8363534749768 77.5661789221892 
65.7159446661502 67.2043797865998 82.1803463413414 82.497483841945 
66.5495623673693 57.4199541957339 68.661814366156 48.1923031953572 
74.0162816206942 51.7104160323885 65.1601333814525 69.9392298051536 
73.3074473106207 75.2551740114396 86.1003290013346 73.7054084271791 
69.7824900025717 93.178208415479 78.2473038437014 84.6188719079928 
82.5011727348908 90.9059764168036 61.7233817509318 64.8814015180289 
49.7319977495876 77.9862819064659 79.2843855286894 66.3643289208807 
80.1519757989428 72.5966870860552 62.8606099410799 56.4284704790485 
70.6045093774695 79.2727400575777 63.4742103397936 74.0203868844069 
63.4672069064841 71.8503352455983 76.9990377829496 75.0285729313447 
62.0499768066212 62.5431945796539 62.5020695190622 84.4048757569564 
80.8406910680746 76.0626246326442 71.8352114489652 80.8977028886351 
73.2771859986259 65.2129346348463 57.276596221704 88.2344788686185 
85.6511607530205 47.7924908697102 78.9965591519418 71.1706268475381 
74.1517823717353 85.8595292888242 56.4756586464723 76.8818578137833 
62.4808490213836 50.8711162228074 75.6897699635803 71.9795770859461 
65.1375815847097 68.3710587323139 80.9993242101432 67.7739642778848 
82.6173531017969 72.1223164707283 69.4935162483554 58.7692495907424 
77.2615259930027 82.7771174541832 56.6989555441543 72.0788534247642 
77.2405726332037 60.725943481923 65.5647171379619 67.5183244684184 
77.3667971192019 71.4323067960629 72.6168837519281 68.293616362314 
75.5674570452787 74.6606943071173 77.6168538493696 55.4427905943904 
82.9512690270941 71.1179403279608 66.3456374855071 56.1756443636935 
69.308276186882 78.5351090930588 81.9734964725218 85.466343279408 
71.8409385048843 64.6848319063603 67.8320537067553 81.5014053881498 
69.8507387215679 57.0965936718556 73.7619264694959 88.6171867433229 
57.5884959359034 61.236373826623 68.7986166978921 78.4152446465532 
62.753015567733 78.2807443712113 76.5438986096794 63.803644025649 
69.6591820241402 80.0059796298583 95.1847072044626 81.1071800425609 
57.5815513613052 57.6491314918314 84.0631159897211 80.9461273048527 
90.003994266329 75.362826585078 79.0570647345773 60.0326936795334 
64.724868870009 75.3669201320227 64.6195315335868 69.0015549774483 
63.1792618889102 72.7301313953471 66.6957488593877 80.8342289474334 
79.6967610178171 79.264795306935 71.688920758661 77.9678082930321 
71.1785203573661 66.6327403118284 59.8041440204619 54.1551320864883 
73.7980797382572 85.9814089405856 54.1368579279768 61.1113775511801 
66.8292347979508 76.6649435433184 83.6480423214194 67.7915542080154 
88.3382105843157 67.1090935231608 85.8096039208503 70.3504356916418 
57.3929786139254 81.3868819904778 85.5228847401977 68.2924861883345 
80.1126839903444 81.194856615715 65.5411447656433 48.6054925664446 
78.9459181402412 64.0679039260451 76.8061720467912 70.3399834410941 
52.4621046145268 80.2767348112554 86.285090620824 87.2507550899925 
83.4336985198249 64.7575114527543 53.0680661949075 68.5600876281942 
68.4676208800577 53.5009105535951 70.0189615327401 84.2264515711942 
64.2200781908005 46.1991906484375 82.4163507266822 52.1733067813944 
75.6105326969801 55.9859286219783 83.1248245833439 60.4234961318023 
59.9882361298159 78.3955342768441 64.7596086792225 75.5862932092457 
65.0406107683001 71.1545171152285 84.1794141374027 75.1278949045565 
82.119538037811 85.8784408568151 78.1641142097245 61.9493348416307 
67.4767516663727 60.7505874270693 73.6044191534073 67.877524765438 
81.8766495803827 88.5763325701824 75.7822697297271 73.142835207861 
64.5563918677134 77.9325259871867 66.2718019578501 68.7840384656816 
77.9162456253642 79.6779788452782 73.1138775199476 66.6646297729982 
35.8014974311393 73.8588430862258 89.622184300095 64.7565635075618 
66.5632822011116 78.7696771001147 87.7616928458153 88.2696186336991 
67.1278755302435 67.6242113812636 75.7393790696055 63.5905828666523 
65.0113454401357 87.3821616088885 81.9017269447485 85.7775529311569 
76.0407528823334 87.1304798906542 71.7840880193687 79.8199105962439 
75.0023302294706 74.0002982421353 56.5178344549026 76.1992493173617 
79.2807268258105 80.7058681809429 66.7683529686159 76.8187755344716 
82.1825784426055 68.6299738344079 81.2686413544389 77.0276585481337 
71.8288897795334 62.609389949353 91.8455882822487 62.4229917697629 
73.7709188344434 72.3751852839636 74.0143982766871 67.1024891136776 
64.4024841769879 73.6763904247285 86.4957296846563 87.6324005948924 
72.1804141843294 84.8910522659969 67.3016276639524 76.9905481632589 
76.8621952090109 65.8188998610197 64.6893454384959 79.0162002037629
##$VisuCoreDataMax=( 800 )
32766.5 31353.5497243382 26259.7117987576 23952.9168623761 21356.463825373 
19520.9536118818 17829.1681990013 16980.1854649485 15706.2180005617 
14829.5869385331 14196.1136571451 13796.4322817547 12926.8764274408 
12844.3199195916 12154.9296361951 11927.9505010043 11270.0699198865 
11049.6330820326 10801.9831119445 10593.3431352206 10137.5942762506 
10103.4456320595 9497.59881195538 9485.06779409884 9095.29230187841 
9047.0906738769 8435.23125426646 8580.50280543478 8274.22271012329 
7803.46156983721 7532.54860911218 7616.56554941627 6982.46733666264 
7010.73983282361 6650.68787991805 6949.94826706016 6504.97053550858 
6290.08054258279 6260.60537739631 6060.85308282156 5889.22790585786 
5710.26656664827 5481.92192577622 5749.27734539371 5567.08793564081 
5135.80870873558 5068.4074003138 4746.4809778258 4790.62435357733 
4809.55263998384 31726.6612506849 30830.0573349902 26468.1066243368 
24122.6597578932 21474.0387834766 20488.523613747 19104.8626262361 
18025.702311915 17142.8142851751 16324.9264610507 15439.9316585821 
15258.5310219974 14439.8575698733 13946.806089314 13394.5866758543 
13058.9130459054 12556.064115462 12078.5001660462 11781.895063071 
11517.2233453721 11196.5074743739 11032.4568296486 10613.3445713366 
9930.62892460246 9932.42825713227 9874.17882369137 9318.9619499279 
9309.42372798626 8984.29016548828 8724.33904141311 8336.56744673088 
8413.71246771267 8001.20059124313 8086.01496670493 7688.06917720701 
7545.82357563788 7202.54013358338 7133.73766031757 6702.33790828076 
6857.71983065361 6476.89850074887 6398.38855512872 6196.64478365681 
5998.61450573928 5804.49410569022 5864.86254923312 5726.41040688574 
5522.59103016316 5152.34498384707 5573.53259457567 22884.3690597468 
24183.8071138348 21988.1122878889 20986.0182865768 19225.7954749703 
18307.9575661896 16942.3805316457 16203.586193408 15346.0433670191 
14523.4216531448 13728.0062144199 13160.5821392686 12871.596212714 
12390.2858778002 12030.6439204467 11533.6504318328 11064.4484019969 
10943.1063242792 10528.3548597321 10216.8944960369 9924.03921473513 
9755.44958179396 9326.93777309064 9108.28432363583 8785.06225796223 
8887.70914479489 8385.45385616034 8251.55153623532 7994.78764001596 
7722.10570916664 7495.76327841863 7103.85112260559 7207.59347324663 
6929.38596657026 6638.11928650548 6609.41898426293 6244.13148494478 
6359.14846252694 6084.92922474351 5979.89962748662 5885.84605686187 
5719.48232258654 5570.2298331511 5471.05157951364 5122.78601348108 
4982.45549638635 4889.04920912128 5117.98012372895 4872.04269084944 
4464.82229193637 21174.8618104258 22091.829096718 20373.4454602992 
19493.885819869 18128.8033417741 17138.1780627399 15846.6115951906 
15307.8919261814 14369.8411269489 13852.1622249823 12932.5128870229 
12680.4387843473 11991.2963727902 11868.3669237919 11171.6796576876 
10984.6870242279 10627.0286441581 10231.4599742979 9700.21127264014 
9639.467795397 9248.38255054503 9003.38073935983 8756.51153788337 
8685.23490022732 8115.42941531043 8194.29998696219 7920.49269047053 
7929.15814377368 7281.56664855265 7363.34009240023 7135.71233126191 
6988.38367083489 6663.77356327432 6305.22742667584 6054.97923266512 
6242.06549492507 5874.08436526035 5807.3982147154 5381.68868316781 
5553.64235914686 5402.01883065455 5095.55389741018 5127.59695487217 
4835.30446183779 4764.4459367974 4946.18804772418 4516.81292587302 
4520.60715438547 4400.69361628201 4298.65775572363 22190.110313338 
23792.8859193669 21383.7362468687 20424.3216329071 19111.2737860276 
17906.0665714739 16458.326358658 16049.7011977692 15163.2177730061 
14346.7396536102 13702.9926209897 13010.4738221021 12365.9961716901 
12275.0764012125 11522.3093363769 11130.7098436591 10893.8085584531 
10567.5835123456 10113.6120372518 9798.88409619559 9409.28832811583 
9268.324402639 8936.28499601398 8478.22944181716 8667.38861705492 
8156.252756227 7943.61224212672 7740.13047647526 7383.04804234234 
7547.59546705133 6994.15174534912 7079.1060114893 6594.05332207728 
6453.5271450079 6183.54038747536 6403.82863596308 6042.95295772887 
5812.31582342246 5765.56441271583 5621.73910912915 5424.86898728811 
5261.71985173743 5196.04760470833 5080.91169905288 4933.13239053665 
4631.16037733507 4795.61852926622 4437.97587307958 4470.1140670062 
4341.55393878314 26175.2432628508 26681.4769310165 24243.7734354269 
23300.3020687653 21261.7798060207 20040.6112465856 18748.0023020823 
17861.5214573106 16973.3358540844 16033.9826390276 15435.3956508765 
14927.3063857702 14082.0573571728 13737.1777438731 13015.138068689 
12935.4399177154 12474.5134774636 12039.8523824914 11701.1039861269 
11279.5369321538 10896.867586779 10501.2177128497 10359.5165511315 
10059.2505597303 9622.78243175634 9506.78379912022 9125.60213892877 
8787.76245437254 8584.00348929479 8487.98600514509 8107.71567828306 
7877.55447587852 7737.63412680325 7338.75132784202 7194.84507112093 
7022.97546370999 6834.23065530901 6888.66247499544 6598.01465387596 
6440.34498444726 6571.93376397672 6153.35059256463 5824.0775214243 
5685.23784494154 5749.11879327706 5355.09076379524 5420.94697361073 
5157.74256755057 5014.60623017848 4925.43956061414 15868.6641196592 
16710.1964090108 14797.5738991629 14053.2259895913 12720.9156316992 
12180.5444925412 11568.3878683667 10814.1240984628 10262.9841711769 
9712.38828737695 9125.50908439725 8577.01973377271 8299.13621611396 
8117.69107904093 7842.54996919679 7404.65929176368 7398.02753358596 
6965.45124532087 6903.96707472218 6499.95366896284 6242.6028323373 
6140.67568483799 5889.30316688182 5749.00653969032 5646.5612991313 
5675.2258023333 5373.33198075238 5378.47948281765 4897.5296970342 
4819.13203435589 4476.24117110095 4596.04060240588 4649.26641021928 
4274.28992032606 4303.43742187026 4101.70360560668 4133.6101136435 
4024.07183115064 3915.89825474502 3734.15477135542 3623.21057559168 
3476.74124670493 3470.39599101486 3192.67552846745 3131.81616119409 
3238.16727847275 3297.6077152291 3091.35187681595 3071.14864699141 
2942.54703962126 9857.28561652424 10037.8142152888 8744.43938296269 
8291.56415479947 7820.15852240209 7279.84042070202 7299.15858205399 
6978.85453964966 7118.06539159369 6895.13175590579 6697.74302494439 
6683.84485291223 6500.39302329284 6373.73205227073 6098.92233314537 
6104.6433553947 6016.60573710249 5886.87420291768 5843.02322751257 
5607.99795630579 5604.80731068829 5511.12241989665 5227.97660904844 
5216.71697519095 5137.89958341108 5012.9404163943 4812.18058522367 
4810.57476280134 4557.99127714871 4529.05954756977 4193.58052644435 
4270.07986192234 4322.73251193704 4039.34909951277 4095.57356959073 
4209.81208431976 4018.45230103846 3848.42691170789 3976.0491473735 
3974.75601395477 3529.37933294598 3485.359227488 3343.79425388226 
3194.54488106592 3529.08113218799 3181.29630417887 2958.40897224333 
3162.56283107159 2827.57279328332 3026.71801899219 9533.92419181527 
9647.33840630342 8671.03091853157 8195.9976217127 7958.51573050504 
7638.92344691229 7484.68355362612 7209.43609810421 7170.51934412976 
6847.24048242728 6954.91249886374 6675.64889739466 6465.51566997897 
6515.6700748622 6256.09635117855 6132.67490312998 5948.43265419297 
5827.11139390264 5739.59624347344 5755.14828644057 5375.21863496185 
5326.10974426886 5171.48721068557 5056.42109732735 5111.75204143207 
4908.60597411578 4856.6183535093 4639.57221541393 4590.09392906925 
4609.47564072583 4303.7892183013 4476.93940687989 4211.94913814324 
4109.9088442317 4049.24167814137 4025.63978938336 3870.01871258785 
3735.6828296042 3765.07958887067 3586.98087101096 3544.01983902527 
3446.45541824104 3398.5695917326 3395.54935598062 3344.16270261374 
3126.97976453343 3129.84889023461 3125.5090814891 3023.94870550424 
2954.66363879296 9987.78389264481 9913.81015269631 8668.84997082335 
8488.35841312352 8214.2404557232 7922.00939373358 8200.46911929064 
7792.061660895 7304.25620061146 7371.35233480427 7238.16503399406 
6981.77885817551 6804.71640701154 6843.10972021933 6412.0773692631 
6800.19816193243 6257.07609475638 6294.73142412123 6228.30402602076 
5931.19015098114 5753.62303995419 5872.07830715407 5587.05903014801 
5458.11659910098 5373.92869572556 5126.70179242057 5273.78345030803 
5044.93513654056 4920.59028382668 4642.47391838435 4672.26804997106 
4621.25037746562 4511.0950609211 4336.6916945245 4334.61847586924 
4334.24021569379 4086.8075616722 4130.37216424524 4139.08717302335 
3949.41626160887 3776.35087049592 3729.37276480751 3769.57603081486 
3449.94356015133 3573.61983617017 3624.99517492656 3365.58531930181 
3269.58257244063 3197.56717633821 3230.51326406558 11471.4810615639 
11734.9982153746 10302.8479162912 9807.29640529897 9323.87927448814 
8784.99645856352 8348.66414411968 7780.43451917144 7148.83609194377 
6993.53673241102 6975.78885968473 6658.85904691582 6664.83414133495 
6490.64509423177 6438.55156463672 6307.00388639999 5951.98416370071 
5966.91695508784 5774.43882749846 5708.46687049364 5613.59785837556 
5442.81015012469 5385.12395372065 5151.49986364275 5099.53015875732 
4815.04229591219 5109.13104994126 4609.8578406172 4522.91296255943 
4644.01016695469 4500.84461745531 4429.74444633974 4022.64537722862 
4049.58372498607 4111.10116821154 4119.24116295974 4008.11793739207 
3841.50879348125 3807.48248498827 3540.6620900117 3664.18616199574 
3564.8079440668 3319.5457074799 3281.78067191488 3405.13857412281 
3172.56974595207 3291.94319043271 3106.67340046424 3133.52759393431 
3144.46298080194 11086.9705791771 11383.9744139237 10380.0438842562 
9883.97624913295 9259.56498833961 8773.74226221106 8046.65767048792 
7514.65285513417 7110.68870608252 6676.8673378592 6562.52773682469 
6296.39445246578 6084.57140873776 5767.76951754501 5511.11360810649 
5252.77060078301 5191.81062831367 4810.54983284134 4629.96817573049 
4309.39200636174 4153.63859963056 4044.00582760594 4066.09825872543 
3807.99065989284 3734.17689718121 3419.36956325072 3468.35887011085 
3117.4485951274 3011.617448201 3109.85328811015 2859.61706675507 
2888.54295840309 2634.86058363293 2556.99790898355 2394.71277416447 
2285.18633476863 2477.42105764433 2349.9026758843 2353.40922370026 
2230.99988101691 2118.46598531981 1961.47794526808 1975.14832225326 
1886.93774097197 1757.9271210688 1876.68701750406 1663.39232234867 
1501.85578740717 1636.92652426749 1653.10534790399 18083.628449745 
19035.804880113 17567.457677391 16654.3508953928 15843.0262297165 
15273.5928524013 14323.632740502 13719.9474557694 13101.5826120976 
12515.4443786353 12140.644256834 11687.6507503477 11248.9255338143 
10763.3633224616 10079.6423989157 9837.6625855659 9422.60350451157 
9094.08039934203 8889.35827505571 8453.87310093324 8032.57010158565 
7822.35360453287 7656.98209295244 7409.25385821094 7050.24158679027 
6838.92530946832 6735.76255017808 6308.49660306882 6247.98456015931 
5781.93659073634 5558.51790491212 5524.36860981123 4982.14211131721 
5084.88771337861 4827.10277597515 4828.47413676951 4569.45240366087 
4432.15636088876 4153.03382810444 4098.86830775622 4054.4304300292 
3721.76957871749 3757.50580579153 3456.81352634913 3432.75716046451 
3233.81522369772 3102.12431383119 3093.17964836907 3058.7849280449 
2937.4103988896 16439.9564260744 17477.8202874897 16160.3228668867 
15512.2367208682 14754.2178737159 14047.8514776912 13089.6906984833 
12521.9287037809 11997.9853815382 11799.5769046661 11136.9272227113 
10724.432493782 10387.5923830273 9834.25241152321 9590.16034152591 
9112.2602916906 8648.94117803676 8588.49892612472 8053.76320763479 
7792.53295396065 7660.74907465502 7358.22710199269 6960.07802498593 
6628.58513543212 6412.7669052591 6530.63999025637 6095.65242370944 
5655.09237819902 5643.2854229337 5491.72601173726 5335.20038451363 
5245.65097118364 4791.52576841072 4637.7904730079 4579.38352017675 
4254.79027512021 4168.80288828785 4017.11350510069 3974.69024844556 
3635.8315101166 3453.73099273114 3673.94403165411 3596.30531701279 
3429.21373139088 3185.64128019604 3160.74140875297 3129.13755851891 
2908.53243622734 3005.06044304845 2792.92323994421 13634.2192665473 
14897.3265752138 13797.0420234744 13338.5520796356 12818.6758920523 
12371.8786151458 11924.129567824 11432.0595229123 10884.0564985532 
10369.5767995162 9980.63853943068 9614.69909957305 9323.69317703431 
8922.6806979045 8520.20794852378 8193.44259550939 7924.00799157153 
7574.54251420289 7408.04448171907 7197.02335604954 7019.02258946161 
6692.83891316572 6619.65069330074 6364.69397359777 6079.41574243662 
6135.38599513667 5967.98878687729 5798.44087359054 5569.07297887249 
5664.74331768992 5637.29351320668 5564.87297822078 5209.39057365243 
5152.7112061981 4876.16037945482 4741.31099457577 4681.67165988837 
4622.51499596405 4577.61483559026 4340.9265998759 4475.594912281 
4159.3712998041 4251.69786119971 4075.43215421931 3884.89722439356 
3950.46800655781 3671.61721135109 3744.3271156202 3620.67351700411 
3635.03962427688 12546.4677766382 13356.7828916334 11749.0835594302 
10961.7472418063 10190.8527379014 9191.64926650497 8852.15838246395 
8523.00593554281 8394.50537134996 8185.69839257159 7875.34335725494 
7719.20260278627 7428.77677554296 7434.36261146056 7110.24187495442 
7015.94930389159 6800.94167325774 6579.35659667382 6282.44092608208 
6290.12050278083 6118.2491649535 5955.35189870333 5795.53485274254 
5504.41722874218 5575.71424450412 5169.71959478287 5274.41981590998 
5250.07695337979 5051.52637179344 4766.06913077758 4668.41466897642 
4382.67929222464 4425.18522037341 4392.86734501368 4311.82251408406 
4147.55657782954 4118.18524228957 3977.8125938113 3674.60254377921 
3960.38716455086 3652.51748070099 3441.37715972111 3552.52007924641 
3567.00390501495 3325.39017583229 3385.76723404735 3216.50567738962 
3047.50277309983 2961.73599612026 2889.99225276742
##$VisuCoreDataOffs=( 800 )
0 0 0 0 0 0 0 0 0 0 0 0 0 0 0 0 0 0 0 0 0 0 0 0 0 0 0 0 0 0 0 0 0 0 0 0 0 0 0 
0 0 0 0 0 0 0 0 0 0 0 0 0 0 0 0 0 0 0 0 0 0 0 0 0 0 0 0 0 0 0 0 0 0 0 0 0 0 0 
0 0 0 0 0 0 0 0 0 0 0 0 0 0 0 0 0 0 0 0 0 0 0 0 0 0 0 0 0 0 0 0 0 0 0 0 0 0 0 
0 0 0 0 0 0 0 0 0 0 0 0 0 0 0 0 0 0 0 0 0 0 0 0 0 0 0 0 0 0 0 0 0 0 0 0 0 0 0 
0 0 0 0 0 0 0 0 0 0 0 0 0 0 0 0 0 0 0 0 0 0 0 0 0 0 0 0 0 0 0 0 0 0 0 0 0 0 0 
0 0 0 0 0 0 0 0 0 0 0 0 0 0 0 0 0 0 0 0 0 0 0 0 0 0 0 0 0 0 0 0 0 0 0 0 0 0 0 
0 0 0 0 0 0 0 0 0 0 0 0 0 0 0 0 0 0 0 0 0 0 0 0 0 0 0 0 0 0 0 0 0 0 0 0 0 0 0 
0 0 0 0 0 0 0 0 0 0 0 0 0 0 0 0 0 0 0 0 0 0 0 0 0 0 0 0 0 0 0 0 0 0 0 0 0 0 0 
0 0 0 0 0 0 0 0 0 0 0 0 0 0 0 0 0 0 0 0 0 0 0 0 0 0 0 0 0 0 0 0 0 0 0 0 0 0 0 
0 0 0 0 0 0 0 0 0 0 0 0 0 0 0 0 0 0 0 0 0 0 0 0 0 0 0 0 0 0 0 0 0 0 0 0 0 0 0 
0 0 0 0 0 0 0 0 0 0 0 0 0 0 0 0 0 0 0 0 0 0 0 0 0 0 0 0 0 0 0 0 0 0 0 0 0 0 0 
0 0 0 0 0 0 0 0 0 0 0 0 0 0 0 0 0 0 0 0 0 0 0 0 0 0 0 0 0 0 0 0 0 0 0 0 0 0 0 
0 0 0 0 0 0 0 0 0 0 0 0 0 0 0 0 0 0 0 0 0 0 0 0 0 0 0 0 0 0 0 0 0 0 0 0 0 0 0 
0 0 0 0 0 0 0 0 0 0 0 0 0 0 0 0 0 0 0 0 0 0 0 0 0 0 0 0 0 0 0 0 0 0 0 0 0 0 0 
0 0 0 0 0 0 0 0 0 0 0 0 0 0 0 0 0 0 0 0 0 0 0 0 0 0 0 0 0 0 0 0 0 0 0 0 0 0 0 
0 0 0 0 0 0 0 0 0 0 0 0 0 0 0 0 0 0 0 0 0 0 0 0 0 0 0 0 0 0 0 0 0 0 0 0 0 0 0 
0 0 0 0 0 0 0 0 0 0 0 0 0 0 0 0 0 0 0 0 0 0 0 0 0 0 0 0 0 0 0 0 0 0 0 0 0 0 0 
0 0 0 0 0 0 0 0 0 0 0 0 0 0 0 0 0 0 0 0 0 0 0 0 0 0 0 0 0 0 0 0 0 0 0 0 0 0 0 
0 0 0 0 0 0 0 0 0 0 0 0 0 0 0 0 0 0 0 0 0 0 0 0 0 0 0 0 0 0 0 0 0 0 0 0 0 0 0 
0 0 0 0 0 0 0 0 0 0 0 0 0 0 0 0 0 0 0 0 0 0 0 0 0 0 0 0 0 0 0 0 0 0 0 0 0 0 0 
0 0 0 0 0 0 0 0 0 0 0 0 0 0 0 0 0 0 0 0
##$VisuCoreDataSlope=( 800 )
0.0108052021346515 0.0108052021346515 0.0108052021346515 0.0108052021346515 
0.0108052021346515 0.0108052021346515 0.0108052021346515 0.0108052021346515 
0.0108052021346515 0.0108052021346515 0.0108052021346515 0.0108052021346515 
0.0108052021346515 0.0108052021346515 0.0108052021346515 0.0108052021346515 
0.0108052021346515 0.0108052021346515 0.0108052021346515 0.0108052021346515 
0.0108052021346515 0.0108052021346515 0.0108052021346515 0.0108052021346515 
0.0108052021346515 0.0108052021346515 0.0108052021346515 0.0108052021346515 
0.0108052021346515 0.0108052021346515 0.0108052021346515 0.0108052021346515 
0.0108052021346515 0.0108052021346515 0.0108052021346515 0.0108052021346515 
0.0108052021346515 0.0108052021346515 0.0108052021346515 0.0108052021346515 
0.0108052021346515 0.0108052021346515 0.0108052021346515 0.0108052021346515 
0.0108052021346515 0.0108052021346515 0.0108052021346515 0.0108052021346515 
0.0108052021346515 0.0108052021346515 0.0108052021346515 0.0108052021346515 
0.0108052021346515 0.0108052021346515 0.0108052021346515 0.0108052021346515 
0.0108052021346515 0.0108052021346515 0.0108052021346515 0.0108052021346515 
0.0108052021346515 0.0108052021346515 0.0108052021346515 0.0108052021346515 
0.0108052021346515 0.0108052021346515 0.0108052021346515 0.0108052021346515 
0.0108052021346515 0.0108052021346515 0.0108052021346515 0.0108052021346515 
0.0108052021346515 0.0108052021346515 0.0108052021346515 0.0108052021346515 
0.0108052021346515 0.0108052021346515 0.0108052021346515 0.0108052021346515 
0.0108052021346515 0.0108052021346515 0.0108052021346515 0.0108052021346515 
0.0108052021346515 0.0108052021346515 0.0108052021346515 0.0108052021346515 
0.0108052021346515 0.0108052021346515 0.0108052021346515 0.0108052021346515 
0.0108052021346515 0.0108052021346515 0.0108052021346515 0.0108052021346515 
0.0108052021346515 0.0108052021346515 0.0108052021346515 0.0108052021346515 
0.0108052021346515 0.0108052021346515 0.0108052021346515 0.0108052021346515 
0.0108052021346515 0.0108052021346515 0.0108052021346515 0.0108052021346515 
0.0108052021346515 0.0108052021346515 0.0108052021346515 0.0108052021346515 
0.0108052021346515 0.0108052021346515 0.0108052021346515 0.0108052021346515 
0.0108052021346515 0.0108052021346515 0.0108052021346515 0.0108052021346515 
0.0108052021346515 0.0108052021346515 0.0108052021346515 0.0108052021346515 
0.0108052021346515 0.0108052021346515 0.0108052021346515 0.0108052021346515 
0.0108052021346515 0.0108052021346515 0.0108052021346515 0.0108052021346515 
0.0108052021346515 0.0108052021346515 0.0108052021346515 0.0108052021346515 
0.0108052021346515 0.0108052021346515 0.0108052021346515 0.0108052021346515 
0.0108052021346515 0.0108052021346515 0.0108052021346515 0.0108052021346515 
0.0108052021346515 0.0108052021346515 0.0108052021346515 0.0108052021346515 
0.0108052021346515 0.0108052021346515 0.0108052021346515 0.0108052021346515 
0.0108052021346515 0.0108052021346515 0.0108052021346515 0.0108052021346515 
0.0108052021346515 0.0108052021346515 0.0108052021346515 0.0108052021346515 
0.0108052021346515 0.0108052021346515 0.0108052021346515 0.0108052021346515 
0.0108052021346515 0.0108052021346515 0.0108052021346515 0.0108052021346515 
0.0108052021346515 0.0108052021346515 0.0108052021346515 0.0108052021346515 
0.0108052021346515 0.0108052021346515 0.0108052021346515 0.0108052021346515 
0.0108052021346515 0.0108052021346515 0.0108052021346515 0.0108052021346515 
0.0108052021346515 0.0108052021346515 0.0108052021346515 0.0108052021346515 
0.0108052021346515 0.0108052021346515 0.0108052021346515 0.0108052021346515 
0.0108052021346515 0.0108052021346515 0.0108052021346515 0.0108052021346515 
0.0108052021346515 0.0108052021346515 0.0108052021346515 0.0108052021346515 
0.0108052021346515 0.0108052021346515 0.0108052021346515 0.0108052021346515 
0.0108052021346515 0.0108052021346515 0.0108052021346515 0.0108052021346515 
0.0108052021346515 0.0108052021346515 0.0108052021346515 0.0108052021346515 
0.0108052021346515 0.0108052021346515 0.0108052021346515 0.0108052021346515 
0.0108052021346515 0.0108052021346515 0.0108052021346515 0.0108052021346515 
0.0108052021346515 0.0108052021346515 0.0108052021346515 0.0108052021346515 
0.0108052021346515 0.0108052021346515 0.0108052021346515 0.0108052021346515 
0.0108052021346515 0.0108052021346515 0.0108052021346515 0.0108052021346515 
0.0108052021346515 0.0108052021346515 0.0108052021346515 0.0108052021346515 
0.0108052021346515 0.0108052021346515 0.0108052021346515 0.0108052021346515 
0.0108052021346515 0.0108052021346515 0.0108052021346515 0.0108052021346515 
0.0108052021346515 0.0108052021346515 0.0108052021346515 0.0108052021346515 
0.0108052021346515 0.0108052021346515 0.0108052021346515 0.0108052021346515 
0.0108052021346515 0.0108052021346515 0.0108052021346515 0.0108052021346515 
0.0108052021346515 0.0108052021346515 0.0108052021346515 0.0108052021346515 
0.0108052021346515 0.0108052021346515 0.0108052021346515 0.0108052021346515 
0.0108052021346515 0.0108052021346515 0.0108052021346515 0.0108052021346515 
0.0108052021346515 0.0108052021346515 0.0108052021346515 0.0108052021346515 
0.0108052021346515 0.0108052021346515 0.0108052021346515 0.0108052021346515 
0.0108052021346515 0.0108052021346515 0.0108052021346515 0.0108052021346515 
0.0108052021346515 0.0108052021346515 0.0108052021346515 0.0108052021346515 
0.0108052021346515 0.0108052021346515 0.0108052021346515 0.0108052021346515 
0.0108052021346515 0.0108052021346515 0.0108052021346515 0.0108052021346515 
0.0108052021346515 0.0108052021346515 0.0108052021346515 0.0108052021346515 
0.0108052021346515 0.0108052021346515 0.0108052021346515 0.0108052021346515 
0.0108052021346515 0.0108052021346515 0.0108052021346515 0.0108052021346515 
0.0108052021346515 0.0108052021346515 0.0108052021346515 0.0108052021346515 
0.0108052021346515 0.0108052021346515 0.0108052021346515 0.0108052021346515 
0.0108052021346515 0.0108052021346515 0.0108052021346515 0.0108052021346515 
0.0108052021346515 0.0108052021346515 0.0108052021346515 0.0108052021346515 
0.0108052021346515 0.0108052021346515 0.0108052021346515 0.0108052021346515 
0.0108052021346515 0.0108052021346515 0.0108052021346515 0.0108052021346515 
0.0108052021346515 0.0108052021346515 0.0108052021346515 0.0108052021346515 
0.0108052021346515 0.0108052021346515 0.0108052021346515 0.0108052021346515 
0.0108052021346515 0.0108052021346515 0.0108052021346515 0.0108052021346515 
0.0108052021346515 0.0108052021346515 0.0108052021346515 0.0108052021346515 
0.0108052021346515 0.0108052021346515 0.0108052021346515 0.0108052021346515 
0.0108052021346515 0.0108052021346515 0.0108052021346515 0.0108052021346515 
0.0108052021346515 0.0108052021346515 0.0108052021346515 0.0108052021346515 
0.0108052021346515 0.0108052021346515 0.0108052021346515 0.0108052021346515 
0.0108052021346515 0.0108052021346515 0.0108052021346515 0.0108052021346515 
0.0108052021346515 0.0108052021346515 0.0108052021346515 0.0108052021346515 
0.0108052021346515 0.0108052021346515 0.0108052021346515 0.0108052021346515 
0.0108052021346515 0.0108052021346515 0.0108052021346515 0.0108052021346515 
0.0108052021346515 0.0108052021346515 0.0108052021346515 0.0108052021346515 
0.0108052021346515 0.0108052021346515 0.0108052021346515 0.0108052021346515 
0.0108052021346515 0.0108052021346515 0.0108052021346515 0.0108052021346515 
0.0108052021346515 0.0108052021346515 0.0108052021346515 0.0108052021346515 
0.0108052021346515 0.0108052021346515 0.0108052021346515 0.0108052021346515 
0.0108052021346515 0.0108052021346515 0.0108052021346515 0.0108052021346515 
0.0108052021346515 0.0108052021346515 0.0108052021346515 0.0108052021346515 
0.0108052021346515 0.0108052021346515 0.0108052021346515 0.0108052021346515 
0.0108052021346515 0.0108052021346515 0.0108052021346515 0.0108052021346515 
0.0108052021346515 0.0108052021346515 0.0108052021346515 0.0108052021346515 
0.0108052021346515 0.0108052021346515 0.0108052021346515 0.0108052021346515 
0.0108052021346515 0.0108052021346515 0.0108052021346515 0.0108052021346515 
0.0108052021346515 0.0108052021346515 0.0108052021346515 0.0108052021346515 
0.0108052021346515 0.0108052021346515 0.0108052021346515 0.0108052021346515 
0.0108052021346515 0.0108052021346515 0.0108052021346515 0.0108052021346515 
0.0108052021346515 0.0108052021346515 0.0108052021346515 0.0108052021346515 
0.0108052021346515 0.0108052021346515 0.0108052021346515 0.0108052021346515 
0.0108052021346515 0.0108052021346515 0.0108052021346515 0.0108052021346515 
0.0108052021346515 0.0108052021346515 0.0108052021346515 0.0108052021346515 
0.0108052021346515 0.0108052021346515 0.0108052021346515 0.0108052021346515 
0.0108052021346515 0.0108052021346515 0.0108052021346515 0.0108052021346515 
0.0108052021346515 0.0108052021346515 0.0108052021346515 0.0108052021346515 
0.0108052021346515 0.0108052021346515 0.0108052021346515 0.0108052021346515 
0.0108052021346515 0.0108052021346515 0.0108052021346515 0.0108052021346515 
0.0108052021346515 0.0108052021346515 0.0108052021346515 0.0108052021346515 
0.0108052021346515 0.0108052021346515 0.0108052021346515 0.0108052021346515 
0.0108052021346515 0.0108052021346515 0.0108052021346515 0.0108052021346515 
0.0108052021346515 0.0108052021346515 0.0108052021346515 0.0108052021346515 
0.0108052021346515 0.0108052021346515 0.0108052021346515 0.0108052021346515 
0.0108052021346515 0.0108052021346515 0.0108052021346515 0.0108052021346515 
0.0108052021346515 0.0108052021346515 0.0108052021346515 0.0108052021346515 
0.0108052021346515 0.0108052021346515 0.0108052021346515 0.0108052021346515 
0.0108052021346515 0.0108052021346515 0.0108052021346515 0.0108052021346515 
0.0108052021346515 0.0108052021346515 0.0108052021346515 0.0108052021346515 
0.0108052021346515 0.0108052021346515 0.0108052021346515 0.0108052021346515 
0.0108052021346515 0.0108052021346515 0.0108052021346515 0.0108052021346515 
0.0108052021346515 0.0108052021346515 0.0108052021346515 0.0108052021346515 
0.0108052021346515 0.0108052021346515 0.0108052021346515 0.0108052021346515 
0.0108052021346515 0.0108052021346515 0.0108052021346515 0.0108052021346515 
0.0108052021346515 0.0108052021346515 0.0108052021346515 0.0108052021346515 
0.0108052021346515 0.0108052021346515 0.0108052021346515 0.0108052021346515 
0.0108052021346515 0.0108052021346515 0.0108052021346515 0.0108052021346515 
0.0108052021346515 0.0108052021346515 0.0108052021346515 0.0108052021346515 
0.0108052021346515 0.0108052021346515 0.0108052021346515 0.0108052021346515 
0.0108052021346515 0.0108052021346515 0.0108052021346515 0.0108052021346515 
0.0108052021346515 0.0108052021346515 0.0108052021346515 0.0108052021346515 
0.0108052021346515 0.0108052021346515 0.0108052021346515 0.0108052021346515 
0.0108052021346515 0.0108052021346515 0.0108052021346515 0.0108052021346515 
0.0108052021346515 0.0108052021346515 0.0108052021346515 0.0108052021346515 
0.0108052021346515 0.0108052021346515 0.0108052021346515 0.0108052021346515 
0.0108052021346515 0.0108052021346515 0.0108052021346515 0.0108052021346515 
0.0108052021346515 0.0108052021346515 0.0108052021346515 0.0108052021346515 
0.0108052021346515 0.0108052021346515 0.0108052021346515 0.0108052021346515 
0.0108052021346515 0.0108052021346515 0.0108052021346515 0.0108052021346515 
0.0108052021346515 0.0108052021346515 0.0108052021346515 0.0108052021346515 
0.0108052021346515 0.0108052021346515 0.0108052021346515 0.0108052021346515 
0.0108052021346515 0.0108052021346515 0.0108052021346515 0.0108052021346515 
0.0108052021346515 0.0108052021346515 0.0108052021346515 0.0108052021346515 
0.0108052021346515 0.0108052021346515 0.0108052021346515 0.0108052021346515 
0.0108052021346515 0.0108052021346515 0.0108052021346515 0.0108052021346515 
0.0108052021346515 0.0108052021346515 0.0108052021346515 0.0108052021346515 
0.0108052021346515 0.0108052021346515 0.0108052021346515 0.0108052021346515 
0.0108052021346515 0.0108052021346515 0.0108052021346515 0.0108052021346515 
0.0108052021346515 0.0108052021346515 0.0108052021346515 0.0108052021346515 
0.0108052021346515 0.0108052021346515 0.0108052021346515 0.0108052021346515 
0.0108052021346515 0.0108052021346515 0.0108052021346515 0.0108052021346515 
0.0108052021346515 0.0108052021346515 0.0108052021346515 0.0108052021346515 
0.0108052021346515 0.0108052021346515 0.0108052021346515 0.0108052021346515 
0.0108052021346515 0.0108052021346515 0.0108052021346515 0.0108052021346515 
0.0108052021346515 0.0108052021346515 0.0108052021346515 0.0108052021346515 
0.0108052021346515 0.0108052021346515 0.0108052021346515 0.0108052021346515 
0.0108052021346515 0.0108052021346515 0.0108052021346515 0.0108052021346515 
0.0108052021346515 0.0108052021346515 0.0108052021346515 0.0108052021346515 
0.0108052021346515 0.0108052021346515 0.0108052021346515 0.0108052021346515 
0.0108052021346515 0.0108052021346515 0.0108052021346515 0.0108052021346515 
0.0108052021346515 0.0108052021346515 0.0108052021346515 0.0108052021346515 
0.0108052021346515 0.0108052021346515 0.0108052021346515 0.0108052021346515 
0.0108052021346515 0.0108052021346515 0.0108052021346515 0.0108052021346515 
0.0108052021346515 0.0108052021346515 0.0108052021346515 0.0108052021346515 
0.0108052021346515 0.0108052021346515 0.0108052021346515 0.0108052021346515 
0.0108052021346515 0.0108052021346515 0.0108052021346515 0.0108052021346515 
0.0108052021346515 0.0108052021346515 0.0108052021346515 0.0108052021346515 
0.0108052021346515 0.0108052021346515 0.0108052021346515 0.0108052021346515 
0.0108052021346515 0.0108052021346515 0.0108052021346515 0.0108052021346515 
0.0108052021346515 0.0108052021346515 0.0108052021346515 0.0108052021346515 
0.0108052021346515 0.0108052021346515 0.0108052021346515 0.0108052021346515 
0.0108052021346515 0.0108052021346515 0.0108052021346515 0.0108052021346515 
0.0108052021346515 0.0108052021346515 0.0108052021346515 0.0108052021346515 
0.0108052021346515 0.0108052021346515 0.0108052021346515 0.0108052021346515 
0.0108052021346515 0.0108052021346515 0.0108052021346515 0.0108052021346515 
0.0108052021346515 0.0108052021346515 0.0108052021346515 0.0108052021346515 
0.0108052021346515 0.0108052021346515 0.0108052021346515 0.0108052021346515 
0.0108052021346515 0.0108052021346515 0.0108052021346515 0.0108052021346515 
0.0108052021346515 0.0108052021346515 0.0108052021346515 0.0108052021346515 
0.0108052021346515 0.0108052021346515 0.0108052021346515 0.0108052021346515 
0.0108052021346515 0.0108052021346515 0.0108052021346515 0.0108052021346515 
0.0108052021346515 0.0108052021346515 0.0108052021346515 0.0108052021346515 
0.0108052021346515 0.0108052021346515 0.0108052021346515 0.0108052021346515 
0.0108052021346515 0.0108052021346515 0.0108052021346515 0.0108052021346515 
0.0108052021346515 0.0108052021346515 0.0108052021346515 0.0108052021346515 
0.0108052021346515 0.0108052021346515 0.0108052021346515 0.0108052021346515 
0.0108052021346515 0.0108052021346515 0.0108052021346515 0.0108052021346515 
0.0108052021346515 0.0108052021346515 0.0108052021346515 0.0108052021346515 
0.0108052021346515 0.0108052021346515 0.0108052021346515 0.0108052021346515 
0.0108052021346515 0.0108052021346515 0.0108052021346515 0.0108052021346515 
0.0108052021346515 0.0108052021346515 0.0108052021346515 0.0108052021346515 
0.0108052021346515 0.0108052021346515 0.0108052021346515 0.0108052021346515
##$VisuCoreFrameType=( 1 )
MAGNITUDE_IMAGE
##$VisuCoreSlicePacksDef=(1, 1)
##$VisuCoreSlicePacksSlices=( 1 )
(0, 16)
##$VisuCoreSlicePacksSliceDist=( 1 )
1
##$VisuCoreWordType=_16BIT_SGN_INT
##$VisuCoreByteOrder=littleEndian
##$VisuFGOrderDescDim=2
##$VisuFGOrderDesc=( 2 )
(50, <FG_ECHO>, <>, 0, 1) (16, <FG_SLICE>, <>, 1, 2)
##$VisuGroupDepVals=( 3 )
(<VisuAcqEchoTime>, 0) (<VisuCoreOrientation>, 0) (<VisuCorePosition>, 0)
##$VisuSubjectName=( 65 )
<EW_Cup_control_04_NN>
##$VisuSubjectId=( 65 )
<EW_Cup_control_04_NN>
##$VisuSubjectUid=( 65 )
<2.16.756.5.5.100.8323328.143597.1536313482.647>
##$VisuSubjectInstanceCreationDate=(1536313482, 25, 120)
##$VisuSubjectBirthDate=( 9 )
<20180906>
##$VisuSubjectSex=UNKNOWN
##$VisuSubjectType=Quadruped
##$VisuStudyUid=( 65 )
<2.16.756.5.5.100.8323328.143597.1536313482.648>
##$VisuStudyDate=<2018-09-07T11:44:42,025+0200>
##$VisuStudyId=( 65 )
<EW_Cup_control_04_NN>
##$VisuStudyNumber=1
##$VisuSubjectWeight=0.001
##$VisuStudyReferringPhysician=( 65 )
<gilnavon>
##$VisuStudyDescription=( 2048 )
<\
>
##$VisuExperimentNumber=20
##$VisuProcessingNumber=1
##$VisuSeriesDate=<2018-09-07T15:27:21,029+0200>
##$VisuSubjectPosition=Head_Prone
##$VisuSeriesTypeId=( 65 )
<ACQ_BRUKER_PVM>
##$VisuManufacturer=( 65 )
<Bruker BioSpin MRI GmbH>
##$VisuAcqSoftwareVersion=( 65 )
<6.0.1>
##$VisuInstitution=( 65 )
<Tel Aviv University>
##$VisuStation=( 65 )
<BioSpec 70/30>
##$VisuSystemOrderNumber=( 65 )
<10271051>
##$VisuAcqDate=<2018-09-07T15:17:33,454+0200>
##$VisuAcqEchoTrainLength=1
##$VisuAcqSequenceName=( 40 )
<Bruker:MSME>
##$VisuAcqNumberOfAverages=1
##$VisuAcqImagingFrequency=300.336366596413
##$VisuAcqImagedNucleus=( 8 )
<1H>
##$VisuAcqRepetitionTime=( 1 )
4468.59116983092
##$VisuAcqPhaseEncSteps=128
##$VisuAcqPixelBandwidth=390.625
##$VisuAcqFlipAngle=90
##$VisuAcqSize=( 2 )
128 128
##$VisuAcqImageSizeAccellerated=No
##$VisuAcqGradEncoding=( 2 )
read_enc phase_enc
##$VisuAcqEchoTime=( 50 )
5.50239501216698 11.004790024334 16.5071850365009 22.0095800486679 
27.5119750608349 33.0143700730019 38.5167650851689 44.0191600973358 
49.5215551095028 55.0239501216698 60.5263451338368 66.0287401460038 
71.5311351581707 77.0335301703377 82.5359251825047 88.0383201946717 
93.5407152068387 99.0431102190056 104.545505231173 110.04790024334 
115.550295255507 121.052690267674 126.555085279841 132.057480292008 
137.559875304175 143.062270316341 148.564665328508 154.067060340675 
159.569455352842 165.071850365009 170.574245377176 176.076640389343 
181.57903540151 187.081430413677 192.583825425844 198.086220438011 
203.588615450178 209.091010462345 214.593405474512 220.095800486679 
225.598195498846 231.100590511013 236.60298552318 242.105380535347 
247.607775547514 253.110170559681 258.612565571848 264.114960584015 
269.617355596182 275.119750608349
##$VisuAcquisitionProtocol=( 65 )
<MSME>
##$VisuAcqScanTime=571979.669738358
##$VisuAcqAntiAlias=( 2 )
1 1
##$VisuAcqEchoSequenceType=Both
##$VisuAcqSpinsVelocityEncoded=No
##$VisuAcqHasTimeOfFlightContrast=No
##$VisuAcqIsEpiSequence=No
##$VisuAcqSpectralSuppression=NoSuppression
##$VisuAcqKSpaceTraversal=RectilinearTraversal
##$VisuAcqEncodingOrder=( 2 )
LinearEncoding LinearEncoding
##$VisuAcqKSpaceTrajectoryCnt=1
##$VisuAcqKSpaceFiltering=( 2 )
NO_WDW NO_WDW
##$VisuAcqFlowCompensation=FlowNone
##$VisuAcqSpoiling=GradientSpoiled
##$VisuAcqPartialFourier=( 2 )
1 1
##$VisuAcqParallelReductionFactor=( 2 )
1 1
##$VisuAcqMagnetizationTransfer=No
##$VisuAcqBloodSignalNulling=No
##$VisuCardiacSynchUsed=No
##$VisuRespSynchUsed=No
##END=
$$ File finished by PARX at 2018-09-07 15:27:21.084 +0200
