##TITLE=Parameter List, ParaVision 6.0.1
##JCAMPDX=4.24
##DATATYPE=Parameter Values
##ORIGIN=Bruker BioSpin MRI GmbH
##OWNER=gilnavon
$$ 2018-09-06 19:32:15.837 +0200  gilnavon@CZC7238NT5
$$ /opt/PV6.0.1/data/gilnavon/20180906_154215_EW_Cup_control_02_LE_EW_Cup_control_02_LE_1_1/15/visu_pars
$$ process /opt/PV6.0.1/prog/mod/acq_out
##$VisuVersion=3
##$VisuUid=( 65 )
<2.16.756.5.5.100.8323328.133662.1536255135.1>
##$VisuCreator=( 65 )
<ParaVision>
##$VisuCreatorVersion=( 65 )
<6.0.1>
##$VisuCreationDate=<2018-09-06T19:32:15,785+0200>
##$VisuInstanceModality=( 65 )
<MR>
##$VisuCoreFrameCount=800
##$VisuCoreDim=2
##$VisuCoreSize=( 2 )
128 128
##$VisuCoreDimDesc=( 2 )
spatial spatial
##$VisuCoreExtent=( 2 )
20 20
##$VisuCoreFrameThickness=( 1 )
0.8
##$VisuCoreUnits=( 2, 65 )
<mm> <mm>
##$VisuCoreOrientation=( 16, 9 )
-1 -6.12323399573677e-17 -1.22464679914735e-16 -6.12323399573677e-17 1 
-7.49879891330929e-33 1.22464679914735e-16 0 -1 -1 -6.12323399573677e-17 
-1.22464679914735e-16 -6.12323399573677e-17 1 -7.49879891330929e-33 
1.22464679914735e-16 0 -1 -1 -6.12323399573677e-17 -1.22464679914735e-16 
-6.12323399573677e-17 1 -7.49879891330929e-33 1.22464679914735e-16 0 -1 -1 
-6.12323399573677e-17 -1.22464679914735e-16 -6.12323399573677e-17 1 
-7.49879891330929e-33 1.22464679914735e-16 0 -1 -1 -6.12323399573677e-17 
-1.22464679914735e-16 -6.12323399573677e-17 1 -7.49879891330929e-33 
1.22464679914735e-16 0 -1 -1 -6.12323399573677e-17 -1.22464679914735e-16 
-6.12323399573677e-17 1 -7.49879891330929e-33 1.22464679914735e-16 0 -1 -1 
-6.12323399573677e-17 -1.22464679914735e-16 -6.12323399573677e-17 1 
-7.49879891330929e-33 1.22464679914735e-16 0 -1 -1 -6.12323399573677e-17 
-1.22464679914735e-16 -6.12323399573677e-17 1 -7.49879891330929e-33 
1.22464679914735e-16 0 -1 -1 -6.12323399573677e-17 -1.22464679914735e-16 
-6.12323399573677e-17 1 -7.49879891330929e-33 1.22464679914735e-16 0 -1 -1 
-6.12323399573677e-17 -1.22464679914735e-16 -6.12323399573677e-17 1 
-7.49879891330929e-33 1.22464679914735e-16 0 -1 -1 -6.12323399573677e-17 
-1.22464679914735e-16 -6.12323399573677e-17 1 -7.49879891330929e-33 
1.22464679914735e-16 0 -1 -1 -6.12323399573677e-17 -1.22464679914735e-16 
-6.12323399573677e-17 1 -7.49879891330929e-33 1.22464679914735e-16 0 -1 -1 
-6.12323399573677e-17 -1.22464679914735e-16 -6.12323399573677e-17 1 
-7.49879891330929e-33 1.22464679914735e-16 0 -1 -1 -6.12323399573677e-17 
-1.22464679914735e-16 -6.12323399573677e-17 1 -7.49879891330929e-33 
1.22464679914735e-16 0 -1 -1 -6.12323399573677e-17 -1.22464679914735e-16 
-6.12323399573677e-17 1 -7.49879891330929e-33 1.22464679914735e-16 0 -1 -1 
-6.12323399573677e-17 -1.22464679914735e-16 -6.12323399573677e-17 1 
-7.49879891330929e-33 1.22464679914735e-16 0 -1
##$VisuCorePosition=( 16, 3 )
11.98864 -18.57062 -8.153409 11.98864 -18.57062 -7.153409 11.98864 -18.57062 
-6.153409 11.98864 -18.57062 -5.153409 11.98864 -18.57062 -4.153409 11.98864 
-18.57062 -3.153409 11.98864 -18.57062 -2.153409 11.98864 -18.57062 -1.153409 
11.98864 -18.57062 -0.153408999999999 11.98864 -18.57062 0.846591000000001 
11.98864 -18.57062 1.846591 11.98864 -18.57062 2.846591 11.98864 -18.57062 
3.846591 11.98864 -18.57062 4.846591 11.98864 -18.57062 5.846591 11.98864 
-18.57062 6.846591
##$VisuCoreDataMin=( 800 )
53.8527338609094 56.9982421827135 64.73548349774 65.1321474860791 
70.2991234821689 42.8735402592882 74.4073262070406 82.6593061746167 
54.6274077568546 61.7031228620076 65.3830655085457 50.2069279271878 
54.7796514486152 57.7087522423745 74.1987638191694 59.9880988965539 
79.3259667454587 68.2895304207446 68.5121817923265 71.8436885421177 
73.6096548366862 72.8328965379913 65.6536052621581 62.5922185299668 
64.8919794230441 64.8369665071526 71.0001796565595 81.7426670915508 
76.0147749607097 60.6237441590857 65.7869484876475 65.6396034547885 
75.9062212516262 68.1092795587187 68.2520870619648 58.2473156205515 
74.6736488412139 68.8901355608836 44.9511025884607 68.229974978431 
56.8313198661678 69.7639858970363 64.26720772649 72.1965754787635 
72.4855691433858 70.3220821018608 65.8947161086775 65.2275647696766 
54.2817077219755 70.9012767973054 72.3574738799959 79.7360917065641 
63.9650439816162 73.7407650271396 44.5402096410273 49.52715457297 
71.6332013445279 69.6863619150263 60.3799623147431 64.3771470652065 
68.6526026382445 71.9059093936846 76.3306016878704 71.3469576187935 
59.1626403323994 55.849734203385 63.7523661304348 67.6368300180415 
66.0702898306108 73.6906945804838 76.7392535789576 53.0280558087026 
76.0764956213031 69.4913011021347 73.9884755082438 62.9325305886397 
62.742036523578 77.5903551633964 62.7493588736069 65.2133028211208 
75.3805880417917 68.4291193492658 59.1023265910891 59.9534669943027 
46.7769267810825 72.0327493771241 69.2490319373842 53.6468193555786 
77.4948376374644 76.8164203150345 60.8739069093818 57.5795423463105 
60.1062951516008 74.6878963718772 63.728906493591 37.1338615868324 
72.662396893481 57.0368011161762 75.1792865448133 70.8751122798013 
76.874577283864 70.7355211078495 75.11811608887 66.6549237063668 
62.7421936900631 51.172136197398 63.0359656345194 56.8478419528718 
69.7180184708776 58.9981664868453 42.1338061427063 69.7582867268689 
50.9713652164569 56.739785551536 64.6468702082912 72.598691396896 
75.7069208782722 71.8260742933267 45.2911701414944 55.7838578754549 
87.4367191252507 59.1678479742319 80.1021583815317 74.3480453396513 
54.0313450743609 53.8911075319814 57.2922793585557 56.825542250442 
57.1607111963386 76.6372776246737 57.667294762121 59.6096596561618 
69.4459277984037 70.5766550782611 75.1217920607147 50.933014650654 
73.0417339859734 64.5209213938487 65.3862335771935 65.3741797117869 
62.1621083222511 54.4185645402619 50.0805479420348 33.6427058313537 
59.3253110236301 58.4464704662884 60.2345805495341 68.0669848595945 
70.0346252909569 71.2903393342729 66.7490763742501 75.289801745625 
42.9413767962665 68.5284730697476 59.8547972549139 54.2059133031341 
83.1385885188016 62.6097166003654 68.5061370847448 80.762637738257 
70.3072871953925 65.9006645055471 64.0164862363846 46.9130986117176 
77.4800467294045 61.4690050557168 66.8617507558107 73.0431750523914 
41.7739389643039 66.976774992434 56.7374965094121 66.6866403348654 
81.2130504622759 68.2957191350663 71.6046540118521 74.951745956139 
64.1759353153576 64.9227583971396 76.5949333864577 46.5302209736683 
57.3181578093383 79.4930362109627 71.1533765945903 52.168929403241 
58.9963200484055 70.1636885658711 66.5424704564464 45.6219447422223 
62.5281942208453 72.3009451794941 69.4171387630555 58.161364631516 
62.5687082078186 67.2485047400811 54.917257069792 58.3926848712765 
54.619774148906 55.3791554686502 64.8536792470807 64.2841296241826 
78.2551801028773 54.5398266531969 66.271284311092 52.7567473436951 
46.8385718034188 62.9063874596266 76.7629795168718 85.1959265504354 
73.888118084878 68.4160286090277 80.1259939264764 78.9130216090943 
77.3580188617882 53.4581374370202 84.7231533644649 57.3237453021604 
59.0922514498266 61.8483036939934 65.6594796889167 59.4743132322593 
37.2059579496181 71.2336793444324 68.438043028621 75.6179689366857 
57.9476392472829 76.3625186190228 54.548881792135 71.7501840056903 
26.6442658986144 67.7500259605791 69.9201890757654 68.1985570905836 
76.8757291519745 66.5699423020671 65.7414855724015 68.5739221133505 
89.6976117961471 71.1008101941104 70.0429998209132 46.0947444418026 
62.0663381823963 74.0787283308916 58.3012350394404 63.9473031692924 
71.1019938287374 43.9386085277178 68.4763626170024 59.8915557000317 
63.6206256498346 75.4312467449498 79.5534617551287 67.5635485581564 
75.3227429945367 56.734622391336 46.4074443618917 56.6369153118717 
76.7087800600888 66.8061370866407 59.9460508768993 75.1673110438542 
76.8737597206308 80.7218369154572 46.2014836104518 50.0705722962715 
61.8588177604196 54.6970406992705 56.7738295849071 68.9622720522222 
58.1852054587938 69.1736663926196 44.7597994788014 74.2489058968994 
59.8020648451531 82.2849476723624 54.0244627146716 73.8934766764434 
73.3051362810546 64.5896247479999 57.2678962548518 65.2792475773641 
60.694662367916 67.6463001691734 66.5628255834894 70.1279983104572 
62.8976237507001 67.0675924504133 70.6071839464912 56.0363434594396 
67.1528800128719 69.7585033823632 60.2192271283985 35.2880488330648 
58.8346393200955 59.4935450243002 62.1374856076368 58.1288202521874 
59.2538977204518 71.6426491565372 75.3662500999763 60.7660464604224 
71.8198347007875 59.383775849398 65.2174591248549 74.6276006098267 
49.1705786298315 51.6979702624741 49.628842791611 76.0634791796572 
64.6022111999696 58.3021129424962 75.6613309639305 57.3089869061451 
58.886511970391 74.4728120344807 66.8328232035325 66.2686649068077 
60.8321866900867 66.4055749675007 57.230255864647 70.7762824802641 
71.5716366893514 63.6441108658948 42.6990111296426 78.0068055081627 
76.971124286045 56.0644282084534 63.4350769848421 64.0907243491695 
67.6209436265183 69.3774700002575 69.8604591998751 63.2891289501672 
60.23250463047 78.2678309311509 75.1729105431923 68.4625039997912 
47.2798377998759 79.0086356897049 63.4234397125285 55.2658295971883 
56.5742370139321 75.8661174188721 59.4845294277844 61.3942704524807 
77.6999516203253 73.0174032125586 48.6310204673855 68.0933510605021 
46.2992707133381 74.1166498531328 66.011325092121 69.3448574773818 
76.9798932003981 65.7502412528361 69.3602649643345 71.1458108362885 
82.446391942595 72.0275153619982 59.2704812006197 56.6568001633382 
60.6047204530812 75.8500354766851 41.5004169680838 60.4421770634981 
53.3107923961872 70.3930279588717 65.1951194232695 46.7642611411292 
59.3530768310649 60.5811403450425 47.1720661563956 66.6689830833852 
45.9379640955895 82.9626924507751 81.5710832941214 68.214104022257 
54.7860848481464 59.4385923990875 60.5409746775357 62.3674750031692 
76.457371777847 61.0611538303258 42.097615095032 59.6460629142381 
67.8919222116371 59.8291878218615 58.2998200304014 65.7610342180265 
79.6008648852855 47.7503923470295 66.6659034551902 37.5593564908723 
77.108643943786 41.1390223051773 71.9226302507312 64.9504354904957 
63.4311231830367 61.2356842386678 39.6820365134758 64.0853466847292 
49.1205174976845 47.1537679370573 70.8656128957762 86.2016377508527 
72.2731169629076 64.9039909484503 47.401149092417 73.4837961921364 
65.8996639854404 70.4719087528445 59.4750712035087 54.7427357816406 
76.6527479182198 65.9949182547939 54.8306907093723 63.7964904783967 
45.8273469255937 66.896828337477 58.7061115014993 78.6054929969262 
66.4306537203881 42.4650757882828 70.7729748288317 59.2183215280766 
46.8943560213162 68.1928921322778 74.9353054465374 61.4715171082036 
63.7552454103482 62.5608141236685 73.6001932094102 67.474851867158 
70.1637320699325 44.9474184008685 55.0282768729373 53.6974365345778 
62.0077630628158 66.4192107424874 57.0992676537192 63.3318437865673 
48.0292338132136 57.4418022252161 71.6053459561966 56.1203644571547 
66.051054956087 56.461070112639 77.0622903842659 58.9519919162357 
80.4169210203358 76.4293497173586 74.7992541810845 66.404523643626 
85.8136182181443 68.4166063817436 77.8787496628484 69.5259380970713 
61.9583680819899 64.0041314124005 79.8885305935145 65.614083756481 
61.8448628516876 73.5345998430012 61.9284197223949 57.7649650095707 
76.6920509665808 64.9461086289875 58.3058115541347 83.0041232670039 
51.847099890162 78.7904717765818 65.5977174324861 57.3236022964134 
56.6618125041655 73.1232720323818 66.2208419017925 60.6997554606701 
68.5045845790074 60.8686926733712 73.6132626020327 59.1642381275218 
60.2215485084419 44.4862566666852 79.4729270058376 64.9543453083965 
66.5813183006541 74.1111743808583 54.2661926102689 74.6570336069901 
62.9351946460951 76.9521971412805 56.153592812773 66.473132985997 
72.7848001044514 68.5474670657453 71.5708459782195 58.9922986605138 
64.1258207667616 68.2309938939297 44.1992265761022 67.7062808629461 
62.2392456408115 70.2435765217861 54.4729408719136 61.935110565311 
63.2118940838054 52.843032893933 61.0466576775562 70.5360415999748 
68.829165297195 68.6047302414198 25.4775823770722 76.9320151397542 
59.9423571043763 56.9277686093912 63.0590915292916 63.8780666034194 
49.0368640449548 66.4290748553238 74.366818848152 51.4499771366609 
75.7073277287677 72.0414490086158 72.1698496410588 58.7526949493494 
75.1366003996277 50.023978051377 54.9347380443687 67.7338498414441 
45.6084205745075 57.5032685211782 59.0314074097876 45.4048121195238 
49.0196786262223 73.5524854128372 63.503245214305 65.1493472053008 
68.7520628803455 66.281871228139 49.2248071873799 25.7229149585821 
69.3023881960886 66.2301594499648 53.7308679277237 68.1665215713733 
75.0311396907471 71.34586091048 55.9444772029643 33.109773348559 
70.6618884824708 73.4762606158904 61.270215107381 81.8075147848341 
62.4029791789356 50.4982788713149 66.8150399512863 61.8105664996196 
59.1050685411504 65.2446294700343 51.5874851708553 59.7262082683069 
57.802742013583 64.9338590776028 74.7686876517052 62.0091674973896 
65.0638312833096 61.0856255779526 72.4064253633821 68.8053906647524 
61.9567208018476 70.018503533119 52.8935083139799 59.9397009534068 
48.8546333439696 49.6057847273957 66.6158650406823 63.536594027172 
63.9009982058471 74.5800527560798 72.5628558348585 46.2439766185996 
65.5761086912943 64.5332419105931 68.4060137708564 55.0971544722626 
70.1731261167615 46.6049689302435 64.6316088358788 70.3171644225139 
55.5481166777532 63.0173172260114 55.7726659688616 60.8821946345257 
61.1059218113989 67.7296682780433 61.146007508385 68.5020601939735 
31.8898756569371 54.6278127915755 68.7402440933466 74.8182692051131 
70.3212586809459 73.984386388912 51.2323198452469 79.7421928374718 
55.270810210387 78.2257255757516 55.8602156978651 57.162917788551 
56.8121247915934 67.826265610838 67.4637084950979 54.6570942305453 
43.4010922411984 63.7583024753346 68.2470370683612 67.0080684195304 
73.3929042022668 56.217764940349 67.0432988694827 60.177812927321 
64.7578783961171 62.2255781521 81.7336798966377 62.8341985891451 
47.2262050136946 56.0710374301833 66.0630754898614 63.7577360953642 
70.5530989043775 57.610706191465 73.8526827567533 65.1381623301219 
72.9164369156879 72.894293879269 62.8036826169164 56.5535961630954 
42.4670418256293 61.1838130367609 44.1783956114185 66.5599113663046 
61.9675572715025 46.6710767192883 67.192159827384 56.9735111836133 
55.8811058234 59.1907355396171 65.2786365513756 71.2491883583 
63.2550083727982 72.2980905409098 73.1766900043869 52.3438531627367 
66.0992501634978 75.8126152611834 63.1747123352058 54.5140734787964 
50.0976035930576 63.8969784657811 70.0638887546099 64.1536432498852 
76.943475542192 51.9945049850458 51.0696670228927 67.1648967598557 
47.8913610666458 69.8170476947651 72.3228038569691 72.6863806827306 
66.8020442259192 61.322587367633 75.2654987479684 73.7853055456202 
62.566777577456 66.8641014812131 48.6016616984556 56.9817055732707 
48.3990324933615 79.2174406972372 73.1095938597006 33.8761123490301 
68.2952691644277 62.4427706100695 59.9181052383448 74.3597934281945 
57.3701046862896 64.8452834320164 67.0290473509312 77.4587275958844 
68.0618808093988 55.7297897851281 34.2221702887155 72.9816369077011 
70.3415733594214 71.3482083254788 71.5242463938304 61.8674908542591 
53.785362744992 73.2121706834916 62.2405349953556 43.366966820733 
53.927160746218 72.1526409479773 60.2180180557126 69.6064268564713 
70.36678440189 62.073459194872 60.0130350962387 69.4509145202459 
51.9182109399453 63.6052044527617 71.0404825725758 79.7769994012101 
69.8115506958357 45.946081976658 65.5461459027694 76.1009612238379 
70.5280008262279 54.258647982634 65.0173777419348 67.0755831472618 
58.7258234310731 38.5555515516501 61.1962060705702 50.8777227236538 
68.7386812035311 75.9047435188366 62.4610142059036 68.7359670334971 
59.646905893745 69.4969323839339 73.020302607525 77.7772704130784 
63.7452776057108 67.967098846318 64.9917350284887 60.4500003716716 
57.3597030581181 67.9144771052631 39.6179958775014 60.1600023077905 
64.2500463673144 62.9430860643311 56.0792409974412 76.7536821441869 
63.1216829503229 73.3947423474399 55.4453876127884 51.3264517898496 
39.933659745361 45.5125909663973 70.2551796448664 68.266636854381 
78.4076171990622 56.3842036734015 68.2855007230047 57.728241482211 
55.1254444900942 73.6712073021264 72.0896831056117 62.5165966594612 
66.2090571275234 78.8579749588261 72.1063243763304 60.9639265495832 
44.8694862307287 67.0332250002662 68.3460088692107 62.540768022948 
57.1867577826336 50.7876004706778 73.6856989641222 33.7903561637372 
67.6533648041863 51.2722904679213 76.0452617681335 66.2339114490511 
46.9451329721238 74.7882713093055 78.5284452163178 32.8791691250683 
58.5197328219421 66.5840293824753 76.0464524562685 51.7591439749 
59.0248527511711 56.3966493787778 76.8863416958815 70.8994334055657 
58.3977128849503 66.8346671748958 68.2855416306443 50.1511911306396 
38.104590316868 79.2081895256701 65.5096585494591 73.2324625456405 
52.7393513275901 60.2382428480797 51.1263230295709 67.2474080288003
##$VisuCoreDataMax=( 800 )
32766.5 29711.265377154 24626.7205235662 21907.1522726901 19091.1722336572 
18119.3358173669 17237.4452240558 16562.4491722726 15754.1361621544 
15015.5932475935 14290.2951493197 13982.3288313403 13277.5095987284 
12785.4359359173 12059.6140584532 12030.6027715186 11636.9268686194 
11491.8870771399 10989.1996087854 10868.3305383845 10489.3202797802 
10370.2847171052 9958.55402868989 9738.04893410282 9381.7186152823 
8987.44582700196 8734.54349449873 8600.35521930095 8303.29194695501 
8253.31249994513 8009.87461983798 7897.62289517494 7621.26083819171 
7440.10043861349 7387.4828560508 7134.75632319235 6817.56760024208 
6697.81789028533 6404.22741714549 6509.77288399953 6173.13252160917 
6201.16824266745 5952.42177123484 5800.85320311135 5675.54997495938 
5549.08302120953 5399.76355530883 5296.2160283084 5131.71279181347 
5053.50485546942 28881.6465148478 29061.0404226605 26136.3980121437 
24913.1763411785 23397.7913252983 22371.8912341623 20925.9829018822 
20218.077380228 19099.1576373044 18273.8942429244 17729.5019805245 
16842.9770409534 16239.0374214428 15562.9328617346 14815.9353185826 
14419.2018259136 13791.0135611022 13172.6026954013 12641.1115977183 
12355.380327136 11787.2206471728 11425.4651267396 10892.500136388 
10356.851641737 10048.6881633916 9878.57530265066 9315.50996122516 
9132.62188672235 8790.68785291583 8349.66504250182 8296.33619861095 
7809.67969768253 7699.80572425279 7409.90342580131 7088.59503201326 
6741.42920993392 6547.53533724127 6392.13726938296 6133.31951560203 
5999.89800305891 5726.33242457287 5580.78755074823 5498.14866081773 
5291.69221089523 5196.7378621486 5086.40605513078 4768.62780228148 
4943.28564742893 4522.25361777141 4694.23699799813 29881.6134659933 
30137.1301545053 26656.2851480109 25287.0424728086 22935.8981935255 
21930.0944506564 20339.2151636376 19255.8274479216 18113.0646515673 
17282.374076649 16276.0903702744 15808.1990341817 14923.3183113789 
14199.1528749836 13403.4598516939 13282.2340108147 12569.2624647123 
12152.2848943802 11713.8433871885 11327.6207087394 10754.6908141103 
10505.8267797009 10071.1940109408 9817.8971883414 9467.36539477465 
9179.17028443315 8729.70618154741 8563.02209430424 8319.52456827606 
8120.5566149778 7752.05237386623 7677.46177765593 7294.58215962899 
7135.06556211983 6851.75339396694 6782.2186148542 6667.19904374602 
6353.17685058961 5959.10755704659 6101.85585748541 5887.83405271603 
6026.90090199077 5681.09840503149 5565.72048226792 5467.63317345755 
5401.45322388909 5250.90846738931 5057.02459793922 4808.07383957319 
4755.74628281822 22436.2903335828 23988.0020573378 21378.4027447464 
20567.7692576542 19300.9752264351 17946.33694404 17250.5415115242 
16647.885316198 15517.7911959139 14884.8506552857 14135.5203912773 
13733.2697016945 13148.0653097978 12841.6448144634 12331.0437715041 
11839.7375111049 11695.3897242461 11508.5135967323 10820.6398054775 
10770.0811869151 10449.7524785335 10292.142509675 9745.07388832088 
9596.96877592841 9342.61140020943 8979.85713089925 8788.29871679452 
8872.727774294 8169.33591787884 8032.42029119806 7897.20756733843 
7774.54102541759 7368.70006588142 7104.62415123569 6977.12323268309 
6856.60128149043 6666.97106887688 6511.37320124477 6440.47723789926 
6193.9547246903 6186.23900993042 5878.46219820757 5964.43177809571 
5350.27639617884 5472.19282272235 5377.64450989362 5266.52479518137 
5179.54841090997 4996.69633703469 4915.94953212035 23785.7953658283 
25880.3152276749 23733.5306252049 22556.6789889392 20870.6771982614 
20029.1531435899 18971.4804559003 17922.1519138432 16989.4521434101 
16185.2137700638 15627.4880195229 15184.1302019935 14401.7196584239 
14223.27003351 13600.019937165 13301.717902585 12665.0848140882 
12452.6691241606 12107.5449733277 11760.0740872942 11375.5262927351 
11100.7050551907 10802.8002371992 10558.8424848678 10173.9378677897 
9897.94291498556 9506.80470704028 9294.98717416928 9025.57610783451 
9045.38282671086 8784.02142064662 8560.81945213883 8372.90236599423 
8214.19136263653 7794.42973866241 7623.95619720905 7282.06216664839 
7331.02781228433 6997.40616847291 6887.08201541792 6669.15916043494 
6584.12663889454 6392.73747737059 6357.86002020692 6100.69305306634 
5926.32851329941 5988.96200803617 5505.68946444165 5327.81804559538 
5519.99929084371 23842.5002866204 25049.2869268632 23195.6360613852 
21800.2013115725 20538.7294220126 19771.5114958305 18581.5168394534 
17595.8264136533 16762.114565347 15911.0330648676 15274.9622783975 
14863.8082425828 14096.7779997971 13609.4777505233 12811.0437445423 
12721.3819794531 12094.296770397 11933.2805215612 11433.4176992924 
11193.1746406406 10701.6447447249 10619.2273064719 10124.4561284774 
9775.92155556271 9420.63195866134 9365.00990407084 8968.83968607594 
8810.35148489233 8370.99410229813 8221.00234041886 8205.01755330381 
7754.27723589112 7411.15362239114 7377.40406735034 7195.38280259807 
7129.03717789425 6850.84181187586 6560.234674482 6769.89904845236 
6337.79717631436 6003.69852443378 6059.33267477427 5745.89758089244 
5860.96596145489 5651.03926009315 5535.98989221474 5287.94362490535 
5295.65022089088 5092.31834471404 4970.58436326896 17997.4777230753 
18499.9530460972 16618.6983376423 15722.3806553986 14426.5978703273 
13441.9046864709 12427.2805452658 11922.0628143195 11180.8016341487 
10636.0320594601 10048.5669386262 9500.12160814046 9100.12345322071 
8739.63633574854 8386.5061086504 8241.15078254679 7979.41697048992 
7780.32835945726 7470.42929079231 7418.22979836015 7086.91233471635 
6878.95616752148 6604.71834030903 6421.71971977565 6317.35868547752 
5986.05621199186 5920.66414212621 5750.44982381797 5536.25745671755 
5291.82160387465 5303.14177751154 5096.45590919467 5006.03464364486 
4950.55508638746 4827.89473429012 4778.85725915822 4616.30710901252 
4387.90855691817 4220.51129243081 4138.51983823614 4011.80272088053 
3766.71691083134 3869.92393690997 3739.18276113863 3720.84089530554 
3525.29004292462 3438.10753308734 3362.98917673349 3336.14374734488 
3218.2203338678 24144.7904651075 24061.578523695 22031.6382773764 
20975.4738198378 19341.0639511636 18295.4218450798 16963.0398437128 
15949.8395585785 14946.432058787 14199.7394971015 13426.1844269184 
12770.7741235101 12083.9040645019 11811.5907601612 11386.1984337806 
11120.2293782876 10439.4492533665 10075.6582749325 9792.36218565092 
9434.79338455826 9074.16108877533 8951.28270711398 8701.30745549447 
8236.20666405205 7972.76994369164 8011.779928632 7660.84935121481 
7291.36410364379 7235.30248638785 6891.1629222504 6647.45224504263 
6462.09041697672 6462.67304683679 6271.86478477618 5909.66476009094 
5804.82301682269 5683.37925884874 5776.44462779575 5403.1829982979 
5342.67468374125 5035.92062565972 4954.93542303346 4894.99468371333 
4971.34226824893 4629.01824454075 4485.11017142606 4393.64550847181 
4349.29498732926 4085.45101141872 4061.55045721238 22551.2378722505 
22852.1750278538 20418.1063801152 19023.7446823379 17888.1022633206 
16477.2524327761 15582.8048342498 14784.4357318318 13781.5081539438 
13298.5924458853 12564.6271435179 12023.017958231 11392.1115730877 
11139.6413804595 10478.2606659791 10428.8757662714 9829.21378722156 
9695.82499387594 9236.81582741715 9175.45134428943 8781.56319031846 
8534.78332047539 8261.34656989794 8007.15247666356 7903.90103136332 
7571.46790248247 7413.18271051008 7172.62753461682 7014.02869800612 
6723.87560622302 6511.65866429285 6360.60269819362 5920.59533929147 
6148.85718012412 5682.92914890712 5615.69681364365 5486.03922264019 
5679.5735255667 5353.9251662493 5160.75344915058 5168.47651410606 
5002.19116288354 4877.04303600446 4686.52593199554 4757.86262896074 
4368.6236094858 4430.0860803303 4047.37578876984 4130.0151832235 
3985.11185840251 9932.86302228107 10441.7731355127 9328.61592551287 
8791.76675326469 8227.17134734325 7583.19288394926 7114.49846995568 
6844.73762276406 6350.14687662395 6082.3112362841 5920.34470999879 
5734.52742448669 5580.84483935993 5457.05262011994 5371.69819492648 
5396.04874242872 5130.30030163583 4941.42107902975 4950.05627866464 
5006.40448410902 4698.59483845474 4663.08399147538 4708.07419270079 
4410.52071440213 4382.08209452424 4310.14464216759 4102.15989587058 
4208.46642511578 4014.91328553979 3897.88709444605 3834.97979968434 
3874.39791589426 3689.28823668214 3711.29335056254 3481.06979461204 
3464.9406763084 3482.26797927071 3507.38410123928 3268.23482466235 
3136.37226788336 3102.12784553552 3049.46751226101 3028.67239737726 
3067.15591742003 3030.7290157485 2762.51441656913 2853.95162311688 
2689.48956813624 2594.9234794997 2629.07146825232 11029.212254214 
11356.5414448973 10447.4500976711 9982.76776001497 9273.11884786617 
8793.36038003172 8170.16379430037 7821.55558659633 7501.04698583943 
7309.23646534364 6738.77048714766 6563.93978106662 6185.22533487045 
5959.75313434411 5860.00426674906 5599.02755290676 5378.56226780679 
5319.07570338587 4903.1519254799 5004.74500115753 4819.21844881416 
4555.72594410701 4525.79067499088 4441.14533968807 4165.45465579803 
4047.26117207903 4250.34161874067 3992.57901859821 3900.60620258405 
3663.29080644884 3814.78633320231 3698.99226656293 3631.70871617315 
3594.87124344322 3523.02425088214 3547.59750962919 3363.12312117276 
3364.3990796836 3194.99269263687 3029.8622177426 3092.39322370588 
3164.97771172929 2966.79169110554 2838.67286308405 2801.15410094847 
2751.22239533836 2611.71615651757 2748.97324583142 2669.8696878581 
2472.67118919514 11552.9760862714 12247.7867079969 11072.9002918605 
10180.1734806983 9655.09325141015 9079.24454700398 8570.26039882544 
8101.74228726446 7612.88552851664 7374.03142167372 7003.93881800363 
6649.59765006323 6443.99187311921 6273.53476490574 6040.73918504001 
5687.4386846222 5514.70122268563 5302.20273615754 4990.71318772922 
4939.20006624317 4770.90723599034 4681.03414044584 4433.74421733233 
4358.24230031565 3997.07311112195 3932.67223395818 3967.49771744549 
3838.78361922795 3506.98507131423 3414.09650296762 3438.19432378935 
3381.08882318732 3160.19573518906 3088.57938460241 2941.86781466005 
2892.66683179223 2820.7026492108 2621.59926339527 2732.91731926112 
2459.77841559387 2422.54896661187 2492.42185456106 2313.04694941424 
2217.6875894521 2194.64268597951 2067.81565839842 2027.39835788 
2040.25490124846 1913.69793792346 2059.4301704588 11837.0977325457 
12191.0796725406 11035.1190931778 10302.4292468174 9529.29473117819 
8876.17738578209 8525.04819204248 7788.6994319062 7552.3942579473 
6993.30663372091 6582.50840392326 6202.2831108334 5933.8208563307 
5736.39489203816 5525.7438089001 5187.25732564888 4964.61272967354 
4920.24302642307 4646.13933463509 4550.09753682232 4295.41647185415 
4238.16366548049 4090.53227622826 4058.32131355595 3964.25678158551 
3640.59791725665 3469.77418119502 3420.59070982508 3242.88980820722 
3120.34342463569 2940.56850377488 2964.70498204676 2871.25536690603 
2808.69339275296 2773.76879735753 2620.69910171624 2526.59161818794 
2402.42119400392 2424.9519984035 2276.65372724484 2155.42005521458 
2124.78148585576 2079.60836442237 2028.99288147688 1892.42947253204 
1942.35851982385 1911.50774379565 1689.6416775124 1736.46334844176 
1654.18043183606 15665.0367841689 15938.5310772672 13890.466914631 
13345.0981346799 12436.6771272054 11582.3727866635 10428.5676405543 
9764.93884177062 8918.38206086329 8629.88376306481 7833.20305167066 
7628.47439621293 6965.24930779511 6839.20835436156 6287.63595884826 
6133.96116367646 5830.93660622927 5376.4035290992 5346.65867947902 
5062.47862394426 4799.78313510247 4612.24050333428 4747.05940015051 
4342.76781755923 4331.48812203193 4189.83908919503 3977.65312498693 
4085.31349878817 3720.81176243256 3814.31719581468 3816.25896328756 
3705.86322048872 3395.22236993337 3483.08777921393 3374.01281096186 
3446.24365642449 3241.59372463814 3119.73408955831 2993.22762898701 
2953.81017386036 2815.27354356376 2806.21771615485 2846.35223699551 
2790.88814381131 2520.07023592519 2738.14699972216 2686.24045424192 
2469.19802202783 2336.3022135129 2485.50758084299 14972.7506711269 
15709.7999991981 14936.9084885079 14554.5899167837 14071.4222907331 
13769.6663207156 13213.6016159727 13080.7475933809 12829.8424930274 
12272.5683014979 12042.8515549915 11679.9710624302 11487.8750725979 
11353.2814492262 11040.7962184009 10715.1172471621 10184.1200220985 
10064.6770851785 9739.75534052504 9663.10781164848 9361.8331636148 
9141.54681889772 9068.65322590784 8695.05091606429 8641.47478124877 
8236.39603064168 7949.52769350684 7925.44546666422 7704.08703554018 
7332.27776799331 7449.80057013412 7107.4389390681 7011.18473988657 
6921.93500308993 6657.48983287519 6356.15188454034 6429.78579954843 
6241.68150599109 6078.87117423239 6086.65330866773 5906.41185824176 
6041.41088093514 5599.49722862681 5503.87947284226 5362.03989541536 
5271.16983921135 4878.04853404008 4918.26742565541 4840.79101290431 
4638.73478133479 17760.8844277058 19325.5159310897 18157.3439940132 
17935.5691565555 17543.6735810611 17292.5185625745 16839.9613172099 
16498.0605337239 16104.2855316532 15910.2177628315 15496.9496729507 
15225.6105378964 14738.8613490765 14362.3155301911 14105.7683975924 
13913.046892656 13519.8842310237 13092.750697846 12840.7985969096 
12737.2344146559 12398.8443462603 12214.9915947642 11630.5119070209 
11596.0871392795 11131.2749949839 10932.4362176203 10643.0077749407 
10465.241642483 10309.7070413569 10176.1744719923 9982.33408415984 
9677.50920149839 9508.00148970471 9527.49239306228 8977.72014831607 
8875.28403718645 8706.67488681068 8370.10868686657 8280.36279408227 
8099.56126531013 8078.05596408108 7749.63722785121 7624.85160835774 
7287.96050253157 7373.22345427216 6951.89593569256 6826.33193408139 
6796.09813795553 6534.6346162215 6364.18105433318
##$VisuCoreDataOffs=( 800 )
0 0 0 0 0 0 0 0 0 0 0 0 0 0 0 0 0 0 0 0 0 0 0 0 0 0 0 0 0 0 0 0 0 0 0 0 0 0 0 
0 0 0 0 0 0 0 0 0 0 0 0 0 0 0 0 0 0 0 0 0 0 0 0 0 0 0 0 0 0 0 0 0 0 0 0 0 0 0 
0 0 0 0 0 0 0 0 0 0 0 0 0 0 0 0 0 0 0 0 0 0 0 0 0 0 0 0 0 0 0 0 0 0 0 0 0 0 0 
0 0 0 0 0 0 0 0 0 0 0 0 0 0 0 0 0 0 0 0 0 0 0 0 0 0 0 0 0 0 0 0 0 0 0 0 0 0 0 
0 0 0 0 0 0 0 0 0 0 0 0 0 0 0 0 0 0 0 0 0 0 0 0 0 0 0 0 0 0 0 0 0 0 0 0 0 0 0 
0 0 0 0 0 0 0 0 0 0 0 0 0 0 0 0 0 0 0 0 0 0 0 0 0 0 0 0 0 0 0 0 0 0 0 0 0 0 0 
0 0 0 0 0 0 0 0 0 0 0 0 0 0 0 0 0 0 0 0 0 0 0 0 0 0 0 0 0 0 0 0 0 0 0 0 0 0 0 
0 0 0 0 0 0 0 0 0 0 0 0 0 0 0 0 0 0 0 0 0 0 0 0 0 0 0 0 0 0 0 0 0 0 0 0 0 0 0 
0 0 0 0 0 0 0 0 0 0 0 0 0 0 0 0 0 0 0 0 0 0 0 0 0 0 0 0 0 0 0 0 0 0 0 0 0 0 0 
0 0 0 0 0 0 0 0 0 0 0 0 0 0 0 0 0 0 0 0 0 0 0 0 0 0 0 0 0 0 0 0 0 0 0 0 0 0 0 
0 0 0 0 0 0 0 0 0 0 0 0 0 0 0 0 0 0 0 0 0 0 0 0 0 0 0 0 0 0 0 0 0 0 0 0 0 0 0 
0 0 0 0 0 0 0 0 0 0 0 0 0 0 0 0 0 0 0 0 0 0 0 0 0 0 0 0 0 0 0 0 0 0 0 0 0 0 0 
0 0 0 0 0 0 0 0 0 0 0 0 0 0 0 0 0 0 0 0 0 0 0 0 0 0 0 0 0 0 0 0 0 0 0 0 0 0 0 
0 0 0 0 0 0 0 0 0 0 0 0 0 0 0 0 0 0 0 0 0 0 0 0 0 0 0 0 0 0 0 0 0 0 0 0 0 0 0 
0 0 0 0 0 0 0 0 0 0 0 0 0 0 0 0 0 0 0 0 0 0 0 0 0 0 0 0 0 0 0 0 0 0 0 0 0 0 0 
0 0 0 0 0 0 0 0 0 0 0 0 0 0 0 0 0 0 0 0 0 0 0 0 0 0 0 0 0 0 0 0 0 0 0 0 0 0 0 
0 0 0 0 0 0 0 0 0 0 0 0 0 0 0 0 0 0 0 0 0 0 0 0 0 0 0 0 0 0 0 0 0 0 0 0 0 0 0 
0 0 0 0 0 0 0 0 0 0 0 0 0 0 0 0 0 0 0 0 0 0 0 0 0 0 0 0 0 0 0 0 0 0 0 0 0 0 0 
0 0 0 0 0 0 0 0 0 0 0 0 0 0 0 0 0 0 0 0 0 0 0 0 0 0 0 0 0 0 0 0 0 0 0 0 0 0 0 
0 0 0 0 0 0 0 0 0 0 0 0 0 0 0 0 0 0 0 0 0 0 0 0 0 0 0 0 0 0 0 0 0 0 0 0 0 0 0 
0 0 0 0 0 0 0 0 0 0 0 0 0 0 0 0 0 0 0 0
##$VisuCoreDataSlope=( 800 )
0.0122339169236982 0.0122339169236982 0.0122339169236982 0.0122339169236982 
0.0122339169236982 0.0122339169236982 0.0122339169236982 0.0122339169236982 
0.0122339169236982 0.0122339169236982 0.0122339169236982 0.0122339169236982 
0.0122339169236982 0.0122339169236982 0.0122339169236982 0.0122339169236982 
0.0122339169236982 0.0122339169236982 0.0122339169236982 0.0122339169236982 
0.0122339169236982 0.0122339169236982 0.0122339169236982 0.0122339169236982 
0.0122339169236982 0.0122339169236982 0.0122339169236982 0.0122339169236982 
0.0122339169236982 0.0122339169236982 0.0122339169236982 0.0122339169236982 
0.0122339169236982 0.0122339169236982 0.0122339169236982 0.0122339169236982 
0.0122339169236982 0.0122339169236982 0.0122339169236982 0.0122339169236982 
0.0122339169236982 0.0122339169236982 0.0122339169236982 0.0122339169236982 
0.0122339169236982 0.0122339169236982 0.0122339169236982 0.0122339169236982 
0.0122339169236982 0.0122339169236982 0.0122339169236982 0.0122339169236982 
0.0122339169236982 0.0122339169236982 0.0122339169236982 0.0122339169236982 
0.0122339169236982 0.0122339169236982 0.0122339169236982 0.0122339169236982 
0.0122339169236982 0.0122339169236982 0.0122339169236982 0.0122339169236982 
0.0122339169236982 0.0122339169236982 0.0122339169236982 0.0122339169236982 
0.0122339169236982 0.0122339169236982 0.0122339169236982 0.0122339169236982 
0.0122339169236982 0.0122339169236982 0.0122339169236982 0.0122339169236982 
0.0122339169236982 0.0122339169236982 0.0122339169236982 0.0122339169236982 
0.0122339169236982 0.0122339169236982 0.0122339169236982 0.0122339169236982 
0.0122339169236982 0.0122339169236982 0.0122339169236982 0.0122339169236982 
0.0122339169236982 0.0122339169236982 0.0122339169236982 0.0122339169236982 
0.0122339169236982 0.0122339169236982 0.0122339169236982 0.0122339169236982 
0.0122339169236982 0.0122339169236982 0.0122339169236982 0.0122339169236982 
0.0122339169236982 0.0122339169236982 0.0122339169236982 0.0122339169236982 
0.0122339169236982 0.0122339169236982 0.0122339169236982 0.0122339169236982 
0.0122339169236982 0.0122339169236982 0.0122339169236982 0.0122339169236982 
0.0122339169236982 0.0122339169236982 0.0122339169236982 0.0122339169236982 
0.0122339169236982 0.0122339169236982 0.0122339169236982 0.0122339169236982 
0.0122339169236982 0.0122339169236982 0.0122339169236982 0.0122339169236982 
0.0122339169236982 0.0122339169236982 0.0122339169236982 0.0122339169236982 
0.0122339169236982 0.0122339169236982 0.0122339169236982 0.0122339169236982 
0.0122339169236982 0.0122339169236982 0.0122339169236982 0.0122339169236982 
0.0122339169236982 0.0122339169236982 0.0122339169236982 0.0122339169236982 
0.0122339169236982 0.0122339169236982 0.0122339169236982 0.0122339169236982 
0.0122339169236982 0.0122339169236982 0.0122339169236982 0.0122339169236982 
0.0122339169236982 0.0122339169236982 0.0122339169236982 0.0122339169236982 
0.0122339169236982 0.0122339169236982 0.0122339169236982 0.0122339169236982 
0.0122339169236982 0.0122339169236982 0.0122339169236982 0.0122339169236982 
0.0122339169236982 0.0122339169236982 0.0122339169236982 0.0122339169236982 
0.0122339169236982 0.0122339169236982 0.0122339169236982 0.0122339169236982 
0.0122339169236982 0.0122339169236982 0.0122339169236982 0.0122339169236982 
0.0122339169236982 0.0122339169236982 0.0122339169236982 0.0122339169236982 
0.0122339169236982 0.0122339169236982 0.0122339169236982 0.0122339169236982 
0.0122339169236982 0.0122339169236982 0.0122339169236982 0.0122339169236982 
0.0122339169236982 0.0122339169236982 0.0122339169236982 0.0122339169236982 
0.0122339169236982 0.0122339169236982 0.0122339169236982 0.0122339169236982 
0.0122339169236982 0.0122339169236982 0.0122339169236982 0.0122339169236982 
0.0122339169236982 0.0122339169236982 0.0122339169236982 0.0122339169236982 
0.0122339169236982 0.0122339169236982 0.0122339169236982 0.0122339169236982 
0.0122339169236982 0.0122339169236982 0.0122339169236982 0.0122339169236982 
0.0122339169236982 0.0122339169236982 0.0122339169236982 0.0122339169236982 
0.0122339169236982 0.0122339169236982 0.0122339169236982 0.0122339169236982 
0.0122339169236982 0.0122339169236982 0.0122339169236982 0.0122339169236982 
0.0122339169236982 0.0122339169236982 0.0122339169236982 0.0122339169236982 
0.0122339169236982 0.0122339169236982 0.0122339169236982 0.0122339169236982 
0.0122339169236982 0.0122339169236982 0.0122339169236982 0.0122339169236982 
0.0122339169236982 0.0122339169236982 0.0122339169236982 0.0122339169236982 
0.0122339169236982 0.0122339169236982 0.0122339169236982 0.0122339169236982 
0.0122339169236982 0.0122339169236982 0.0122339169236982 0.0122339169236982 
0.0122339169236982 0.0122339169236982 0.0122339169236982 0.0122339169236982 
0.0122339169236982 0.0122339169236982 0.0122339169236982 0.0122339169236982 
0.0122339169236982 0.0122339169236982 0.0122339169236982 0.0122339169236982 
0.0122339169236982 0.0122339169236982 0.0122339169236982 0.0122339169236982 
0.0122339169236982 0.0122339169236982 0.0122339169236982 0.0122339169236982 
0.0122339169236982 0.0122339169236982 0.0122339169236982 0.0122339169236982 
0.0122339169236982 0.0122339169236982 0.0122339169236982 0.0122339169236982 
0.0122339169236982 0.0122339169236982 0.0122339169236982 0.0122339169236982 
0.0122339169236982 0.0122339169236982 0.0122339169236982 0.0122339169236982 
0.0122339169236982 0.0122339169236982 0.0122339169236982 0.0122339169236982 
0.0122339169236982 0.0122339169236982 0.0122339169236982 0.0122339169236982 
0.0122339169236982 0.0122339169236982 0.0122339169236982 0.0122339169236982 
0.0122339169236982 0.0122339169236982 0.0122339169236982 0.0122339169236982 
0.0122339169236982 0.0122339169236982 0.0122339169236982 0.0122339169236982 
0.0122339169236982 0.0122339169236982 0.0122339169236982 0.0122339169236982 
0.0122339169236982 0.0122339169236982 0.0122339169236982 0.0122339169236982 
0.0122339169236982 0.0122339169236982 0.0122339169236982 0.0122339169236982 
0.0122339169236982 0.0122339169236982 0.0122339169236982 0.0122339169236982 
0.0122339169236982 0.0122339169236982 0.0122339169236982 0.0122339169236982 
0.0122339169236982 0.0122339169236982 0.0122339169236982 0.0122339169236982 
0.0122339169236982 0.0122339169236982 0.0122339169236982 0.0122339169236982 
0.0122339169236982 0.0122339169236982 0.0122339169236982 0.0122339169236982 
0.0122339169236982 0.0122339169236982 0.0122339169236982 0.0122339169236982 
0.0122339169236982 0.0122339169236982 0.0122339169236982 0.0122339169236982 
0.0122339169236982 0.0122339169236982 0.0122339169236982 0.0122339169236982 
0.0122339169236982 0.0122339169236982 0.0122339169236982 0.0122339169236982 
0.0122339169236982 0.0122339169236982 0.0122339169236982 0.0122339169236982 
0.0122339169236982 0.0122339169236982 0.0122339169236982 0.0122339169236982 
0.0122339169236982 0.0122339169236982 0.0122339169236982 0.0122339169236982 
0.0122339169236982 0.0122339169236982 0.0122339169236982 0.0122339169236982 
0.0122339169236982 0.0122339169236982 0.0122339169236982 0.0122339169236982 
0.0122339169236982 0.0122339169236982 0.0122339169236982 0.0122339169236982 
0.0122339169236982 0.0122339169236982 0.0122339169236982 0.0122339169236982 
0.0122339169236982 0.0122339169236982 0.0122339169236982 0.0122339169236982 
0.0122339169236982 0.0122339169236982 0.0122339169236982 0.0122339169236982 
0.0122339169236982 0.0122339169236982 0.0122339169236982 0.0122339169236982 
0.0122339169236982 0.0122339169236982 0.0122339169236982 0.0122339169236982 
0.0122339169236982 0.0122339169236982 0.0122339169236982 0.0122339169236982 
0.0122339169236982 0.0122339169236982 0.0122339169236982 0.0122339169236982 
0.0122339169236982 0.0122339169236982 0.0122339169236982 0.0122339169236982 
0.0122339169236982 0.0122339169236982 0.0122339169236982 0.0122339169236982 
0.0122339169236982 0.0122339169236982 0.0122339169236982 0.0122339169236982 
0.0122339169236982 0.0122339169236982 0.0122339169236982 0.0122339169236982 
0.0122339169236982 0.0122339169236982 0.0122339169236982 0.0122339169236982 
0.0122339169236982 0.0122339169236982 0.0122339169236982 0.0122339169236982 
0.0122339169236982 0.0122339169236982 0.0122339169236982 0.0122339169236982 
0.0122339169236982 0.0122339169236982 0.0122339169236982 0.0122339169236982 
0.0122339169236982 0.0122339169236982 0.0122339169236982 0.0122339169236982 
0.0122339169236982 0.0122339169236982 0.0122339169236982 0.0122339169236982 
0.0122339169236982 0.0122339169236982 0.0122339169236982 0.0122339169236982 
0.0122339169236982 0.0122339169236982 0.0122339169236982 0.0122339169236982 
0.0122339169236982 0.0122339169236982 0.0122339169236982 0.0122339169236982 
0.0122339169236982 0.0122339169236982 0.0122339169236982 0.0122339169236982 
0.0122339169236982 0.0122339169236982 0.0122339169236982 0.0122339169236982 
0.0122339169236982 0.0122339169236982 0.0122339169236982 0.0122339169236982 
0.0122339169236982 0.0122339169236982 0.0122339169236982 0.0122339169236982 
0.0122339169236982 0.0122339169236982 0.0122339169236982 0.0122339169236982 
0.0122339169236982 0.0122339169236982 0.0122339169236982 0.0122339169236982 
0.0122339169236982 0.0122339169236982 0.0122339169236982 0.0122339169236982 
0.0122339169236982 0.0122339169236982 0.0122339169236982 0.0122339169236982 
0.0122339169236982 0.0122339169236982 0.0122339169236982 0.0122339169236982 
0.0122339169236982 0.0122339169236982 0.0122339169236982 0.0122339169236982 
0.0122339169236982 0.0122339169236982 0.0122339169236982 0.0122339169236982 
0.0122339169236982 0.0122339169236982 0.0122339169236982 0.0122339169236982 
0.0122339169236982 0.0122339169236982 0.0122339169236982 0.0122339169236982 
0.0122339169236982 0.0122339169236982 0.0122339169236982 0.0122339169236982 
0.0122339169236982 0.0122339169236982 0.0122339169236982 0.0122339169236982 
0.0122339169236982 0.0122339169236982 0.0122339169236982 0.0122339169236982 
0.0122339169236982 0.0122339169236982 0.0122339169236982 0.0122339169236982 
0.0122339169236982 0.0122339169236982 0.0122339169236982 0.0122339169236982 
0.0122339169236982 0.0122339169236982 0.0122339169236982 0.0122339169236982 
0.0122339169236982 0.0122339169236982 0.0122339169236982 0.0122339169236982 
0.0122339169236982 0.0122339169236982 0.0122339169236982 0.0122339169236982 
0.0122339169236982 0.0122339169236982 0.0122339169236982 0.0122339169236982 
0.0122339169236982 0.0122339169236982 0.0122339169236982 0.0122339169236982 
0.0122339169236982 0.0122339169236982 0.0122339169236982 0.0122339169236982 
0.0122339169236982 0.0122339169236982 0.0122339169236982 0.0122339169236982 
0.0122339169236982 0.0122339169236982 0.0122339169236982 0.0122339169236982 
0.0122339169236982 0.0122339169236982 0.0122339169236982 0.0122339169236982 
0.0122339169236982 0.0122339169236982 0.0122339169236982 0.0122339169236982 
0.0122339169236982 0.0122339169236982 0.0122339169236982 0.0122339169236982 
0.0122339169236982 0.0122339169236982 0.0122339169236982 0.0122339169236982 
0.0122339169236982 0.0122339169236982 0.0122339169236982 0.0122339169236982 
0.0122339169236982 0.0122339169236982 0.0122339169236982 0.0122339169236982 
0.0122339169236982 0.0122339169236982 0.0122339169236982 0.0122339169236982 
0.0122339169236982 0.0122339169236982 0.0122339169236982 0.0122339169236982 
0.0122339169236982 0.0122339169236982 0.0122339169236982 0.0122339169236982 
0.0122339169236982 0.0122339169236982 0.0122339169236982 0.0122339169236982 
0.0122339169236982 0.0122339169236982 0.0122339169236982 0.0122339169236982 
0.0122339169236982 0.0122339169236982 0.0122339169236982 0.0122339169236982 
0.0122339169236982 0.0122339169236982 0.0122339169236982 0.0122339169236982 
0.0122339169236982 0.0122339169236982 0.0122339169236982 0.0122339169236982 
0.0122339169236982 0.0122339169236982 0.0122339169236982 0.0122339169236982 
0.0122339169236982 0.0122339169236982 0.0122339169236982 0.0122339169236982 
0.0122339169236982 0.0122339169236982 0.0122339169236982 0.0122339169236982 
0.0122339169236982 0.0122339169236982 0.0122339169236982 0.0122339169236982 
0.0122339169236982 0.0122339169236982 0.0122339169236982 0.0122339169236982 
0.0122339169236982 0.0122339169236982 0.0122339169236982 0.0122339169236982 
0.0122339169236982 0.0122339169236982 0.0122339169236982 0.0122339169236982 
0.0122339169236982 0.0122339169236982 0.0122339169236982 0.0122339169236982 
0.0122339169236982 0.0122339169236982 0.0122339169236982 0.0122339169236982 
0.0122339169236982 0.0122339169236982 0.0122339169236982 0.0122339169236982 
0.0122339169236982 0.0122339169236982 0.0122339169236982 0.0122339169236982 
0.0122339169236982 0.0122339169236982 0.0122339169236982 0.0122339169236982 
0.0122339169236982 0.0122339169236982 0.0122339169236982 0.0122339169236982 
0.0122339169236982 0.0122339169236982 0.0122339169236982 0.0122339169236982 
0.0122339169236982 0.0122339169236982 0.0122339169236982 0.0122339169236982 
0.0122339169236982 0.0122339169236982 0.0122339169236982 0.0122339169236982 
0.0122339169236982 0.0122339169236982 0.0122339169236982 0.0122339169236982 
0.0122339169236982 0.0122339169236982 0.0122339169236982 0.0122339169236982 
0.0122339169236982 0.0122339169236982 0.0122339169236982 0.0122339169236982 
0.0122339169236982 0.0122339169236982 0.0122339169236982 0.0122339169236982 
0.0122339169236982 0.0122339169236982 0.0122339169236982 0.0122339169236982 
0.0122339169236982 0.0122339169236982 0.0122339169236982 0.0122339169236982 
0.0122339169236982 0.0122339169236982 0.0122339169236982 0.0122339169236982 
0.0122339169236982 0.0122339169236982 0.0122339169236982 0.0122339169236982 
0.0122339169236982 0.0122339169236982 0.0122339169236982 0.0122339169236982 
0.0122339169236982 0.0122339169236982 0.0122339169236982 0.0122339169236982 
0.0122339169236982 0.0122339169236982 0.0122339169236982 0.0122339169236982 
0.0122339169236982 0.0122339169236982 0.0122339169236982 0.0122339169236982 
0.0122339169236982 0.0122339169236982 0.0122339169236982 0.0122339169236982 
0.0122339169236982 0.0122339169236982 0.0122339169236982 0.0122339169236982 
0.0122339169236982 0.0122339169236982 0.0122339169236982 0.0122339169236982 
0.0122339169236982 0.0122339169236982 0.0122339169236982 0.0122339169236982 
0.0122339169236982 0.0122339169236982 0.0122339169236982 0.0122339169236982 
0.0122339169236982 0.0122339169236982 0.0122339169236982 0.0122339169236982 
0.0122339169236982 0.0122339169236982 0.0122339169236982 0.0122339169236982 
0.0122339169236982 0.0122339169236982 0.0122339169236982 0.0122339169236982 
0.0122339169236982 0.0122339169236982 0.0122339169236982 0.0122339169236982 
0.0122339169236982 0.0122339169236982 0.0122339169236982 0.0122339169236982 
0.0122339169236982 0.0122339169236982 0.0122339169236982 0.0122339169236982 
0.0122339169236982 0.0122339169236982 0.0122339169236982 0.0122339169236982 
0.0122339169236982 0.0122339169236982 0.0122339169236982 0.0122339169236982 
0.0122339169236982 0.0122339169236982 0.0122339169236982 0.0122339169236982 
0.0122339169236982 0.0122339169236982 0.0122339169236982 0.0122339169236982 
0.0122339169236982 0.0122339169236982 0.0122339169236982 0.0122339169236982 
0.0122339169236982 0.0122339169236982 0.0122339169236982 0.0122339169236982 
0.0122339169236982 0.0122339169236982 0.0122339169236982 0.0122339169236982 
0.0122339169236982 0.0122339169236982 0.0122339169236982 0.0122339169236982
##$VisuCoreFrameType=( 1 )
MAGNITUDE_IMAGE
##$VisuCoreSlicePacksDef=(1, 1)
##$VisuCoreSlicePacksSlices=( 1 )
(0, 16)
##$VisuCoreSlicePacksSliceDist=( 1 )
1
##$VisuCoreWordType=_16BIT_SGN_INT
##$VisuCoreByteOrder=littleEndian
##$VisuFGOrderDescDim=2
##$VisuFGOrderDesc=( 2 )
(50, <FG_ECHO>, <>, 0, 1) (16, <FG_SLICE>, <>, 1, 2)
##$VisuGroupDepVals=( 3 )
(<VisuAcqEchoTime>, 0) (<VisuCoreOrientation>, 0) (<VisuCorePosition>, 0)
##$VisuSubjectName=( 65 )
<EW_Cup_control_02_LE>
##$VisuSubjectId=( 65 )
<EW_Cup_control_02_LE>
##$VisuSubjectUid=( 65 )
<2.16.756.5.5.100.8323328.103382.1536241239.2676>
##$VisuSubjectInstanceCreationDate=(1536241239, 982, 120)
##$VisuSubjectBirthDate=( 9 )
<20180906>
##$VisuSubjectSex=UNKNOWN
##$VisuSubjectType=Quadruped
##$VisuStudyUid=( 65 )
<2.16.756.5.5.100.8323328.103382.1536241335.2678>
##$VisuStudyDate=<2018-09-06T15:42:15,230+0200>
##$VisuStudyId=( 65 )
<EW_Cup_control_02_LE>
##$VisuStudyNumber=1
##$VisuSubjectWeight=0.001
##$VisuStudyReferringPhysician=( 65 )
<gilnavon>
##$VisuStudyDescription=( 2048 )
<\
>
##$VisuExperimentNumber=15
##$VisuProcessingNumber=1
##$VisuSeriesDate=<2018-09-06T19:32:15,785+0200>
##$VisuSubjectPosition=Head_Prone
##$VisuSeriesTypeId=( 65 )
<ACQ_BRUKER_PVM>
##$VisuManufacturer=( 65 )
<Bruker BioSpin MRI GmbH>
##$VisuAcqSoftwareVersion=( 65 )
<6.0.1>
##$VisuInstitution=( 65 )
<Tel Aviv University>
##$VisuStation=( 65 )
<BioSpec 70/30>
##$VisuSystemOrderNumber=( 65 )
<10271051>
##$VisuAcqDate=<2018-09-06T19:22:28,359+0200>
##$VisuAcqEchoTrainLength=1
##$VisuAcqSequenceName=( 40 )
<Bruker:MSME>
##$VisuAcqNumberOfAverages=1
##$VisuAcqImagingFrequency=300.336252457581
##$VisuAcqImagedNucleus=( 8 )
<1H>
##$VisuAcqRepetitionTime=( 1 )
4468.59116983092
##$VisuAcqPhaseEncSteps=128
##$VisuAcqPixelBandwidth=390.625
##$VisuAcqFlipAngle=90
##$VisuAcqSize=( 2 )
128 128
##$VisuAcqImageSizeAccellerated=No
##$VisuAcqGradEncoding=( 2 )
read_enc phase_enc
##$VisuAcqEchoTime=( 50 )
5.50239501216698 11.004790024334 16.5071850365009 22.0095800486679 
27.5119750608349 33.0143700730019 38.5167650851689 44.0191600973358 
49.5215551095028 55.0239501216698 60.5263451338368 66.0287401460038 
71.5311351581707 77.0335301703377 82.5359251825047 88.0383201946717 
93.5407152068387 99.0431102190056 104.545505231173 110.04790024334 
115.550295255507 121.052690267674 126.555085279841 132.057480292008 
137.559875304175 143.062270316341 148.564665328508 154.067060340675 
159.569455352842 165.071850365009 170.574245377176 176.076640389343 
181.57903540151 187.081430413677 192.583825425844 198.086220438011 
203.588615450178 209.091010462345 214.593405474512 220.095800486679 
225.598195498846 231.100590511013 236.60298552318 242.105380535347 
247.607775547514 253.110170559681 258.612565571848 264.114960584015 
269.617355596182 275.119750608349
##$VisuAcquisitionProtocol=( 65 )
<MSME>
##$VisuAcqScanTime=571979.669738358
##$VisuAcqAntiAlias=( 2 )
1 1
##$VisuAcqEchoSequenceType=Both
##$VisuAcqSpinsVelocityEncoded=No
##$VisuAcqHasTimeOfFlightContrast=No
##$VisuAcqIsEpiSequence=No
##$VisuAcqSpectralSuppression=NoSuppression
##$VisuAcqKSpaceTraversal=RectilinearTraversal
##$VisuAcqEncodingOrder=( 2 )
LinearEncoding LinearEncoding
##$VisuAcqKSpaceTrajectoryCnt=1
##$VisuAcqKSpaceFiltering=( 2 )
NO_WDW NO_WDW
##$VisuAcqFlowCompensation=FlowNone
##$VisuAcqSpoiling=GradientSpoiled
##$VisuAcqPartialFourier=( 2 )
1 1
##$VisuAcqParallelReductionFactor=( 2 )
1 1
##$VisuAcqMagnetizationTransfer=No
##$VisuAcqBloodSignalNulling=No
##$VisuCardiacSynchUsed=No
##$VisuRespSynchUsed=No
##END=
$$ File finished by PARX at 2018-09-06 19:32:15.839 +0200
